{
  "AcquisitionMatrixPE": 82,
  "AcquisitionNumber": 1,
  "AcquisitionTime": "20:01:48.520000",
  "BandwidthPerPixelPhaseEncode": 24.888,
  "BaseResolution": 82,
  "BodyPartExamined": "BRAIN",
  "ConsistencyInfo": "N4_VE11E_LATEST_20181129",
  "ConversionSoftware": "dcm2niix",
  "ConversionSoftwareVersion": "v1.0.20201102",
  "DerivedVendorReportedEchoSpacing": 0.00049,
  "DeviceSerialNumber": "66112",
  "DwellTime": 2e-06,
  "EchoTime": 0.073,
  "EchoTrainLength": 82,
  "EffectiveEchoSpacing": 0.00049,
  "FlipAngle": 90,
  "ImageOrientationPatientDICOM": [0.999962, 0.0068788, 0.00527075, -0.00680668, 0.999885, -0.013582],
  "ImageType": [
    "ORIGINAL",
    "PRIMARY",
    "M",
    "ND",
    "NORM",
    "MOSAIC"
],
  "ImagingFrequency": 123.252,
  "InPlanePhaseEncodingDirectionDICOM": "COL",
  "InstitutionAddress": "Maynard 3,Hanover,NH,US,03755",
  "InstitutionName": "Dartmouth College - PBS",
  "InstitutionalDepartmentName": "Department",
  "IntendedFor": [
    "ses-01/func/sub-0056_ses-01_task-social_acq-mb8_run-01_bold.nii.gz",
    "ses-01/func/sub-0056_ses-01_task-social_acq-mb8_run-02_bold.nii.gz",
    "ses-01/func/sub-0056_ses-01_task-social_acq-mb8_run-03_bold.nii.gz",
    "ses-01/func/sub-0056_ses-01_task-social_acq-mb8_run-04_bold.nii.gz",
    "ses-01/func/sub-0056_ses-01_task-social_acq-mb8_run-05_bold.nii.gz",
    "ses-01/func/sub-0056_ses-01_task-social_acq-mb8_run-06_bold.nii.gz"
],
  "MRAcquisitionType": "2D",
  "MagneticFieldStrength": 3,
  "Manufacturer": "Siemens",
  "ManufacturersModelName": "Prisma",
  "Modality": "MR",
  "PartialFourier": 1,
  "PatientPosition": "HFS",
  "PercentPhaseFOV": 100,
  "PercentSampling": 100,
  "PhaseEncodingDirection": "j-",
  "PhaseEncodingSteps": 82,
  "PhaseResolution": 1,
  "PixelBandwidth": 3050,
  "ProcedureStepDescription": "Wager_Wager^1076_spacetop",
  "ProtocolName": "fmap-epi_dir-ap_acq-mb8_run-01",
  "PulseSequenceDetails": "%CustomerSeq%\\cmrr_mbep2d_se",
  "ReceiveCoilActiveElements": "HEA;HEP",
  "ReceiveCoilName": "Head_32",
  "ReconMatrixPE": 82,
  "RepetitionTime": 7.22,
  "SAR": 0.141453,
  "ScanOptions": "FS",
  "ScanningSequence": "EP",
  "SequenceName": "epse2d1_82",
  "SequenceVariant": "SK",
  "SeriesDescription": "fmap-epi_dir-ap_acq-mb8_run-01",
  "SeriesNumber": 9,
  "ShimSetting": [4153, -7753, -7225, 795, -14, -222, 36, 67],
  "SliceThickness": 2.7,
  "SliceTiming": [3.6, 0, 3.7275, 0.1275, 3.8575, 0.2575, 3.985, 0.385, 4.115, 0.515, 4.2425, 0.6425, 4.3725, 0.7725, 4.5, 0.9, 4.6275, 1.0275, 4.7575, 1.1575, 4.885, 1.285, 5.015, 1.415, 5.1425, 1.5425, 5.2725, 1.6725, 5.4, 1.8, 5.5275, 1.9275, 5.6575, 2.0575, 5.785, 2.185, 5.915, 2.315, 6.0425, 2.4425, 6.1725, 2.5725, 6.3, 2.7, 6.4275, 2.8275, 6.5575, 2.9575, 6.685, 3.085, 6.815, 3.215, 6.9425, 3.3425, 7.0725, 3.4725],
  "SoftwareVersions": "syngo MR E11",
  "SpacingBetweenSlices": 2.7,
  "StationName": "AWP66112",
  "TotalReadoutTime": 0.03969,
  "TxRefAmp": 229.553,
  "WipMemBlock": "0fa3b84f-aeeb-4c2c-9c18-4985dcee61fb||Sequence: R016 ve11e/master r/434b28f1; Aug  7 2019 19:20:16 by eja",
  "dcmmeta_affine": [
    [-2.682826042175293, -0.018261820077896118, 0.014481631107628345, 113.79428100585938],
    [-0.018455326557159424, 2.6826171875, -0.0365731418132782, -98.05107879638672],
    [0.014141030609607697, 0.036439500749111176, 2.6997134685516357, -65.28993225097656],
    [0.0, 0.0, 0.0, 1.0]
],
  "dcmmeta_reorient_transform": [
    [0.0, -1.0, 0.0, 81.0],
    [1.0, 0.0, 0.0, 0.0],
    [0.0, 0.0, 1.0, 0.0],
    [0.0, 0.0, 0.0, 1.0]
],
  "dcmmeta_shape": [82, 82, 56, 2],
  "dcmmeta_slice_dim": 2,
  "dcmmeta_version": 0.6,
  "global": {
    "const": {
      "AccessionNumber": "A003888",
      "AcquisitionMatrix": [82, 0, 0, 82],
      "AngioFlag": "N",
      "BitsAllocated": 16,
      "BitsStored": 16,
      "BodyPartExamined": "BRAIN",
      "Columns": 656,
      "EchoNumbers": 1,
      "EchoTime": 73.0,
      "EchoTrainLength": 82,
      "FlipAngle": 90.0,
      "HighBit": 15,
      "ImageOrientationPatient": [0.99996244993573, 0.00687880346991, 0.00527074770449, -0.0068066779278, 0.99988459261518, -0.0135819949328],
      "ImagePositionPatient": [-877.04503924729, -894.44875410511, -55.938673370637],
      "ImageType": [
        "ORIGINAL",
        "PRIMARY",
        "M",
        "ND",
        "NORM",
        "MOSAIC"
],
      "ImagedNucleus": "1H",
      "ImagingFrequency": 123.252205,
      "InPlanePhaseEncodingDirection": "COL",
      "LargestImagePixelValue": 65535,
      "MRAcquisitionType": "2D",
      "MagneticFieldStrength": 3.0,
      "Manufacturer": "SIEMENS",
      "ManufacturerModelName": "Prisma",
      "Modality": "MR",
      "NumberOfAverages": 1.0,
      "NumberOfPhaseEncodingSteps": 82,
      "PercentPhaseFieldOfView": 100.0,
      "PercentSampling": 100.0,
      "PerformedProcedureStepStartTime": "193759.322000",
      "PhotometricInterpretation": "MONOCHROME2",
      "PixelBandwidth": 3050.0,
      "PixelRepresentation": 0,
      "PixelSpacing": [2.6829268932343, 2.6829268932343],
      "ProtocolName": "fmap-epi_dir-ap_acq-mb8_run-01",
      "RepetitionTime": 7220.0,
      "Rows": 656,
      "SAR": 0.1414529051352,
      "SamplesPerPixel": 1,
      "ScanOptions": "FS",
      "ScanningSequence": "EP",
      "SequenceName": "epse2d1_82",
      "SequenceVariant": "SK",
      "SeriesDescription": "fmap-epi_dir-ap_acq-mb8_run-01",
      "SeriesNumber": 9,
      "SeriesTime": "200200.108000",
      "SliceLocation": -63.344499213745,
      "SliceThickness": 2.7000000476837,
      "SmallestImagePixelValue": 0,
      "SoftwareVersions": "syngo MR E11",
      "SpacingBetweenSlices": 2.699999966841,
      "SpecificCharacterSet": "ISO_IR 100",
      "StudyID": "1",
      "StudyTime": "193759.263000",
      "TransmitCoilName": "Body",
      "VariableFlipAngleFlag": "N",
      "WindowCenterWidthExplanation": "Algo1"
    },
    "slices": {}
  },
  "time": {
    "samples": {
      "AcquisitionNumber": [1, 2],
      "AcquisitionTime": ["200148.520000", "200155.740000"],
      "ContentTime": ["200200.113000", "200200.126000"],
      "InstanceCreationTime": ["200200.113000", "200200.126000"],
      "InstanceNumber": [1, 2],
      "WindowCenter": [6430.0, 6434.0],
      "WindowWidth": [14068.0, 14098.0]
    },
    "slices": {}
  }
}