{
  "AcquisitionMatrixPE": 320,
  "AcquisitionNumber": 1,
  "AcquisitionTime": "17:34:33.077500",
  "BaseResolution": 320,
  "BodyPartExamined": "BRAIN",
  "ConsistencyInfo": "N4_VE11E_LATEST_20181129",
  "ConversionSoftware": "dcm2niix",
  "ConversionSoftwareVersion": "v1.0.20201102",
  "DeviceSerialNumber": "66112",
  "DwellTime": 6.5e-06,
  "EchoTime": 0.00211,
  "FlipAngle": 8,
  "ImageOrientationPatientDICOM": [0.0396883, 0.997488, 0.0586803, 0.125817, 0.0532704, -0.990622],
  "ImageType": [
    "ORIGINAL",
    "PRIMARY",
    "M",
    "ND",
    "NORM"
],
  "ImagingFrequency": 123.259,
  "InPlanePhaseEncodingDirectionDICOM": "ROW",
  "InstitutionAddress": "Maynard 3,Hanover,NH,US,03755",
  "InstitutionName": "Dartmouth College - PBS",
  "InstitutionalDepartmentName": "Department",
  "InversionTime": 1,
  "MRAcquisitionType": "3D",
  "MagneticFieldStrength": 3,
  "Manufacturer": "Siemens",
  "ManufacturersModelName": "Prisma",
  "Modality": "MR",
  "ParallelReductionFactorInPlane": 3,
  "PartialFourier": 1,
  "PatientPosition": "HFS",
  "PercentPhaseFOV": 100,
  "PercentSampling": 100,
  "PhaseEncodingSteps": 320,
  "PhaseResolution": 1,
  "PixelBandwidth": 240,
  "ProcedureStepDescription": "Wager_Wager^1076_spacetop",
  "ProtocolName": "anat-T1w_acq-MPRAGE-p3-08mm",
  "PulseSequenceDetails": "%SiemensSeq%\\tfl",
  "ReceiveCoilActiveElements": "HEA;HEP",
  "ReceiveCoilName": "Head_32",
  "ReconMatrixPE": 320,
  "RefLinesPE": 32,
  "RepetitionTime": 2,
  "SAR": 0.0498603,
  "ScanOptions": "IR\\WE",
  "ScanningSequence": "GR\\IR",
  "SequenceName": "*tfl3d1_16ns",
  "SequenceVariant": "SK\\SP\\MP",
  "SeriesDescription": "anat-T1w_acq-MPRAGE-p3-08mm",
  "SeriesNumber": 5,
  "ShimSetting": [4242, -7810, -7257, -308, -202, -349, -42, 12],
  "SliceThickness": 0.8,
  "SoftwareVersions": "syngo MR E11",
  "StationName": "AWP66112",
  "TxRefAmp": 235.904,
  "dcmmeta_affine": [
    [0.7930074334144592, 0.031750649213790894, 0.10065322369337082, -112.68478393554688],
    [-0.03735926002264023, 0.797990083694458, 0.042616333812475204, -99.57643127441406],
    [-0.09870896488428116, -0.04694424942135811, 0.7924978137016296, -128.21615600585938],
    [0.0, 0.0, 0.0, 1.0]
],
  "dcmmeta_reorient_transform": [
    [0.0, 0.0, -1.0, 319.0],
    [0.0, -1.0, 0.0, 319.0],
    [-1.0, 0.0, 0.0, 223.0],
    [0.0, 0.0, 0.0, 1.0]
],
  "dcmmeta_shape": [224, 320, 320],
  "dcmmeta_slice_dim": 0,
  "dcmmeta_version": 0.6,
  "global": {
    "const": {
      "AccessionNumber": "A004354",
      "AcquisitionMatrix": [0, 320, 320, 0],
      "AcquisitionNumber": 1,
      "AcquisitionTime": "173433.077500",
      "AngioFlag": "N",
      "BitsAllocated": 16,
      "BitsStored": 12,
      "BodyPartExamined": "BRAIN",
      "Columns": 320,
      "EchoNumbers": 1,
      "EchoTime": 2.11,
      "EchoTrainLength": 1,
      "FlipAngle": 8.0,
      "HighBit": 11,
      "ImageOrientationPatient": [0.03968831015001, 0.99748757340228, 0.05868031139555, 0.12581652631927, 0.05327041545734, -0.9906222612792],
      "ImageType": [
        "ORIGINAL",
        "PRIMARY",
        "M",
        "ND",
        "NORM"
],
      "ImagedNucleus": "1H",
      "ImagingFrequency": 123.259102,
      "InPlanePhaseEncodingDirection": "ROW",
      "InversionTime": 1000.0,
      "MRAcquisitionType": "3D",
      "MagneticFieldStrength": 3.0,
      "Manufacturer": "SIEMENS",
      "ManufacturerModelName": "Prisma",
      "Modality": "MR",
      "NumberOfAverages": 1.0,
      "NumberOfPhaseEncodingSteps": 320,
      "PercentPhaseFieldOfView": 100.0,
      "PercentSampling": 100.0,
      "PerformedProcedureStepStartTime": "172533.920000",
      "PhotometricInterpretation": "MONOCHROME2",
      "PixelBandwidth": 240.0,
      "PixelRepresentation": 0,
      "PixelSpacing": [0.80000001192093, 0.80000001192093],
      "ProtocolName": "anat-T1w_acq-MPRAGE-p3-08mm",
      "RepetitionTime": 2000.0,
      "Rows": 320,
      "SAR": 0.04986025456438,
      "SamplesPerPixel": 1,
      "ScanOptions": [
        "IR",
        "WE"
],
      "ScanningSequence": [
        "GR",
        "IR"
],
      "SequenceName": "*tfl3d1_16ns",
      "SequenceVariant": [
        "SK",
        "SP",
        "MP"
],
      "SeriesDescription": "anat-T1w_acq-MPRAGE-p3-08mm",
      "SeriesNumber": 5,
      "SeriesTime": "173859.185000",
      "SliceThickness": 0.80000001192093,
      "SmallestImagePixelValue": 0,
      "SoftwareVersions": "syngo MR E11",
      "SpecificCharacterSet": "ISO_IR 100",
      "StudyID": "1",
      "StudyTime": "172533.858000",
      "TransmitCoilName": "Body",
      "VariableFlipAngleFlag": "N",
      "WindowCenterWidthExplanation": "Algo1"
    },
