{
  "AcquisitionMatrixPE": 82,
  "AcquisitionNumber": 1,
  "AcquisitionTime": "14:15:51.347500",
  "BandwidthPerPixelPhaseEncode": 24.888,
  "BaseResolution": 82,
  "BodyPartExamined": "BRAIN",
  "ConsistencyInfo": "N4_VE11E_LATEST_20181129",
  "ConversionSoftware": "dcm2niix",
  "ConversionSoftwareVersion": "v1.0.20201102",
  "DerivedVendorReportedEchoSpacing": 0.00049,
  "DeviceSerialNumber": "66112",
  "DwellTime": 2e-06,
  "EchoTime": 0.073,
  "EchoTrainLength": 82,
  "EffectiveEchoSpacing": 0.00049,
  "FlipAngle": 90,
  "ImageOrientationPatientDICOM": [0.999981, -0.00334158, 0.00509797, 0.00366507, 0.99789, -0.0648251],
  "ImageType": [
    "ORIGINAL",
    "PRIMARY",
    "M",
    "ND",
    "NORM",
    "MOSAIC"
],
  "ImagingFrequency": 123.252,
  "InPlanePhaseEncodingDirectionDICOM": "COL",
  "InstitutionAddress": "Maynard 3,Hanover,NH,US,03755",
  "InstitutionName": "Dartmouth College - PBS",
  "InstitutionalDepartmentName": "Department",
  "IntendedFor": [
    "ses-02/func/sub-0066_ses-02_task-faces_acq-mb8_run-01_bold.nii.gz",
    "ses-02/func/sub-0066_ses-02_task-faces_acq-mb8_run-02_bold.nii.gz",
    "ses-02/func/sub-0066_ses-02_task-faces_acq-mb8_run-03_bold.nii.gz",
    "ses-02/func/sub-0066_ses-02_task-narratives_acq-mb8_run-01_bold.nii.gz",
    "ses-02/func/sub-0066_ses-02_task-narratives_acq-mb8_run-02_bold.nii.gz",
    "ses-02/func/sub-0066_ses-02_task-narratives_acq-mb8_run-03_bold.nii.gz",
    "ses-02/func/sub-0066_ses-02_task-narratives_acq-mb8_run-04_bold.nii.gz"
],
  "MRAcquisitionType": "2D",
  "MagneticFieldStrength": 3,
  "Manufacturer": "Siemens",
  "ManufacturersModelName": "Prisma",
  "Modality": "MR",
  "PartialFourier": 1,
  "PatientPosition": "HFS",
  "PercentPhaseFOV": 100,
  "PercentSampling": 100,
  "PhaseEncodingDirection": "j",
  "PhaseEncodingSteps": 82,
  "PhaseResolution": 1,
  "PixelBandwidth": 3050,
  "ProcedureStepDescription": "Wager_Wager^1076_spacetop",
  "ProtocolName": "fmap-epi_dir-pa_acq-mb8_run-01",
  "PulseSequenceDetails": "%CustomerSeq%\\cmrr_mbep2d_se",
  "ReceiveCoilActiveElements": "HEA;HEP",
  "ReceiveCoilName": "Head_32",
  "ReconMatrixPE": 82,
  "RepetitionTime": 7.22,
  "SAR": 0.182265,
  "ScanOptions": "FS",
  "ScanningSequence": "EP",
  "SequenceName": "epse2d1_82",
  "SequenceVariant": "SK",
  "SeriesDescription": "fmap-epi_dir-pa_acq-mb8_run-01",
  "SeriesNumber": 6,
  "ShimSetting": [4144, -7727, -7297, 425, -132, -72, 56, 72],
  "SliceThickness": 2.7,
  "SliceTiming": [3.6, 0, 3.7275, 0.1275, 3.8575, 0.2575, 3.985, 0.385, 4.1125, 0.5125, 4.2425, 0.6425, 4.37, 0.77, 4.5, 0.9, 4.6275, 1.0275, 4.7575, 1.1575, 4.885, 1.285, 5.0125, 1.4125, 5.1425, 1.5425, 5.27, 1.67, 5.4, 1.8, 5.5275, 1.9275, 5.6575, 2.0575, 5.785, 2.185, 5.9125, 2.3125, 6.0425, 2.4425, 6.17, 2.57, 6.3, 2.7, 6.4275, 2.8275, 6.5575, 2.9575, 6.685, 3.085, 6.8125, 3.2125, 6.9425, 3.3425, 7.07, 3.47],
  "SoftwareVersions": "syngo MR E11",
  "SpacingBetweenSlices": 2.7,
  "StationName": "AWP66112",
  "TotalReadoutTime": 0.03969,
  "TxRefAmp": 285.472,
  "WipMemBlock": "7950badb-a27a-493c-97fd-4e05cd337936||Sequence: R016 ve11e/master r/434b28f1; Aug  7 2019 19:20:16 by eja",
  "dcmmeta_affine": [
    [-2.6828770637512207, 0.009833117946982384, 0.013150596059858799, 109.39604949951172],
    [0.008965208195149899, 2.6772656440734863, -0.17507508397102356, -84.59111022949219],
    [0.013677471317350864, 0.1739211082458496, 2.6942858695983887, -74.3005599975586],
    [0.0, 0.0, 0.0, 1.0]
],
  "dcmmeta_reorient_transform": [
    [0.0, -1.0, 0.0, 81.0],
    [1.0, 0.0, 0.0, 0.0],
    [0.0, 0.0, 1.0, 0.0],
    [0.0, 0.0, 0.0, 1.0]
],
  "dcmmeta_shape": [82, 82, 56, 2],
  "dcmmeta_slice_dim": 2,
  "dcmmeta_version": 0.6,
  "global": {
    "const": {
      "AccessionNumber": "A003996",
      "AcquisitionMatrix": [82, 0, 0, 82],
      "AngioFlag": "N",
      "BitsAllocated": 16,
      "BitsStored": 16,
      "BodyPartExamined": "BRAIN",
      "Columns": 656,
      "EchoNumbers": 1,
      "EchoTime": 73.0,
      "EchoTrainLength": 82,
      "FlipAngle": 90.0,
      "HighBit": 15,
      "ImageOrientationPatient": [0.99998142212553, -0.0033415776258, 0.00509796653348, 0.00366507106814, 0.99788990805987, -0.0648251389996],
      "ImagePositionPatient": [-883.00035376919, -898.06964187367, -14.223023072837],
      "ImageType": [
        "ORIGINAL",
        "PRIMARY",
        "M",
        "ND",
        "NORM",
        "MOSAIC"
],
      "ImagedNucleus": "1H",
      "ImagingFrequency": 123.252187,
      "InPlanePhaseEncodingDirection": "COL",
      "MRAcquisitionType": "2D",
      "MagneticFieldStrength": 3.0,
      "Manufacturer": "SIEMENS",
      "ManufacturerModelName": "Prisma",
      "Modality": "MR",
      "NumberOfAverages": 1.0,
      "NumberOfPhaseEncodingSteps": 82,
      "PercentPhaseFieldOfView": 100.0,
      "PercentSampling": 100.0,
      "PerformedProcedureStepStartTime": "140552.928000",
      "PhotometricInterpretation": "MONOCHROME2",
      "PixelBandwidth": 3050.0,
      "PixelRepresentation": 0,
      "PixelSpacing": [2.6829268932343, 2.6829268932343],
      "ProtocolName": "fmap-epi_dir-pa_acq-mb8_run-01",
      "RepetitionTime": 7220.0,
      "Rows": 656,
      "SAR": 0.18226538405677,
      "SamplesPerPixel": 1,
      "ScanOptions": "FS",
      "ScanningSequence": "EP",
      "SequenceName": "epse2d1_82",
      "SequenceVariant": "SK",
      "SeriesDescription": "fmap-epi_dir-pa_acq-mb8_run-01",
      "SeriesNumber": 6,
      "SeriesTime": "141602.891000",
      "SliceLocation": -68.125375728079,
      "SliceThickness": 2.7000000476837,
      "SmallestImagePixelValue": 0,
      "SoftwareVersions": "syngo MR E11",
      "SpacingBetweenSlices": 2.7000000955671,
      "SpecificCharacterSet": "ISO_IR 100",
      "StudyID": "2",
      "StudyTime": "140552.872000",
      "TransmitCoilName": "Body",
      "VariableFlipAngleFlag": "N",
      "WindowCenterWidthExplanation": "Algo1"
    },
    "slices": {}
  },
  "time": {
    "samples": {
      "AcquisitionNumber": [1, 2],
      "AcquisitionTime": ["141551.347500", "141558.567500"],
      "ContentTime": ["141602.902000", "141602.910000"],
      "InstanceCreationTime": ["141602.902000", "141602.910000"],
      "InstanceNumber": [1, 2],
      "LargestImagePixelValue": [60207, 61064],
      "WindowCenter": [7135.0, 7145.0],
      "WindowWidth": [15557.0, 15578.0]
    },
    "slices": {}
  }
}