{
  "AcquisitionMatrixPE": 82,
  "AcquisitionNumber": 1,
  "AcquisitionTime": "21:59:41.885000",
  "BandwidthPerPixelPhaseEncode": 24.888,
  "BaseResolution": 82,
  "BodyPartExamined": "BRAIN",
  "ConsistencyInfo": "N4_VE11E_LATEST_20181129",
  "ConversionSoftware": "dcm2niix",
  "ConversionSoftwareVersion": "v1.0.20201102",
  "DerivedVendorReportedEchoSpacing": 0.00049,
  "DeviceSerialNumber": "66112",
  "DwellTime": 2e-06,
  "EchoTime": 0.0272,
  "EchoTrainLength": 82,
  "EffectiveEchoSpacing": 0.00049,
  "FlipAngle": 44,
  "ImageComments": "Unaliased MB8/PE3",
  "ImageOrientationPatientDICOM": [0.99847, 0.0520754, 0.018582, -0.049008, 0.989129, -0.138644],
  "ImageType": [
    "ORIGINAL",
    "PRIMARY",
    "M",
    "MB",
    "ND",
    "NORM",
    "MOSAIC"
],
  "ImagingFrequency": 123.259,
  "InPlanePhaseEncodingDirectionDICOM": "COL",
  "InstitutionAddress": "Maynard 3,Hanover,NH,US,03755",
  "InstitutionName": "Dartmouth College - PBS",
  "InstitutionalDepartmentName": "Department",
  "MRAcquisitionType": "2D",
  "MagneticFieldStrength": 3,
  "Manufacturer": "Siemens",
  "ManufacturersModelName": "Prisma",
  "Modality": "MR",
  "MultibandAccelerationFactor": 8,
  "PartialFourier": 1,
  "PatientPosition": "HFS",
  "PercentPhaseFOV": 100,
  "PercentSampling": 100,
  "PhaseEncodingDirection": "j-",
  "PhaseEncodingSteps": 82,
  "PhaseResolution": 1,
  "PixelBandwidth": 3050,
  "ProcedureStepDescription": "Wager_Wager^1076_spacetop",
  "ProtocolName": "func_run-03_task-alignvideo_acq-ap-mb8",
  "PulseSequenceDetails": "%CustomerSeq%\\cmrr_mbep2d_bold",
  "ReceiveCoilActiveElements": "HEA;HEP",
  "ReceiveCoilName": "Head_32",
  "ReconMatrixPE": 82,
  "RepetitionTime": 0.46,
  "SAR": 0.0821471,
  "ScanOptions": "FS",
  "ScanningSequence": "EP",
  "SequenceName": "epfid2d1_82",
  "SequenceVariant": "SK\\SS",
  "SeriesDescription": "func_run-03_task-alignvideo_acq-ap-mb8",
  "SeriesNumber": 32,
  "ShimSetting": [4227, -7720, -7274, 227, -173, -196, -145, 79],
  "SliceThickness": 2.7,
  "SliceTiming": [0, 0.2525, 0.0625, 0.315, 0.125, 0.3775, 0.1875, 0, 0.2525, 0.0625, 0.315, 0.125, 0.3775, 0.1875, 0, 0.2525, 0.0625, 0.315, 0.125, 0.3775, 0.1875, 0, 0.2525, 0.0625, 0.315, 0.125, 0.3775, 0.1875, 0, 0.2525, 0.0625, 0.315, 0.125, 0.3775, 0.1875, 0, 0.2525, 0.0625, 0.315, 0.125, 0.3775, 0.1875, 0, 0.2525, 0.0625, 0.315, 0.125, 0.3775, 0.1875, 0, 0.2525, 0.0625, 0.315, 0.125, 0.3775, 0.1875],
  "SoftwareVersions": "syngo MR E11",
  "SpacingBetweenSlices": 2.7,
  "StationName": "AWP66112",
  "TaskName": "alignvideo",
  "TotalReadoutTime": 0.03969,
  "TxRefAmp": 241.318,
  "WipMemBlock": "c7a359e6-0b93-4692-8ce8-9d76cd4c4197||Sequence: R016 ve11e/master r/434b28f1; Aug  7 2019 18:53:46 by eja",
  "dcmmeta_affine": [
    [-2.6788227558135986, -0.13148489594459534, 0.06911972910165787, 113.8221664428711],
    [-0.1397145688533783, 2.6537606716156006, -0.3713076114654541, -92.58722686767578],
    [0.04985402897000313, 0.3719719648361206, 2.6734533309936523, -109.88697052001953],
    [0.0, 0.0, 0.0, 1.0]
],
  "dcmmeta_reorient_transform": [
    [0.0, -1.0, 0.0, 81.0],
    [1.0, 0.0, 0.0, 0.0],
    [0.0, 0.0, 1.0, 0.0],
    [0.0, 0.0, 0.0, 1.0]
],
  "dcmmeta_shape": [82, 82, 56, 1065],
  "dcmmeta_slice_dim": 2,
  "dcmmeta_version": 0.6,
  "global": {
    "const": {
      "AccessionNumber": "A004526",
      "AcquisitionMatrix": [82, 0, 0, 82],
      "AngioFlag": "N",
      "BitsAllocated": 16,
      "BitsStored": 16,
      "BodyPartExamined": "BRAIN",
      "Columns": 656,
      "EchoNumbers": 1,
      "EchoTime": 27.2,
      "EchoTrainLength": 82,
      "FlipAngle": 44.0,
      "HighBit": 15,
      "ImageOrientationPatient": [0.99847026030582, 0.05207542804456, 0.01858195573138, -0.0490080032969, 0.98912892555028, -0.138644092022],
      "ImagePositionPatient": [-834.25784477798, -924.09475529532, 12.690609273579],
      "ImageType": [
        "ORIGINAL",
        "PRIMARY",
        "M",
        "MB",
        "ND",
        "NORM",
        "MOSAIC"
],
      "ImagedNucleus": "1H",
      "ImagingFrequency": 123.259124,
      "InPlanePhaseEncodingDirection": "COL",
      "MRAcquisitionType": "2D",
      "MagneticFieldStrength": 3.0,
      "Manufacturer": "SIEMENS",
      "ManufacturerModelName": "Prisma",
      "Modality": "MR",
      "NumberOfAverages": 1.0,
      "NumberOfPhaseEncodingSteps": 82,
      "PercentPhaseFieldOfView": 100.0,
      "PercentSampling": 100.0,
      "PerformedProcedureStepStartTime": "202633.439000",
      "PhotometricInterpretation": "MONOCHROME2",
      "PixelBandwidth": 3050.0,
      "PixelRepresentation": 0,
      "PixelSpacing": [2.6829268932343, 2.6829268932343],
      "ProtocolName": "func_run-03_task-alignvideo_acq-ap-mb8",
      "RepetitionTime": 460.0,
      "Rows": 656,
      "SAR": 0.08214705313387,
      "SamplesPerPixel": 1,
      "ScanOptions": "FS",
      "ScanningSequence": "EP",
      "SequenceName": "epfid2d1_82",
      "SequenceVariant": [
        "SK",
        "SS"
],
      "SeriesDescription": "func_run-03_task-alignvideo_acq-ap-mb8",
      "SeriesNumber": 32,
      "SeriesTime": "220011.970000",
      "SliceLocation": -93.159995297957,
      "SliceThickness": 2.7000000476837,
      "SmallestImagePixelValue": 0,
      "SoftwareVersions": "syngo MR E11",
      "SpacingBetweenSlices": 2.6999999780042,
      "SpecificCharacterSet": "ISO_IR 100",
      "StudyID": "1",
      "StudyTime": "202633.330000",
      "TransmitCoilName": "Body",
      "VariableFlipAngleFlag": "N",
      "WindowCenterWidthExplanation": "Algo1"
    },
