{
  "AcquisitionMatrixPE": 82,
  "AcquisitionNumber": 1,
  "AcquisitionTime": "15:26:29.370000",
  "BandwidthPerPixelPhaseEncode": 24.888,
  "BaseResolution": 82,
  "BodyPartExamined": "BRAIN",
  "ConsistencyInfo": "N4_VE11C_LATEST_20160120",
  "ConversionSoftware": "dcm2niix",
  "ConversionSoftwareVersion": "v1.0.20201102",
  "DerivedVendorReportedEchoSpacing": 0.00049,
  "DeviceSerialNumber": "66112",
  "DwellTime": 2e-06,
  "EchoTime": 0.073,
  "EchoTrainLength": 82,
  "EffectiveEchoSpacing": 0.00049,
  "FlipAngle": 90,
  "ImageOrientationPatientDICOM": [0.998139, 0.0506942, 0.0339003, -0.0489917, 0.997582, -0.0492936],
  "ImageType": [
    "ORIGINAL",
    "PRIMARY",
    "M",
    "ND",
    "NORM",
    "MOSAIC"
],
  "ImagingFrequency": 123.252,
  "InPlanePhaseEncodingDirectionDICOM": "COL",
  "InstitutionAddress": "Maynard 3,Hanover,NH,US,03755",
  "InstitutionName": "Dartmouth College - PBS",
  "InstitutionalDepartmentName": "Department",
  "IntendedFor": [
    "ses-04/func/sub-0014_ses-04_task-fractional_acq-mb8_run-01_bold.nii.gz",
    "ses-04/func/sub-0014_ses-04_task-fractional_acq-mb8_run-02_bold.nii.gz",
    "ses-04/func/sub-0014_ses-04_task-social_acq-mb8_run-01_bold.nii.gz",
    "ses-04/func/sub-0014_ses-04_task-social_acq-mb8_run-02_bold.nii.gz",
    "ses-04/func/sub-0014_ses-04_task-social_acq-mb8_run-03_bold.nii.gz",
    "ses-04/func/sub-0014_ses-04_task-social_acq-mb8_run-04_bold.nii.gz",
    "ses-04/func/sub-0014_ses-04_task-social_acq-mb8_run-05_bold.nii.gz",
    "ses-04/func/sub-0014_ses-04_task-social_acq-mb8_run-06_bold.nii.gz"
],
  "MRAcquisitionType": "2D",
  "MagneticFieldStrength": 3,
  "Manufacturer": "Siemens",
  "ManufacturersModelName": "Prisma",
  "Modality": "MR",
  "PartialFourier": 1,
  "PatientPosition": "HFS",
  "PercentPhaseFOV": 100,
  "PercentSampling": 100,
  "PhaseEncodingDirection": "j",
  "PhaseEncodingSteps": 82,
  "PhaseResolution": 1,
  "PixelBandwidth": 3050,
  "ProcedureStepDescription": "Wager_Wager^1076_spacetop",
  "ProtocolName": "fmap-epi_dir-pa_acq-mb8_run-01",
  "PulseSequenceDetails": "%CustomerSeq%\\cmrr_mbep2d_se",
  "ReceiveCoilActiveElements": "HEA;HEP",
  "ReceiveCoilName": "Head_32",
  "ReconMatrixPE": 82,
  "RepetitionTime": 7.22,
  "SAR": 0.145858,
  "ScanOptions": "FS",
  "ScanningSequence": "EP",
  "SequenceName": "epse2d1_82",
  "SequenceVariant": "SK",
  "SeriesDescription": "fmap-epi_dir-pa_acq-mb8_run-01",
  "SeriesNumber": 6,
  "ShimSetting": [4151, -7758, -7264, 525, -85, -68, 56, 47],
  "SliceThickness": 2.7,
  "SliceTiming": [3.6, 0, 3.73, 0.13, 3.8575, 0.2575, 3.9875, 0.3875, 4.115, 0.515, 4.245, 0.645, 4.3725, 0.7725, 4.5, 0.9, 4.63, 1.03, 4.7575, 1.1575, 4.8875, 1.2875, 5.015, 1.415, 5.145, 1.545, 5.2725, 1.6725, 5.4, 1.8, 5.53, 1.93, 5.6575, 2.0575, 5.7875, 2.1875, 5.915, 2.315, 6.045, 2.445, 6.1725, 2.5725, 6.3, 2.7, 6.43, 2.83, 6.5575, 2.9575, 6.6875, 3.0875, 6.815, 3.215, 6.945, 3.345, 7.0725, 3.4725],
  "SoftwareVersions": "syngo MR E11",
  "SpacingBetweenSlices": 2.7,
  "StationName": "AWP66112",
  "TotalReadoutTime": 0.03969,
  "TxRefAmp": 250.826,
  "WipMemBlock": "c465e389-269f-4578-9bd8-975086b29d5d||Sequence: R016 ve11c/master r/e634e98; Dec 19 2017 11:22:56 by eja",
  "dcmmeta_affine": [
    [-2.6779332160949707, -0.1314411610364914, 0.09805664420127869, 115.45708465576172],
    [-0.13600872457027435, 2.6764397621154785, -0.1283607929944992, -81.21988677978516],
    [0.09095215052366257, 0.13225118815898895, 2.6951637268066406, -81.46595001220703],
    [0.0, 0.0, 0.0, 1.0]
],
  "dcmmeta_reorient_transform": [
    [0.0, -1.0, 0.0, 81.0],
    [1.0, 0.0, 0.0, 0.0],
    [0.0, 0.0, 1.0, 0.0],
    [0.0, 0.0, 0.0, 1.0]
],
  "dcmmeta_shape": [82, 82, 56, 2],
  "dcmmeta_slice_dim": 2,
  "dcmmeta_version": 0.6,
  "global": {
    "const": {
      "AccessionNumber": "A003613",
      "AcquisitionMatrix": [82, 0, 0, 82],
      "AngioFlag": "N",
      "BitsAllocated": 16,
      "BitsStored": 16,
      "BodyPartExamined": "BRAIN",
      "Columns": 656,
      "EchoNumbers": 1,
      "EchoTime": 73.0,
      "EchoTrainLength": 82,
      "FlipAngle": 90.0,
      "HighBit": 15,
      "ImageOrientationPatient": [0.99813870208995, 0.05069416027056, 0.03390034667462, -0.0489917017817, 0.99758205281129, -0.0492936209396],
      "ImagePositionPatient": [-835.65356247024, -942.74443632275, -58.900779590919],
      "ImageType": [
        "ORIGINAL",
        "PRIMARY",
        "M",
        "ND",
        "NORM",
        "MOSAIC"
],
      "ImagedNucleus": "1H",
      "ImagingFrequency": 123.252171,
      "InPlanePhaseEncodingDirection": "COL",
      "MRAcquisitionType": "2D",
      "MagneticFieldStrength": 3.0,
      "Manufacturer": "SIEMENS",
      "ManufacturerModelName": "Prisma",
      "Modality": "MR",
      "NumberOfAverages": 1.0,
      "NumberOfPhaseEncodingSteps": 82,
      "PercentPhaseFieldOfView": 100.0,
      "PercentSampling": 100.0,
      "PerformedProcedureStepStartTime": "152340.825000",
      "PhotometricInterpretation": "MONOCHROME2",
      "PixelBandwidth": 3050.0,
      "PixelRepresentation": 0,
      "PixelSpacing": [2.6829268932343, 2.6829268932343],
      "ProtocolName": "fmap-epi_dir-pa_acq-mb8_run-01",
      "RepetitionTime": 7220.0,
      "Rows": 656,
      "SAR": 0.14585828891038,
      "SamplesPerPixel": 1,
      "ScanOptions": "FS",
      "ScanningSequence": "EP",
      "SequenceName": "epse2d1_82",
      "SequenceVariant": "SK",
      "SeriesDescription": "fmap-epi_dir-pa_acq-mb8_run-01",
      "SeriesNumber": 6,
      "SeriesTime": "152640.365000",
      "SliceLocation": -73.26566457193,
      "SliceThickness": 2.7000000476837,
      "SmallestImagePixelValue": 0,
      "SoftwareVersions": "syngo MR E11",
      "SpacingBetweenSlices": 2.6999999054695,
      "SpecificCharacterSet": "ISO_IR 100",
      "StudyID": "1",
      "StudyTime": "152340.760000",
      "TransmitCoilName": "Body",
      "VariableFlipAngleFlag": "N",
      "WindowCenterWidthExplanation": "Algo1",
      "dBdt": 0.0},
    "slices": {}
  },
  "time": {
    "samples": {
      "AcquisitionNumber": [1, 2],
      "AcquisitionTime": ["152629.370000", "152636.590000"],
      "ContentTime": ["152640.369000", "152640.373000"],
      "InstanceCreationTime": ["152640.369000", "152640.373000"],
      "InstanceNumber": [1, 2],
      "LargestImagePixelValue": [56651, 54462],
      "WindowCenter": [6928.0, 6909.0],
      "WindowWidth": [15143.0, 15089.0]
    },
    "slices": {}
  }
}