{
  "AcquisitionMatrixPE": 140,
  "AcquisitionNumber": 1,
  "AcquisitionTime": "13:27:19.020000",
  "BandwidthPerPixelPhaseEncode": 10.352,
  "BaseResolution": 140,
  "BodyPartExamined": "BRAIN",
  "ConsistencyInfo": "N4_VE11E_LATEST_20181129",
  "ConversionSoftware": "dcm2niix",
  "ConversionSoftwareVersion": "v1.0.20201102",
  "DerivedVendorReportedEchoSpacing": 0.000689998,
  "DeviceSerialNumber": "66112",
  "DiffusionScheme": "Monopolar",
  "DwellTime": 2.1e-06,
  "EchoTime": 0.088,
  "EchoTrainLength": 105,
  "EffectiveEchoSpacing": 0.000689998,
  "FlipAngle": 90,
  "ImageComments": "Unaliased MB3/PE3",
  "ImageOrientationPatientDICOM": [0.998393, -0.0566685, 0.000209212, 0.0558188, 0.984046, 0.168932],
  "ImageType": [
    "ORIGINAL",
    "PRIMARY",
    "DIFFUSION",
    "NONE",
    "MB",
    "ND"
],
  "ImagingFrequency": 123.252,
  "InPlanePhaseEncodingDirectionDICOM": "COL",
  "InstitutionAddress": "Maynard 3,Hanover,NH,US,03755",
  "InstitutionName": "Dartmouth College - PBS",
  "InstitutionalDepartmentName": "Department",
  "IntendedFor": [
    "ses-01/dwi/sub-0063_ses-01_acq-96dirX6b0Xmb_dwi.nii.gz"
],
  "MRAcquisitionType": "2D",
  "MagneticFieldStrength": 3,
  "Manufacturer": "Siemens",
  "ManufacturersModelName": "Prisma",
  "Modality": "MR",
  "MultibandAccelerationFactor": 3,
  "PartialFourier": 0.75,
  "PatientPosition": "HFS",
  "PercentPhaseFOV": 100,
  "PercentSampling": 100,
  "PhaseEncodingDirection": "j-",
  "PhaseEncodingSteps": 105,
  "PhaseResolution": 1,
  "PixelBandwidth": 1700,
  "ProcedureStepDescription": "Wager_Wager^1076_spacetop",
  "ProtocolName": "dwi_acq-discorr-AP",
  "PulseSequenceDetails": "%CustomerSeq%\\cmrr_mbep2d_diff",
  "ReceiveCoilActiveElements": "HEA;HEP",
  "ReceiveCoilName": "Head_32",
  "ReconMatrixPE": 140,
  "RepetitionTime": 4.1,
  "SAR": 0.144117,
  "ScanOptions": "PFP\\FS",
  "ScanningSequence": "EP",
  "SequenceName": "ep_b0",
  "SequenceVariant": "SK\\SS",
  "SeriesDescription": "dwi_acq-discorr-AP",
  "SeriesNumber": 7,
  "ShimSetting": [4151, -7743, -7298, 779, -42, -8, 81, 79],
  "SliceThickness": 1.7,
  "SliceTiming": [0, 2.125, 0.15625, 2.26562, 0.3125, 2.42188, 0.45312, 2.57812, 0.60938, 2.71875, 0.76562, 2.875, 0.90625, 3.03125, 1.0625, 3.17188, 1.21875, 3.32812, 1.35938, 3.48438, 1.51562, 3.625, 1.67188, 3.78125, 1.8125, 3.9375, 1.96875, 0, 2.125, 0.15625, 2.26562, 0.3125, 2.42188, 0.45312, 2.57812, 0.60938, 2.71875, 0.76562, 2.875, 0.90625, 3.03125, 1.0625, 3.17188, 1.21875, 3.32812, 1.35938, 3.48438, 1.51562, 3.625, 1.67188, 3.78125, 1.8125, 3.9375, 1.96875, 0, 2.125, 0.15625, 2.26562, 0.3125, 2.42188, 0.45312, 2.57812, 0.60938, 2.71875, 0.76562, 2.875, 0.90625, 3.03125, 1.0625, 3.17188, 1.21875, 3.32812, 1.35938, 3.48438, 1.51562, 3.625, 1.67188, 3.78125, 1.8125, 3.9375, 1.96875],
  "SoftwareVersions": "syngo MR E11",
  "SpacingBetweenSlices": 1.7,
  "StationName": "AWP66112",
  "TotalReadoutTime": 0.0959097,
  "TxRefAmp": 248.643,
  "WipMemBlock": "626662de-2e00-470e-a4fb-9a9123b2572e||Sequence: R016 ve11e/master r/434b28f1; Aug  7 2019 19:06:17 by eja",
  "dcmmeta_affine": [
    [-1.7115309238433838, 0.09568936377763748, 0.01662421226501465, 114.27745819091797],
    [0.09714606404304504, 1.6869356632232666, 0.2867012023925781, -105.28202056884766],
    [0.0003586495586205274, -0.2895980179309845, 1.675567626953125, -50.98990249633789],
    [0.0, 0.0, 0.0, 1.0]
],
  "dcmmeta_reorient_transform": [
    [0.0, -1.0, 0.0, 139.0],
    [1.0, 0.0, 0.0, 0.0],
    [0.0, 0.0, -1.0, 80.0],
    [0.0, 0.0, 0.0, 1.0]
],
  "dcmmeta_shape": [140, 140, 81],
  "dcmmeta_slice_dim": 2,
  "dcmmeta_version": 0.6,
  "global": {
    "const": {
      "AccessionNumber": "A003921",
      "AcquisitionMatrix": [140, 0, 0, 140],
      "AcquisitionNumber": 1,
      "AngioFlag": "N",
      "BitsAllocated": 16,
      "BitsStored": 16,
      "BodyPartExamined": "BRAIN",
      "Columns": 140,
      "EchoNumbers": 1,
      "EchoTime": 88.0,
      "EchoTrainLength": 105,
      "FlipAngle": 90.0,
      "HighBit": 15,
      "ImageOrientationPatient": [0.99839302533111, -0.0566685380122, 0.00020921224569, 0.05581879478274, 0.98404582208707, 0.16893218219742],
      "ImageType": [
        "ORIGINAL",
        "PRIMARY",
        "DIFFUSION",
        "NONE",
        "MB",
        "ND"
],
      "ImagedNucleus": "1H",
      "ImagingFrequency": 123.2522,
      "InPlanePhaseEncodingDirection": "COL",
      "MRAcquisitionType": "2D",
      "MagneticFieldStrength": 3.0,
      "Manufacturer": "SIEMENS",
      "ManufacturerModelName": "Prisma",
      "Modality": "MR",
      "NumberOfAverages": 1.0,
      "NumberOfPhaseEncodingSteps": 105,
      "PercentPhaseFieldOfView": 100.0,
      "PercentSampling": 100.0,
      "PerformedProcedureStepStartTime": "130822.597000",
      "PhotometricInterpretation": "MONOCHROME2",
      "PixelBandwidth": 1700.0,
      "PixelRepresentation": 0,
      "PixelSpacing": [1.7142857313156, 1.7142857313156],
      "ProtocolName": "dwi_acq-discorr-AP",
      "RepetitionTime": 4100.0,
      "Rows": 140,
      "SAR": 0.14411670418744,
      "SamplesPerPixel": 1,
      "ScanOptions": [
        "PFP",
        "FS"
],
      "ScanningSequence": "EP",
      "SequenceName": "ep_b0",
      "SequenceVariant": [
        "SK",
        "SS"
],
      "SeriesDescription": "dwi_acq-discorr-AP",
      "SeriesNumber": 7,
      "SeriesTime": "132724.217000",
      "SliceThickness": 1.7000000476837,
      "SmallestImagePixelValue": 0,
      "SoftwareVersions": "syngo MR E11",
      "SpacingBetweenSlices": 1.7,
      "SpecificCharacterSet": "ISO_IR 100",
      "StudyID": "1",
      "StudyTime": "130822.466000",
      "TransmitCoilName": "Body",
      "VariableFlipAngleFlag": "N",
      "WindowCenterWidthExplanation": "Algo1"
    },
