{
  "AcquisitionMatrixPE": 140,
  "AcquisitionNumber": 1,
  "AcquisitionTime": "20:36:48.062500",
  "BandwidthPerPixelPhaseEncode": 10.352,
  "BaseResolution": 140,
  "BodyPartExamined": "BRAIN",
  "ConsistencyInfo": "N4_VE11E_LATEST_20181129",
  "ConversionSoftware": "dcm2niix",
  "ConversionSoftwareVersion": "v1.0.20201102",
  "DerivedVendorReportedEchoSpacing": 0.000689998,
  "DeviceSerialNumber": "66112",
  "DiffusionScheme": "Monopolar",
  "DwellTime": 2.1e-06,
  "EchoTime": 0.0884,
  "EchoTrainLength": 105,
  "EffectiveEchoSpacing": 0.000689998,
  "FlipAngle": 90,
  "ImageComments": "Unaliased MB3/PE3 SENSE1",
  "ImageOrientationPatientDICOM": [0.99972, 0.0121824, 0.0202864, -0.0167521, 0.969849, 0.243132],
  "ImageType": [
    "ORIGINAL",
    "PRIMARY",
    "DIFFUSION",
    "NONE",
    "MB",
    "ND",
    "MOSAIC"
],
  "ImagingFrequency": 123.252,
  "InPlanePhaseEncodingDirectionDICOM": "COL",
  "InstitutionAddress": "Maynard 3,Hanover,NH,US,03755",
  "InstitutionName": "Dartmouth College - PBS",
  "InstitutionalDepartmentName": "Department",
  "MRAcquisitionType": "2D",
  "MagneticFieldStrength": 3,
  "Manufacturer": "Siemens",
  "ManufacturersModelName": "Prisma",
  "Modality": "MR",
  "MultibandAccelerationFactor": 3,
  "PartialFourier": 0.75,
  "PatientPosition": "HFS",
  "PercentPhaseFOV": 100,
  "PercentSampling": 100,
  "PhaseEncodingDirection": "j-",
  "PhaseEncodingSteps": 105,
  "PhaseResolution": 1,
  "PixelBandwidth": 1700,
  "ProcedureStepDescription": "Wager_Wager^1076_spacetop",
  "ProtocolName": "dwi_acq-96dir-6b0-mb",
  "PulseSequenceDetails": "%CustomerSeq%\\cmrr_mbep2d_diff",
  "ReceiveCoilActiveElements": "HEA;HEP",
  "ReceiveCoilName": "Head_32",
  "ReconMatrixPE": 140,
  "RepetitionTime": 4.11,
  "SAR": 0.272255,
  "ScanOptions": "PFP\\FS",
  "ScanningSequence": "EP",
  "SequenceName": "ep_b5#1",
  "SequenceVariant": "SK\\SS",
  "SeriesDescription": "dwi_acq-96dir-6b0-mb",
  "SeriesNumber": 8,
  "ShimSetting": [4176, -7725, -7247, 505, 15, -69, -81, -3],
  "SliceThickness": 1.7,
  "SliceTiming": [0, 2.12, 0.15, 2.2725, 0.3025, 2.4225, 0.4525, 2.575, 0.605, 2.725, 0.7575, 2.8775, 0.9075, 3.03, 1.06, 3.18, 1.21, 3.3325, 1.3625, 3.4825, 1.515, 3.635, 1.665, 3.785, 1.8175, 3.9375, 1.9675, 0, 2.12, 0.15, 2.2725, 0.3025, 2.4225, 0.4525, 2.575, 0.605, 2.725, 0.7575, 2.8775, 0.9075, 3.03, 1.06, 3.18, 1.21, 3.3325, 1.3625, 3.4825, 1.515, 3.635, 1.665, 3.785, 1.8175, 3.9375, 1.9675, 0, 2.12, 0.15, 2.2725, 0.3025, 2.4225, 0.4525, 2.575, 0.605, 2.725, 0.7575, 2.8775, 0.9075, 3.03, 1.06, 3.18, 1.21, 3.3325, 1.3625, 3.4825, 1.515, 3.635, 1.665, 3.785, 1.8175, 3.9375, 1.9675],
  "SoftwareVersions": "syngo MR E11",
  "SpacingBetweenSlices": 1.7,
  "StationName": "AWP66112",
  "TotalReadoutTime": 0.0959097,
  "TxRefAmp": 252.257,
  "WipMemBlock": "1143011b-836e-4c96-8677-a44452030b3c||Sequence: R016 ve11e/master r/434b28f1; Aug  7 2019 19:06:17 by eja",
  "dcmmeta_affine": [
    [-1.7138056755065918, -0.028717810288071632, 0.028411777690052986, 124.50548553466797],
    [-0.02088412083685398, 1.662597417831421, 0.4137866795063019, -95.15691375732422],
    [0.034776702523231506, -0.4167979955673218, 1.648627758026123, -34.36893081665039],
    [0.0, 0.0, 0.0, 1.0]
],
  "dcmmeta_reorient_transform": [
    [0.0, -1.0, 0.0, 139.0],
    [1.0, 0.0, 0.0, 0.0],
    [0.0, 0.0, 1.0, 0.0],
    [0.0, 0.0, 0.0, 1.0]
],
  "dcmmeta_shape": [140, 140, 81, 103],
  "dcmmeta_slice_dim": 2,
  "dcmmeta_version": 0.6,
  "global": {
    "const": {
      "AccessionNumber": "A004215",
      "AcquisitionMatrix": [140, 0, 0, 140],
      "AngioFlag": "N",
      "BitsAllocated": 16,
      "BitsStored": 16,
      "BodyPartExamined": "BRAIN",
      "Columns": 1260,
      "EchoNumbers": 1,
      "EchoTime": 88.4,
      "EchoTrainLength": 105,
      "FlipAngle": 90.0,
      "HighBit": 15,
      "ImageOrientationPatient": [0.99971998609545, 0.01218240343478, 0.02028641042337, -0.0167520555063, 0.96984850200044, 0.24313216941373],
      "ImagePositionPatient": [-1064.1629295889, -1078.6938103116, -345.18569163935],
      "ImageType": [
        "ORIGINAL",
        "PRIMARY",
        "DIFFUSION",
        "NONE",
        "MB",
        "ND",
        "MOSAIC"
],
      "ImagedNucleus": "1H",
      "ImagingFrequency": 123.252145,
      "InPlanePhaseEncodingDirection": "COL",
      "MRAcquisitionType": "2D",
      "MagneticFieldStrength": 3.0,
      "Manufacturer": "SIEMENS",
      "ManufacturerModelName": "Prisma",
      "Modality": "MR",
      "NumberOfAverages": 1.0,
      "NumberOfPhaseEncodingSteps": 105,
      "PercentPhaseFieldOfView": 100.0,
      "PercentSampling": 100.0,
      "PerformedProcedureStepStartTime": "201830.399000",
      "PhotometricInterpretation": "MONOCHROME2",
      "PixelBandwidth": 1700.0,
      "PixelRepresentation": 0,
      "PixelSpacing": [1.7142857313156, 1.7142857313156],
      "ProtocolName": "dwi_acq-96dir-6b0-mb",
      "RepetitionTime": 4110.0,
      "Rows": 1260,
      "SAR": 0.27225493756171,
      "SamplesPerPixel": 1,
      "ScanOptions": [
        "PFP",
        "FS"
],
      "ScanningSequence": "EP",
      "SequenceVariant": [
        "SK",
        "SS"
],
      "SeriesDescription": "dwi_acq-96dir-6b0-mb",
      "SeriesNumber": 8,
      "SeriesTime": "203814.700000",
      "SliceLocation": -54.411064982144,
      "SliceThickness": 1.7000000476837,
      "SmallestImagePixelValue": 0,
      "SoftwareVersions": "syngo MR E11",
      "SpacingBetweenSlices": 1.6999999846933,
      "SpecificCharacterSet": "ISO_IR 100",
      "StudyID": "1",
      "StudyTime": "201830.333000",
      "TransmitCoilName": "Body",
      "VariableFlipAngleFlag": "N",
      "WindowCenterWidthExplanation": "Algo1"
    },
