{
  "AcquisitionMatrixPE": 320,
  "AcquisitionNumber": 1,
  "AcquisitionTime": "20:35:44.067500",
  "BaseResolution": 320,
  "BodyPartExamined": "BRAIN",
  "ConsistencyInfo": "N4_VE11E_LATEST_20181129",
  "ConversionSoftware": "dcm2niix",
  "ConversionSoftwareVersion": "v1.0.20201102",
  "DeviceSerialNumber": "66112",
  "DwellTime": 6.5e-06,
  "EchoTime": 0.00211,
  "FlipAngle": 8,
  "ImageOrientationPatientDICOM": [-0.109418, 0.979881, 0.166915, -0.0363141, 0.16387, -0.985813],
  "ImageType": [
    "ORIGINAL",
    "PRIMARY",
    "M",
    "ND",
    "NORM"
],
  "ImagingFrequency": 123.252,
  "InPlanePhaseEncodingDirectionDICOM": "ROW",
  "InstitutionAddress": "Maynard 3,Hanover,NH,US,03755",
  "InstitutionName": "Dartmouth College - PBS",
  "InstitutionalDepartmentName": "Department",
  "InversionTime": 1,
  "MRAcquisitionType": "3D",
  "MagneticFieldStrength": 3,
  "Manufacturer": "Siemens",
  "ManufacturersModelName": "Prisma",
  "Modality": "MR",
  "ParallelReductionFactorInPlane": 3,
  "PartialFourier": 1,
  "PatientPosition": "HFS",
  "PercentPhaseFOV": 100,
  "PercentSampling": 100,
  "PhaseEncodingSteps": 320,
  "PhaseResolution": 1,
  "PixelBandwidth": 240,
  "ProcedureStepDescription": "Wager_Wager^1076_spacetop",
  "ProtocolName": "anat-T1w_acq-MPRAGE-p3-08mm",
  "PulseSequenceDetails": "%SiemensSeq%\\tfl",
  "ReceiveCoilActiveElements": "HEA;HEP",
  "ReceiveCoilName": "Head_32",
  "ReconMatrixPE": 320,
  "RefLinesPE": 32,
  "RepetitionTime": 2,
  "SAR": 0.0451766,
  "ScanOptions": "IR\\WE",
  "ScanningSequence": "GR\\IR",
  "SequenceName": "*tfl3d1_16ns",
  "SequenceVariant": "SK\\SP\\MP",
  "SeriesDescription": "anat-T1w_acq-MPRAGE-p3-08mm",
  "SeriesNumber": 5,
  "ShimSetting": [4135, -7748, -7321, 139, -31, -554, -48, 119],
  "SliceThickness": 0.8,
  "SoftwareVersions": "syngo MR E11",
  "StationName": "AWP66112",
  "TxRefAmp": 234.052,
  "dcmmeta_affine": [
    [0.7946658134460449, -0.08753416687250137, -0.02905130200088024, -71.15568542480469],
    [0.09114143252372742, 0.7839049696922302, 0.1310962438583374, -140.96310424804688],
    [0.014122574590146542, -0.133531853556633, 0.788650631904602, -148.67071533203125],
    [0.0, 0.0, 0.0, 1.0]
],
  "dcmmeta_reorient_transform": [
    [0.0, 0.0, -1.0, 319.0],
    [0.0, -1.0, 0.0, 319.0],
    [-1.0, 0.0, 0.0, 223.0],
    [0.0, 0.0, 0.0, 1.0]
],
  "dcmmeta_shape": [224, 320, 320],
  "dcmmeta_slice_dim": 0,
  "dcmmeta_version": 0.6,
  "global": {
    "const": {
      "AccessionNumber": "A004045",
      "AcquisitionMatrix": [0, 320, 320, 0],
      "AcquisitionNumber": 1,
      "AcquisitionTime": "203544.067500",
      "AngioFlag": "N",
      "BitsAllocated": 16,
      "BitsStored": 12,
      "BodyPartExamined": "BRAIN",
      "Columns": 320,
      "EchoNumbers": 1,
      "EchoTime": 2.11,
      "EchoTrainLength": 1,
      "FlipAngle": 8.0,
      "HighBit": 11,
      "ImageOrientationPatient": [-0.1094177080305, 0.97988122211943, 0.16691481572075, -0.0363141271767, 0.16387030235849, -0.9858132724671],
      "ImageType": [
        "ORIGINAL",
        "PRIMARY",
        "M",
        "ND",
        "NORM"
],
      "ImagedNucleus": "1H",
      "ImagingFrequency": 123.25224,
      "InPlanePhaseEncodingDirection": "ROW",
      "InversionTime": 1000.0,
      "MRAcquisitionType": "3D",
      "MagneticFieldStrength": 3.0,
      "Manufacturer": "SIEMENS",
      "ManufacturerModelName": "Prisma",
      "Modality": "MR",
      "NumberOfAverages": 1.0,
      "NumberOfPhaseEncodingSteps": 320,
      "PercentPhaseFieldOfView": 100.0,
      "PercentSampling": 100.0,
      "PerformedProcedureStepStartTime": "202754.427000",
      "PhotometricInterpretation": "MONOCHROME2",
      "PixelBandwidth": 240.0,
      "PixelRepresentation": 0,
      "PixelSpacing": [0.80000001192093, 0.80000001192093],
      "ProtocolName": "anat-T1w_acq-MPRAGE-p3-08mm",
      "RepetitionTime": 2000.0,
      "Rows": 320,
      "SAR": 0.04517659733517,
      "SamplesPerPixel": 1,
      "ScanOptions": [
        "IR",
        "WE"
],
      "ScanningSequence": [
        "GR",
        "IR"
],
      "SequenceName": "*tfl3d1_16ns",
      "SequenceVariant": [
        "SK",
        "SP",
        "MP"
],
      "SeriesDescription": "anat-T1w_acq-MPRAGE-p3-08mm",
      "SeriesNumber": 5,
      "SeriesTime": "204010.381000",
      "SliceThickness": 0.80000001192093,
      "SmallestImagePixelValue": 0,
      "SoftwareVersions": "syngo MR E11",
      "SpecificCharacterSet": "ISO_IR 100",
      "StudyID": "1",
      "StudyTime": "202754.374000",
      "TransmitCoilName": "Body",
      "VariableFlipAngleFlag": "N",
      "WindowCenterWidthExplanation": "Algo1"
    },
