{
  "AcquisitionMatrixPE": 82,
  "AcquisitionNumber": 1,
  "AcquisitionTime": "19:14:25.050000",
  "BandwidthPerPixelPhaseEncode": 24.888,
  "BaseResolution": 82,
  "BodyPartExamined": "BRAIN",
  "ConsistencyInfo": "N4_VE11E_LATEST_20181129",
  "ConversionSoftware": "dcm2niix",
  "ConversionSoftwareVersion": "v1.0.20201102",
  "DerivedVendorReportedEchoSpacing": 0.00049,
  "DeviceSerialNumber": "66112",
  "DwellTime": 2e-06,
  "EchoTime": 0.0272,
  "EchoTrainLength": 82,
  "EffectiveEchoSpacing": 0.00049,
  "FlipAngle": 44,
  "ImageComments": "Single-band reference",
  "ImageOrientationPatientDICOM": [0.999197, 0.0398528, 0.0040751, -0.0397825, 0.999079, -0.0160753],
  "ImageType": [
    "ORIGINAL",
    "PRIMARY",
    "M",
    "ND",
    "NORM",
    "MOSAIC"
],
  "ImagingFrequency": 123.252,
  "InPlanePhaseEncodingDirectionDICOM": "COL",
  "InstitutionAddress": "Maynard 3,Hanover,NH,US,03755",
  "InstitutionName": "Dartmouth College - PBS",
  "InstitutionalDepartmentName": "Department",
  "MRAcquisitionType": "2D",
  "MagneticFieldStrength": 3,
  "Manufacturer": "Siemens",
  "ManufacturersModelName": "Prisma",
  "Modality": "MR",
  "PartialFourier": 1,
  "PatientPosition": "HFS",
  "PercentPhaseFOV": 100,
  "PercentSampling": 100,
  "PhaseEncodingDirection": "j-",
  "PhaseEncodingSteps": 82,
  "PhaseResolution": 1,
  "PixelBandwidth": 3050,
  "ProcedureStepDescription": "Wager_Wager^1076_spacetop",
  "ProtocolName": "func_run-02_task-social_acq-ap-mb8",
  "PulseSequenceDetails": "%CustomerSeq%\\cmrr_mbep2d_bold",
  "ReceiveCoilActiveElements": "HEA;HEP",
  "ReceiveCoilName": "Head_32",
  "ReconMatrixPE": 82,
  "RepetitionTime": 0.46,
  "SAR": 0.0857187,
  "ScanOptions": "FS",
  "ScanningSequence": "EP",
  "SequenceName": "epfid2d1_82",
  "SequenceVariant": "SK\\SS",
  "SeriesDescription": "func_run-02_task-social_acq-ap-mb8_SBRef",
  "SeriesNumber": 13,
  "ShimSetting": [4153, -7784, -7238, 719, -31, -403, 336, 61],
  "SliceThickness": 2.7,
  "SliceTiming": [0, 0.065, 0.1275, 0.19, 0.2525, 0.315, 0.3775, 0.44, 0.505, 0.5675, 0.63, 0.6925, 0.755, 0.8175, 0.88, 0.945, 1.0075, 1.07, 1.1325, 1.195, 1.2575, 1.32, 1.385, 1.4475, 1.51, 1.5725, 1.635, 1.6975, 1.76, 1.825, 1.8875, 1.95, 2.0125, 2.075, 2.1375, 2.2, 2.265, 2.3275, 2.39, 2.4525, 2.515, 2.5775, 2.64, 2.7025, 2.7675, 2.83, 2.8925, 2.955, 3.0175, 3.08, 3.1425, 3.2075, 3.27, 3.3325, 3.395, 3.4575],
  "SoftwareVersions": "syngo MR E11",
  "SpacingBetweenSlices": 2.7,
  "StationName": "AWP66112",
  "TaskName": "social",
  "TotalReadoutTime": 0.03969,
  "TxRefAmp": 238.17,
  "WipMemBlock": "aa438125-e7fe-435e-859c-6e993712fed0||Sequence: R016 ve11e/master r/434b28f1; Aug  7 2019 18:53:46 by eja",
  "dcmmeta_affine": [
    [-2.6807732582092285, -0.10673356801271439, 0.012722376734018326, 116.92801666259766],
    [-0.10692211985588074, 2.6804559230804443, -0.042930860072374344, -85.19605255126953],
    [0.010933187790215015, 0.04312896355986595, 2.6996288299560547, -65.9483871459961],
    [0.0, 0.0, 0.0, 1.0]
],
  "dcmmeta_reorient_transform": [
    [0.0, -1.0, 0.0, 81.0],
    [1.0, 0.0, 0.0, 0.0],
    [0.0, 0.0, 1.0, 0.0],
    [0.0, 0.0, 0.0, 1.0]
],
  "dcmmeta_shape": [82, 82, 56],
  "dcmmeta_slice_dim": 2,
  "dcmmeta_version": 0.6,
  "global": {
    "const": {
      "AccessionNumber": "A004000",
      "AcquisitionMatrix": [82, 0, 0, 82],
      "AcquisitionNumber": 1,
      "AcquisitionTime": "191425.050000",
      "AngioFlag": "N",
      "BitsAllocated": 16,
      "BitsStored": 16,
      "BodyPartExamined": "BRAIN",
      "Columns": 656,
      "ContentTime": "191442.675000",
      "EchoNumbers": 1,
      "EchoTime": 27.2,
      "EchoTrainLength": 82,
      "FlipAngle": 44.0,
      "HighBit": 15,
      "ImageOrientationPatient": [0.99919725223672, 0.03985278791575, 0.00407509729159, -0.0397825119796, 0.99907904350983, -0.0160753401233],
      "ImagePositionPatient": [-847.03196244756, -931.89841541017, -53.214753249947],
      "ImageType": [
        "ORIGINAL",
        "PRIMARY",
        "M",
        "ND",
        "NORM",
        "MOSAIC"
],
      "ImagedNucleus": "1H",
      "ImagingFrequency": 123.252184,
      "InPlanePhaseEncodingDirection": "COL",
      "InstanceCreationTime": "191442.675000",
      "InstanceNumber": 1,
      "LargestImagePixelValue": 18391,
      "MRAcquisitionType": "2D",
      "MagneticFieldStrength": 3.0,
      "Manufacturer": "SIEMENS",
      "ManufacturerModelName": "Prisma",
      "Modality": "MR",
      "NumberOfAverages": 1.0,
      "NumberOfPhaseEncodingSteps": 82,
      "PercentPhaseFieldOfView": 100.0,
      "PercentSampling": 100.0,
      "PerformedProcedureStepStartTime": "182752.265000",
      "PhotometricInterpretation": "MONOCHROME2",
      "PixelBandwidth": 3050.0,
      "PixelRepresentation": 0,
      "PixelSpacing": [2.6829268932343, 2.6829268932343],
      "ProtocolName": "func_run-02_task-social_acq-ap-mb8",
      "RepetitionTime": 460.0,
      "Rows": 656,
      "SAR": 0.08571874145746,
      "SamplesPerPixel": 1,
      "ScanOptions": "FS",
      "ScanningSequence": "EP",
      "SequenceName": "epfid2d1_82",
      "SequenceVariant": [
        "SK",
        "SS"
],
      "SeriesDescription": "func_run-02_task-social_acq-ap-mb8_SBRef",
      "SeriesNumber": 13,
      "SeriesTime": "191442.671000",
      "SliceLocation": -64.033708979987,
      "SliceThickness": 2.7000000476837,
      "SmallestImagePixelValue": 0,
      "SoftwareVersions": "syngo MR E11",
      "SpacingBetweenSlices": 2.7000000322715,
      "SpecificCharacterSet": "ISO_IR 100",
      "StudyID": "4",
      "StudyTime": "182752.116000",
      "TransmitCoilName": "Body",
      "VariableFlipAngleFlag": "N",
      "WindowCenter": 5503.0,
      "WindowCenterWidthExplanation": "Algo1",
      "WindowWidth": 11912.0},
    "slices": {}
  }
}