{
  "AcquisitionMatrixPE": 140,
  "AcquisitionNumber": 1,
  "AcquisitionTime": "12:55:48.090000",
  "BandwidthPerPixelPhaseEncode": 10.352,
  "BaseResolution": 140,
  "BodyPartExamined": "BRAIN",
  "ConsistencyInfo": "N4_VE11C_LATEST_20160120",
  "ConversionSoftware": "dcm2niix",
  "ConversionSoftwareVersion": "v1.0.20201102",
  "DerivedVendorReportedEchoSpacing": 0.000689998,
  "DeviceSerialNumber": "66112",
  "DiffusionScheme": "Monopolar",
  "DwellTime": 2.1e-06,
  "EchoTime": 0.0884,
  "EchoTrainLength": 105,
  "EffectiveEchoSpacing": 0.000689998,
  "FlipAngle": 90,
  "ImageComments": "Unaliased MB3/PE3 SENSE1",
  "ImageOrientationPatientDICOM": [0.999194, 0.0345729, 0.0203797, -0.0382105, 0.974819, 0.219698],
  "ImageType": [
    "ORIGINAL",
    "PRIMARY",
    "DIFFUSION",
    "NONE",
    "MB",
    "ND",
    "MOSAIC"
],
  "ImagingFrequency": 123.252,
  "InPlanePhaseEncodingDirectionDICOM": "COL",
  "InstitutionAddress": "Maynard 3,Hanover,NH,US,03755",
  "InstitutionName": "Dartmouth College - PBS",
  "InstitutionalDepartmentName": "Department",
  "MRAcquisitionType": "2D",
  "MagneticFieldStrength": 3,
  "Manufacturer": "Siemens",
  "ManufacturersModelName": "Prisma",
  "Modality": "MR",
  "MultibandAccelerationFactor": 3,
  "PartialFourier": 0.75,
  "PatientPosition": "HFS",
  "PercentPhaseFOV": 100,
  "PercentSampling": 100,
  "PhaseEncodingDirection": "j-",
  "PhaseEncodingSteps": 105,
  "PhaseResolution": 1,
  "PixelBandwidth": 1700,
  "ProcedureStepDescription": "Wager_Wager^1076_spacetop",
  "ProtocolName": "dwi_acq-96dir-6b0-mb",
  "PulseSequenceDetails": "%CustomerSeq%\\cmrr_mbep2d_diff",
  "ReceiveCoilActiveElements": "HEA;HEP",
  "ReceiveCoilName": "Head_32",
  "ReconMatrixPE": 140,
  "RepetitionTime": 4.11,
  "SAR": 0.24656,
  "ScanOptions": "PFP\\FS",
  "ScanningSequence": "EP",
  "SequenceName": "ep_b5#1",
  "SequenceVariant": "SK\\SS",
  "SeriesDescription": "dwi_acq-96dir-6b0-mb",
  "SeriesNumber": 8,
  "ShimSetting": [4154, -7762, -7239, 549, -79, -152, -38, 72],
  "SliceThickness": 1.7,
  "SliceTiming": [0, 2.12, 0.15, 2.2725, 0.3025, 2.4225, 0.455, 2.575, 0.605, 2.725, 0.7575, 2.8775, 0.9075, 3.03, 1.06, 3.18, 1.2125, 3.3325, 1.3625, 3.4825, 1.515, 3.635, 1.665, 3.7875, 1.8175, 3.9375, 1.9675, 0, 2.12, 0.15, 2.2725, 0.3025, 2.4225, 0.455, 2.575, 0.605, 2.725, 0.7575, 2.8775, 0.9075, 3.03, 1.06, 3.18, 1.2125, 3.3325, 1.3625, 3.4825, 1.515, 3.635, 1.665, 3.7875, 1.8175, 3.9375, 1.9675, 0, 2.12, 0.15, 2.2725, 0.3025, 2.4225, 0.455, 2.575, 0.605, 2.725, 0.7575, 2.8775, 0.9075, 3.03, 1.06, 3.18, 1.2125, 3.3325, 1.3625, 3.4825, 1.515, 3.635, 1.665, 3.7875, 1.8175, 3.9375, 1.9675],
  "SoftwareVersions": "syngo MR E11",
  "SpacingBetweenSlices": 1.7,
  "StationName": "AWP66112",
  "TotalReadoutTime": 0.0959097,
  "TxRefAmp": 234.206,
  "WipMemBlock": "6333d286-c2dd-4b31-a0e6-7dd92c5f7c09||Sequence: R016 ve11c/master r/e634e98; Dec 19 2017 11:11:25 by eja",
  "dcmmeta_affine": [
    [-1.712904691696167, -0.06550363451242447, 0.020860573276877403, 123.47516632080078],
    [-0.05926774814724922, 1.6711187362670898, 0.37450990080833435, -101.68362426757812],
    [0.03493664413690567, -0.37662577629089355, 1.6581023931503296, -27.318052291870117],
    [0.0, 0.0, 0.0, 1.0]
],
  "dcmmeta_reorient_transform": [
    [0.0, -1.0, 0.0, 139.0],
    [1.0, 0.0, 0.0, 0.0],
    [0.0, 0.0, 1.0, 0.0],
    [0.0, 0.0, 0.0, 1.0]
],
  "dcmmeta_shape": [140, 140, 81, 103],
  "dcmmeta_slice_dim": 2,
  "dcmmeta_version": 0.6,
  "global": {
    "const": {
      "AccessionNumber": "A003491",
      "AcquisitionMatrix": [140, 0, 0, 140],
      "AngioFlag": "N",
      "BitsAllocated": 16,
      "BitsStored": 16,
      "BodyPartExamined": "BRAIN",
      "Columns": 1260,
      "EchoNumbers": 1,
      "EchoTime": 88.4,
      "EchoTrainLength": 105,
      "FlipAngle": 90.0,
      "HighBit": 15,
      "ImageOrientationPatient": [0.99919436814025, 0.03457285275255, 0.02037970876547, -0.0382104549469, 0.97481926069456, 0.21969836164995],
      "ImagePositionPatient": [-1036.9147266079, -1099.6183239799, -310.14398354141],
      "ImageType": [
        "ORIGINAL",
        "PRIMARY",
        "DIFFUSION",
        "NONE",
        "MB",
        "ND",
        "MOSAIC"
],
      "ImagedNucleus": "1H",
      "ImagingFrequency": 123.252099,
      "InPlanePhaseEncodingDirection": "COL",
      "MRAcquisitionType": "2D",
      "MagneticFieldStrength": 3.0,
      "Manufacturer": "SIEMENS",
      "ManufacturerModelName": "Prisma",
      "Modality": "MR",
      "NumberOfAverages": 1.0,
      "NumberOfPhaseEncodingSteps": 105,
      "PercentPhaseFieldOfView": 100.0,
      "PercentSampling": 100.0,
      "PerformedProcedureStepStartTime": "114622.429000",
      "PhotometricInterpretation": "MONOCHROME2",
      "PixelBandwidth": 1700.0,
      "PixelRepresentation": 0,
      "PixelSpacing": [1.7142857313156, 1.7142857313156],
      "ProtocolName": "dwi_acq-96dir-6b0-mb",
      "RepetitionTime": 4110.0,
      "Rows": 1260,
      "SAR": 0.24656026905862,
      "SamplesPerPixel": 1,
      "ScanOptions": [
        "PFP",
        "FS"
],
      "ScanningSequence": "EP",
      "SequenceVariant": [
        "SK",
        "SS"
],
      "SeriesDescription": "dwi_acq-96dir-6b0-mb",
      "SeriesNumber": 8,
      "SeriesTime": "125632.918000",
      "SliceLocation": -47.530552184837,
      "SliceThickness": 1.7000000476837,
      "SmallestImagePixelValue": 0,
      "SoftwareVersions": "syngo MR E11",
      "SpacingBetweenSlices": 1.6999989571135,
      "SpecificCharacterSet": "ISO_IR 100",
      "StudyID": "1",
      "StudyTime": "114622.367000",
      "TransmitCoilName": "Body",
      "VariableFlipAngleFlag": "N",
      "WindowCenterWidthExplanation": "Algo1",
      "dBdt": 0.0},
