{
  "AcquisitionMatrixPE": 140,
  "AcquisitionNumber": 1,
  "AcquisitionTime": "11:19:32.067500",
  "BandwidthPerPixelPhaseEncode": 10.352,
  "BaseResolution": 140,
  "BodyPartExamined": "BRAIN",
  "ConsistencyInfo": "N4_VE11E_LATEST_20181129",
  "ConversionSoftware": "dcm2niix",
  "ConversionSoftwareVersion": "v1.0.20201102",
  "DerivedVendorReportedEchoSpacing": 0.000689998,
  "DeviceSerialNumber": "66112",
  "DiffusionScheme": "Monopolar",
  "DwellTime": 2.1e-06,
  "EchoTime": 0.0884,
  "EchoTrainLength": 105,
  "EffectiveEchoSpacing": 0.000689998,
  "FlipAngle": 90,
  "ImageComments": "Unaliased MB3/PE3 SENSE1",
  "ImageOrientationPatientDICOM": [0.996547, 0.078645, 0.0266101, -0.0828067, 0.964715, 0.249934],
  "ImageType": [
    "ORIGINAL",
    "PRIMARY",
    "DIFFUSION",
    "NONE",
    "MB",
    "ND",
    "MOSAIC"
],
  "ImagingFrequency": 123.252,
  "InPlanePhaseEncodingDirectionDICOM": "COL",
  "InstitutionAddress": "Maynard 3,Hanover,NH,US,03755",
  "InstitutionName": "Dartmouth College - PBS",
  "InstitutionalDepartmentName": "Department",
  "MRAcquisitionType": "2D",
  "MagneticFieldStrength": 3,
  "Manufacturer": "Siemens",
  "ManufacturersModelName": "Prisma",
  "Modality": "MR",
  "MultibandAccelerationFactor": 3,
  "PartialFourier": 0.75,
  "PatientPosition": "HFS",
  "PercentPhaseFOV": 100,
  "PercentSampling": 100,
  "PhaseEncodingDirection": "j-",
  "PhaseEncodingSteps": 105,
  "PhaseResolution": 1,
  "PixelBandwidth": 1700,
  "ProcedureStepDescription": "Wager_Wager^1076_spacetop",
  "ProtocolName": "dwi_acq-96dir-6b0-mb",
  "PulseSequenceDetails": "%CustomerSeq%\\cmrr_mbep2d_diff",
  "ReceiveCoilActiveElements": "HEA;HEP",
  "ReceiveCoilName": "Head_32",
  "ReconMatrixPE": 140,
  "RepetitionTime": 4.11,
  "SAR": 0.278801,
  "ScanOptions": "PFP\\FS",
  "ScanningSequence": "EP",
  "SequenceName": "ep_b5#1",
  "SequenceVariant": "SK\\SS",
  "SeriesDescription": "dwi_acq-96dir-6b0-mb",
  "SeriesNumber": 8,
  "ShimSetting": [4162, -7845, -7294, 697, -33, -626, 266, 15],
  "SliceThickness": 1.7,
  "SliceTiming": [0, 2.1225, 0.1525, 2.2725, 0.305, 2.425, 0.455, 2.575, 0.6075, 2.7275, 0.7575, 2.88, 0.91, 3.03, 1.06, 3.1825, 1.2125, 3.3325, 1.365, 3.485, 1.515, 3.6375, 1.6675, 3.7875, 1.8175, 3.94, 1.97, 0, 2.1225, 0.1525, 2.2725, 0.305, 2.425, 0.455, 2.575, 0.6075, 2.7275, 0.7575, 2.88, 0.91, 3.03, 1.06, 3.1825, 1.2125, 3.3325, 1.365, 3.485, 1.515, 3.6375, 1.6675, 3.7875, 1.8175, 3.94, 1.97, 0, 2.1225, 0.1525, 2.2725, 0.305, 2.425, 0.455, 2.575, 0.6075, 2.7275, 0.7575, 2.88, 0.91, 3.03, 1.06, 3.1825, 1.2125, 3.3325, 1.365, 3.485, 1.515, 3.6375, 1.6675, 3.7875, 1.8175, 3.94, 1.97],
  "SoftwareVersions": "syngo MR E11",
  "SpacingBetweenSlices": 1.7,
  "StationName": "AWP66112",
  "TotalReadoutTime": 0.0959097,
  "TxRefAmp": 232.532,
  "WipMemBlock": "139c5b5d-1a1c-4cf5-956a-e0b655b6b26b||Sequence: R016 ve11e/master r/434b28f1; Aug  7 2019 19:06:17 by eja",
  "dcmmeta_affine": [
    [-1.708367109298706, -0.14195431768894196, 0.010225613601505756, 131.6521759033203],
    [-0.13481996953487396, 1.65379798412323, 0.42716696858406067, -90.7371826171875],
    [0.0456172339618206, -0.42845848202705383, 1.6454250812530518, -33.638580322265625],
    [0.0, 0.0, 0.0, 1.0]
],
  "dcmmeta_reorient_transform": [
    [0.0, -1.0, 0.0, 139.0],
    [1.0, 0.0, 0.0, 0.0],
    [0.0, 0.0, 1.0, 0.0],
    [0.0, 0.0, 0.0, 1.0]
],
  "dcmmeta_shape": [140, 140, 81, 103],
  "dcmmeta_slice_dim": 2,
  "dcmmeta_version": 0.6,
  "global": {
    "const": {
      "AccessionNumber": "A004238",
      "AcquisitionMatrix": [140, 0, 0, 140],
      "AngioFlag": "N",
      "BitsAllocated": 16,
      "BitsStored": 16,
      "BodyPartExamined": "BRAIN",
      "Columns": 1260,
      "EchoNumbers": 1,
      "EchoTime": 88.4,
      "EchoTrainLength": 105,
      "FlipAngle": 90.0,
      "HighBit": 15,
      "ImageOrientationPatient": [0.99654747571099, 0.07864498527817, 0.02661005345063, -0.0828066882823, 0.96471549945735, 0.24993410628099],
      "ImagePositionPatient": [-989.11168979827, -1140.7668184959, -358.67670579209],
      "ImageType": [
        "ORIGINAL",
        "PRIMARY",
        "DIFFUSION",
        "NONE",
        "MB",
        "ND",
        "MOSAIC"
],
      "ImagedNucleus": "1H",
      "ImagingFrequency": 123.252223,
      "InPlanePhaseEncodingDirection": "COL",
      "MRAcquisitionType": "2D",
      "MagneticFieldStrength": 3.0,
      "Manufacturer": "SIEMENS",
      "ManufacturerModelName": "Prisma",
      "Modality": "MR",
      "NumberOfAverages": 1.0,
      "NumberOfPhaseEncodingSteps": 105,
      "PercentPhaseFieldOfView": 100.0,
      "PercentSampling": 100.0,
      "PerformedProcedureStepStartTime": "105453.153000",
      "PhotometricInterpretation": "MONOCHROME2",
      "PixelBandwidth": 1700.0,
      "PixelRepresentation": 0,
      "PixelSpacing": [1.7142857313156, 1.7142857313156],
      "ProtocolName": "dwi_acq-96dir-6b0-mb",
      "RepetitionTime": 4110.0,
      "Rows": 1260,
      "SAR": 0.27880113292822,
      "SamplesPerPixel": 1,
      "ScanOptions": [
        "PFP",
        "FS"
],
      "ScanningSequence": "EP",
      "SequenceVariant": [
        "SK",
        "SS"
],
      "SeriesDescription": "dwi_acq-96dir-6b0-mb",
      "SeriesNumber": 8,
      "SeriesTime": "112058.693000",
      "SliceLocation": -54.566747685332,
      "SliceThickness": 1.7000000476837,
      "SmallestImagePixelValue": 0,
      "SoftwareVersions": "syngo MR E11",
      "SpacingBetweenSlices": 1.7000000184256,
      "SpecificCharacterSet": "ISO_IR 100",
      "StudyID": "1",
      "StudyTime": "105452.947000",
      "TransmitCoilName": "Body",
      "VariableFlipAngleFlag": "N",
      "WindowCenterWidthExplanation": "Algo1"
    },
