{
  "AcquisitionMatrixPE": 140,
  "AcquisitionNumber": 1,
  "AcquisitionTime": "14:51:56.095000",
  "BandwidthPerPixelPhaseEncode": 10.352,
  "BaseResolution": 140,
  "BodyPartExamined": "BRAIN",
  "ConsistencyInfo": "N4_VE11C_LATEST_20160120",
  "ConversionSoftware": "dcm2niix",
  "ConversionSoftwareVersion": "v1.0.20201102",
  "DerivedVendorReportedEchoSpacing": 0.000689998,
  "DeviceSerialNumber": "66112",
  "DiffusionScheme": "Monopolar",
  "DwellTime": 2.1e-06,
  "EchoTime": 0.0884,
  "EchoTrainLength": 105,
  "EffectiveEchoSpacing": 0.000689998,
  "FlipAngle": 90,
  "ImageComments": "Unaliased MB3/PE3 SENSE1",
  "ImageOrientationPatientDICOM": [0.999592, 0.0104083, -0.0265933, -0.0123875, 0.997078, -0.0753753],
  "ImageType": [
    "ORIGINAL",
    "PRIMARY",
    "DIFFUSION",
    "NONE",
    "MB",
    "ND",
    "MOSAIC"
],
  "ImagingFrequency": 123.252,
  "InPlanePhaseEncodingDirectionDICOM": "COL",
  "InstitutionAddress": "Maynard 3,Hanover,NH,US,03755",
  "InstitutionName": "Dartmouth College - PBS",
  "InstitutionalDepartmentName": "Department",
  "MRAcquisitionType": "2D",
  "MagneticFieldStrength": 3,
  "Manufacturer": "Siemens",
  "ManufacturersModelName": "Prisma",
  "Modality": "MR",
  "MultibandAccelerationFactor": 3,
  "PartialFourier": 0.75,
  "PatientPosition": "HFS",
  "PercentPhaseFOV": 100,
  "PercentSampling": 100,
  "PhaseEncodingDirection": "j-",
  "PhaseEncodingSteps": 105,
  "PhaseResolution": 1,
  "PixelBandwidth": 1700,
  "ProcedureStepDescription": "Wager_Wager^1076_spacetop",
  "ProtocolName": "dwi_acq-96dir-6b0-mb",
  "PulseSequenceDetails": "%CustomerSeq%\\cmrr_mbep2d_diff",
  "ReceiveCoilActiveElements": "HEA;HEP",
  "ReceiveCoilName": "Head_32",
  "ReconMatrixPE": 140,
  "RepetitionTime": 4.11,
  "SAR": 0.206725,
  "ScanOptions": "PFP\\FS",
  "ScanningSequence": "EP",
  "SequenceName": "ep_b5#1",
  "SequenceVariant": "SK\\SS",
  "SeriesDescription": "dwi_acq-96dir-6b0-mb",
  "SeriesNumber": 8,
  "ShimSetting": [4129, -7744, -7234, 537, -87, 45, -69, 59],
  "SliceThickness": 1.7,
  "SliceTiming": [0, 2.1225, 0.1525, 2.2725, 0.3025, 2.425, 0.455, 2.575, 0.6075, 2.7275, 0.7575, 2.88, 0.91, 3.03, 1.06, 3.1825, 1.2125, 3.3325, 1.365, 3.485, 1.515, 3.635, 1.6675, 3.7875, 1.8175, 3.94, 1.97, 0, 2.1225, 0.1525, 2.2725, 0.3025, 2.425, 0.455, 2.575, 0.6075, 2.7275, 0.7575, 2.88, 0.91, 3.03, 1.06, 3.1825, 1.2125, 3.3325, 1.365, 3.485, 1.515, 3.635, 1.6675, 3.7875, 1.8175, 3.94, 1.97, 0, 2.1225, 0.1525, 2.2725, 0.3025, 2.425, 0.455, 2.575, 0.6075, 2.7275, 0.7575, 2.88, 0.91, 3.03, 1.06, 3.1825, 1.2125, 3.3325, 1.365, 3.485, 1.515, 3.635, 1.6675, 3.7875, 1.8175, 3.94, 1.97],
  "SoftwareVersions": "syngo MR E11",
  "SpacingBetweenSlices": 1.7,
  "StationName": "AWP66112",
  "TotalReadoutTime": 0.0959097,
  "TxRefAmp": 257.728,
  "WipMemBlock": "96112c44-cc03-4e8d-b027-eda2ac1d23dc||Sequence: R016 ve11c/master r/e634e98; Dec 19 2017 11:11:25 by eja",
  "dcmmeta_affine": [
    [-1.7135865688323975, -0.021235642954707146, -0.04374276474118233, 127.71148681640625],
    [-0.017842870205640793, 1.7092770338058472, -0.12864579260349274, -85.37362670898438],
    [-0.04558845981955528, 0.1292148232460022, 1.6945610046386719, -43.83799743652344],
    [0.0, 0.0, 0.0, 1.0]
],
  "dcmmeta_reorient_transform": [
    [0.0, -1.0, 0.0, 139.0],
    [1.0, 0.0, 0.0, 0.0],
    [0.0, 0.0, 1.0, 0.0],
    [0.0, 0.0, 0.0, 1.0]
],
  "dcmmeta_shape": [140, 140, 81, 103],
  "dcmmeta_slice_dim": 2,
  "dcmmeta_version": 0.6,
  "global": {
    "const": {
      "AccessionNumber": "A003446",
      "AcquisitionMatrix": [140, 0, 0, 140],
      "AngioFlag": "N",
      "BitsAllocated": 16,
      "BitsStored": 16,
      "BodyPartExamined": "BRAIN",
      "Columns": 1260,
      "EchoNumbers": 1,
      "EchoTime": 88.4,
      "EchoTrainLength": 105,
      "FlipAngle": 90.0,
      "HighBit": 15,
      "ImageOrientationPatient": [0.99959214908024, 0.01040834046225, -0.0265932688094, -0.0123874584485, 0.9970782884507, -0.0753753114315],
      "ImagePositionPatient": [-1072.4762429663, -1119.4030577518, 72.012698766193],
      "ImageType": [
        "ORIGINAL",
        "PRIMARY",
        "DIFFUSION",
        "NONE",
        "MB",
        "ND",
        "MOSAIC"
],
      "ImagedNucleus": "1H",
      "ImagingFrequency": 123.252104,
      "InPlanePhaseEncodingDirection": "COL",
      "MRAcquisitionType": "2D",
      "MagneticFieldStrength": 3.0,
      "Manufacturer": "SIEMENS",
      "ManufacturerModelName": "Prisma",
      "Modality": "MR",
      "NumberOfAverages": 1.0,
      "NumberOfPhaseEncodingSteps": 105,
      "PercentPhaseFieldOfView": 100.0,
      "PercentSampling": 100.0,
      "PerformedProcedureStepStartTime": "135910.764000",
      "PhotometricInterpretation": "MONOCHROME2",
      "PixelBandwidth": 1700.0,
      "PixelRepresentation": 0,
      "PixelSpacing": [1.7142857313156, 1.7142857313156],
      "ProtocolName": "dwi_acq-96dir-6b0-mb",
      "RepetitionTime": 4110.0,
      "Rows": 1260,
      "SAR": 0.20672488624698,
      "SamplesPerPixel": 1,
      "ScanOptions": [
        "PFP",
        "FS"
],
      "ScanningSequence": "EP",
      "SequenceVariant": [
        "SK",
        "SS"
],
      "SeriesDescription": "dwi_acq-96dir-6b0-mb",
      "SeriesNumber": 8,
      "SeriesTime": "145329.078000",
      "SliceLocation": -40.523328135552,
      "SliceThickness": 1.7000000476837,
      "SmallestImagePixelValue": 0,
      "SoftwareVersions": "syngo MR E11",
      "SpacingBetweenSlices": 1.7000000008471,
      "SpecificCharacterSet": "ISO_IR 100",
      "StudyID": "1",
      "StudyTime": "135910.610000",
      "TransmitCoilName": "Body",
      "VariableFlipAngleFlag": "N",
      "WindowCenterWidthExplanation": "Algo1",
      "dBdt": 0.0},
