{
  "AcquisitionMatrixPE": 82,
  "AcquisitionNumber": 1,
  "AcquisitionTime": "08:33:14.337500",
  "BandwidthPerPixelPhaseEncode": 24.888,
  "BaseResolution": 82,
  "BodyPartExamined": "BRAIN",
  "ConsistencyInfo": "N4_VE11E_LATEST_20181129",
  "ConversionSoftware": "dcm2niix",
  "ConversionSoftwareVersion": "v1.0.20201102",
  "DerivedVendorReportedEchoSpacing": 0.00049,
  "DeviceSerialNumber": "66112",
  "DwellTime": 2e-06,
  "EchoTime": 0.073,
  "EchoTrainLength": 82,
  "EffectiveEchoSpacing": 0.00049,
  "FlipAngle": 90,
  "ImageOrientationPatientDICOM": [0.9996, 0.0277407, -0.00547512, -0.0270484, 0.994542, 0.100765],
  "ImageType": [
    "ORIGINAL",
    "PRIMARY",
    "M",
    "ND",
    "NORM",
    "MOSAIC"
],
  "ImagingFrequency": 123.252,
  "InPlanePhaseEncodingDirectionDICOM": "COL",
  "InstitutionAddress": "Maynard 3,Hanover,NH,US,03755",
  "InstitutionName": "Dartmouth College - PBS",
  "InstitutionalDepartmentName": "Department",
  "IntendedFor": [
    "ses-02/func/sub-0078_ses-02_task-faces_acq-mb8_run-01_bold.nii.gz",
    "ses-02/func/sub-0078_ses-02_task-faces_acq-mb8_run-02_bold.nii.gz",
    "ses-02/func/sub-0078_ses-02_task-faces_acq-mb8_run-03_bold.nii.gz",
    "ses-02/func/sub-0078_ses-02_task-narratives_acq-mb8_run-01_bold.nii.gz",
    "ses-02/func/sub-0078_ses-02_task-narratives_acq-mb8_run-02_bold.nii.gz",
    "ses-02/func/sub-0078_ses-02_task-narratives_acq-mb8_run-03_bold.nii.gz",
    "ses-02/func/sub-0078_ses-02_task-narratives_acq-mb8_run-04_bold.nii.gz"
],
  "MRAcquisitionType": "2D",
  "MagneticFieldStrength": 3,
  "Manufacturer": "Siemens",
  "ManufacturersModelName": "Prisma",
  "Modality": "MR",
  "PartialFourier": 1,
  "PatientPosition": "HFS",
  "PercentPhaseFOV": 100,
  "PercentSampling": 100,
  "PhaseEncodingDirection": "j",
  "PhaseEncodingSteps": 82,
  "PhaseResolution": 1,
  "PixelBandwidth": 3050,
  "ProcedureStepDescription": "Wager_Wager^1076_spacetop",
  "ProtocolName": "fmap-epi_dir-pa_acq-mb8_run-01",
  "PulseSequenceDetails": "%CustomerSeq%\\cmrr_mbep2d_se",
  "ReceiveCoilActiveElements": "HEA;HEP",
  "ReceiveCoilName": "Head_32",
  "ReconMatrixPE": 82,
  "RepetitionTime": 7.22,
  "SAR": 0.117485,
  "ScanOptions": "FS",
  "ScanningSequence": "EP",
  "SequenceName": "epse2d1_82",
  "SequenceVariant": "SK",
  "SeriesDescription": "fmap-epi_dir-pa_acq-mb8_run-01",
  "SeriesNumber": 6,
  "ShimSetting": [4138, -7763, -7227, 803, -82, -182, -73, 91],
  "SliceThickness": 2.7,
  "SliceTiming": [3.6, 0, 3.7275, 0.1275, 3.8575, 0.2575, 3.985, 0.385, 4.1125, 0.5125, 4.2425, 0.6425, 4.37, 0.77, 4.5, 0.9, 4.6275, 1.0275, 4.7575, 1.1575, 4.885, 1.285, 5.0125, 1.4125, 5.1425, 1.5425, 5.27, 1.67, 5.4, 1.8, 5.5275, 1.9275, 5.6575, 2.0575, 5.785, 2.185, 5.9125, 2.3125, 6.0425, 2.4425, 6.17, 2.57, 6.3, 2.7, 6.4275, 2.8275, 6.5575, 2.9575, 6.685, 3.085, 6.8125, 3.2125, 6.9425, 3.3425, 7.07, 3.47],
  "SoftwareVersions": "syngo MR E11",
  "SpacingBetweenSlices": 2.7,
  "StationName": "AWP66112",
  "TotalReadoutTime": 0.03969,
  "TxRefAmp": 230.667,
  "WipMemBlock": "5877863e-7306-41e3-8dab-c5b058e5cb2a||Sequence: R016 ve11e/master r/434b28f1; Aug  7 2019 19:20:16 by eja",
  "dcmmeta_affine": [
    [-2.681854248046875, -0.07256900519132614, -0.022249452769756317, 114.79528045654297],
    [-0.07442634552717209, 2.6682848930358887, 0.27155742049217224, -102.05162048339844],
    [-0.014689341187477112, -0.27034565806388855, 2.6862170696258545, -53.598201751708984],
    [0.0, 0.0, 0.0, 1.0]
],
  "dcmmeta_reorient_transform": [
    [0.0, -1.0, 0.0, 81.0],
    [1.0, 0.0, 0.0, 0.0],
    [0.0, 0.0, 1.0, 0.0],
    [0.0, 0.0, 0.0, 1.0]
],
  "dcmmeta_shape": [82, 82, 56, 2],
  "dcmmeta_slice_dim": 2,
  "dcmmeta_version": 0.6,
  "global": {
    "const": {
      "AccessionNumber": "A004051",
      "AcquisitionMatrix": [82, 0, 0, 82],
      "AngioFlag": "N",
      "BitsAllocated": 16,
      "BitsStored": 16,
      "BodyPartExamined": "BRAIN",
      "Columns": 656,
      "EchoNumbers": 1,
      "EchoTime": 73.0,
      "EchoTrainLength": 82,
      "FlipAngle": 90.0,
      "HighBit": 15,
      "ImageOrientationPatient": [0.99960015757469, 0.02774072926177, -0.0054751179598, -0.0270484475834, 0.99454248557865, 0.10076520164409],
      "ImagePositionPatient": [-857.78202634265, -901.23753746566, -148.86956549739],
      "ImageType": [
        "ORIGINAL",
        "PRIMARY",
        "M",
        "ND",
        "NORM",
        "MOSAIC"
],
      "ImagedNucleus": "1H",
      "ImagingFrequency": 123.252187,
      "InPlanePhaseEncodingDirection": "COL",
      "MRAcquisitionType": "2D",
      "MagneticFieldStrength": 3.0,
      "Manufacturer": "SIEMENS",
      "ManufacturerModelName": "Prisma",
      "Modality": "MR",
      "NumberOfAverages": 1.0,
      "NumberOfPhaseEncodingSteps": 82,
      "PercentPhaseFieldOfView": 100.0,
      "PercentSampling": 100.0,
      "PerformedProcedureStepStartTime": "082217.410000",
      "PhotometricInterpretation": "MONOCHROME2",
      "PixelBandwidth": 3050.0,
      "PixelRepresentation": 0,
      "PixelSpacing": [2.6829268932343, 2.6829268932343],
      "ProtocolName": "fmap-epi_dir-pa_acq-mb8_run-01",
      "RepetitionTime": 7220.0,
      "Rows": 656,
      "SAR": 0.11748542324649,
      "SamplesPerPixel": 1,
      "ScanOptions": "FS",
      "ScanningSequence": "EP",
      "SequenceName": "epse2d1_82",
      "SequenceVariant": "SK",
      "SeriesDescription": "fmap-epi_dir-pa_acq-mb8_run-01",
      "SeriesNumber": 6,
      "SeriesTime": "083325.339000",
      "SliceLocation": -64.534592780594,
      "SliceThickness": 2.7000000476837,
      "SmallestImagePixelValue": 0,
      "SoftwareVersions": "syngo MR E11",
      "SpacingBetweenSlices": 2.7000000557494,
      "SpecificCharacterSet": "ISO_IR 100",
      "StudyID": "2",
      "StudyTime": "082217.297000",
      "TransmitCoilName": "Body",
      "VariableFlipAngleFlag": "N",
      "WindowCenterWidthExplanation": "Algo1"
    },
    "slices": {}
  },
  "time": {
    "samples": {
      "AcquisitionNumber": [1, 2],
      "AcquisitionTime": ["083314.337500", "083321.557500"],
      "ContentTime": ["083325.348000", "083325.352000"],
      "InstanceCreationTime": ["083325.348000", "083325.352000"],
      "InstanceNumber": [1, 2],
      "LargestImagePixelValue": [43718, 42289],
      "WindowCenter": [6389.0, 6372.0],
      "WindowWidth": [13954.0, 13929.0]
    },
    "slices": {}
  }
}