{
  "AcquisitionMatrixPE": 82,
  "AcquisitionNumber": 1,
  "AcquisitionTime": "15:17:26.330000",
  "BandwidthPerPixelPhaseEncode": 24.888,
  "BaseResolution": 82,
  "BodyPartExamined": "BRAIN",
  "ConsistencyInfo": "N4_VE11E_LATEST_20181129",
  "ConversionSoftware": "dcm2niix",
  "ConversionSoftwareVersion": "v1.0.20201102",
  "DerivedVendorReportedEchoSpacing": 0.00049,
  "DeviceSerialNumber": "66112",
  "DwellTime": 2e-06,
  "EchoTime": 0.073,
  "EchoTrainLength": 82,
  "EffectiveEchoSpacing": 0.00049,
  "FlipAngle": 90,
  "ImageOrientationPatientDICOM": [0.994975, 0.0964349, 0.0269242, -0.100013, 0.969857, 0.222205],
  "ImageType": [
    "ORIGINAL",
    "PRIMARY",
    "M",
    "ND",
    "NORM",
    "MOSAIC"
],
  "ImagingFrequency": 123.252,
  "InPlanePhaseEncodingDirectionDICOM": "COL",
  "InstitutionAddress": "Maynard 3,Hanover,NH,US,03755",
  "InstitutionName": "Dartmouth College - PBS",
  "InstitutionalDepartmentName": "Department",
  "IntendedFor": [
    "ses-04/func/sub-0060_ses-04_task-alignvideo_acq-mb8_run-01_bold.nii.gz",
    "ses-04/func/sub-0060_ses-04_task-alignvideo_acq-mb8_run-02_bold.nii.gz"
],
  "MRAcquisitionType": "2D",
  "MagneticFieldStrength": 3,
  "Manufacturer": "Siemens",
  "ManufacturersModelName": "Prisma",
  "Modality": "MR",
  "PartialFourier": 1,
  "PatientPosition": "HFS",
  "PercentPhaseFOV": 100,
  "PercentSampling": 100,
  "PhaseEncodingDirection": "j",
  "PhaseEncodingSteps": 82,
  "PhaseResolution": 1,
  "PixelBandwidth": 3050,
  "ProcedureStepDescription": "Wager_Wager^1076_spacetop",
  "ProtocolName": "fmap-epi_dir-pa_acq-mb8_run-02",
  "PulseSequenceDetails": "%CustomerSeq%\\cmrr_mbep2d_se",
  "ReceiveCoilActiveElements": "HEA;HEP",
  "ReceiveCoilName": "Head_32",
  "ReconMatrixPE": 82,
  "RepetitionTime": 7.22,
  "SAR": 0.148299,
  "ScanOptions": "FS",
  "ScanningSequence": "EP",
  "SequenceName": "epse2d1_82",
  "SequenceVariant": "SK",
  "SeriesDescription": "fmap-epi_dir-pa_acq-mb8_run-02",
  "SeriesNumber": 28,
  "ShimSetting": [4144, -7740, -7261, 705, -31, 6, -37, 70],
  "SliceThickness": 2.7,
  "SliceTiming": [3.6, 0, 3.73, 0.13, 3.8575, 0.2575, 3.9875, 0.3875, 4.115, 0.515, 4.2425, 0.645, 4.3725, 0.7725, 4.5, 0.9, 4.63, 1.03, 4.7575, 1.1575, 4.8875, 1.2875, 5.015, 1.415, 5.1425, 1.545, 5.2725, 1.6725, 5.4, 1.8, 5.53, 1.93, 5.6575, 2.0575, 5.7875, 2.1875, 5.915, 2.315, 6.0425, 2.445, 6.1725, 2.5725, 6.3, 2.7, 6.43, 2.83, 6.5575, 2.9575, 6.6875, 3.0875, 6.815, 3.215, 6.9425, 3.345, 7.0725, 3.4725],
  "SoftwareVersions": "syngo MR E11",
  "SpacingBetweenSlices": 2.7,
  "StationName": "AWP66112",
  "TotalReadoutTime": 0.03969,
  "TxRefAmp": 233.926,
  "WipMemBlock": "e43d6092-bd02-4fb1-9fd5-2a70b3d1892f||Sequence: R016 ve11e/master r/434b28f1; Aug  7 2019 19:20:16 by eja",
  "dcmmeta_affine": [
    [-2.669445276260376, -0.26832839846611023, 0.012647551484405994, 120.6993408203125],
    [-0.2587278485298157, 2.602055072784424, 0.6042090058326721, -101.98320007324219],
    [0.0722355768084526, -0.5961595177650452, 2.6314961910247803, -36.354888916015625],
    [0.0, 0.0, 0.0, 1.0]
],
  "dcmmeta_reorient_transform": [
    [0.0, -1.0, 0.0, 81.0],
    [1.0, 0.0, 0.0, 0.0],
    [0.0, 0.0, 1.0, 0.0],
    [0.0, 0.0, 0.0, 1.0]
],
  "dcmmeta_shape": [82, 82, 56, 2],
  "dcmmeta_slice_dim": 2,
  "dcmmeta_version": 0.6,
  "global": {
    "const": {
      "AccessionNumber": "A004114",
      "AcquisitionMatrix": [82, 0, 0, 82],
      "AngioFlag": "N",
      "BitsAllocated": 16,
      "BitsStored": 16,
      "BodyPartExamined": "BRAIN",
      "Columns": 656,
      "EchoNumbers": 1,
      "EchoTime": 73.0,
      "EchoTrainLength": 82,
      "FlipAngle": 90.0,
      "HighBit": 15,
      "ImageOrientationPatient": [0.99497507269191, 0.09643492027618, 0.02692416893909, -0.1000133104085, 0.96985685607295, 0.22220489749201],
      "ImagePositionPatient": [-788.08531510158, -929.82794309067, -276.47319245096],
      "ImageType": [
        "ORIGINAL",
        "PRIMARY",
        "M",
        "ND",
        "NORM",
        "MOSAIC"
],
      "ImagedNucleus": "1H",
      "ImagingFrequency": 123.252189,
      "InPlanePhaseEncodingDirection": "COL",
      "MRAcquisitionType": "2D",
      "MagneticFieldStrength": 3.0,
      "Manufacturer": "SIEMENS",
      "ManufacturerModelName": "Prisma",
      "Modality": "MR",
      "NumberOfAverages": 1.0,
      "NumberOfPhaseEncodingSteps": 82,
      "PercentPhaseFieldOfView": 100.0,
      "PercentSampling": 100.0,
      "PerformedProcedureStepStartTime": "135654.250000",
      "PhotometricInterpretation": "MONOCHROME2",
      "PixelBandwidth": 3050.0,
      "PixelRepresentation": 0,
      "PixelSpacing": [2.6829268932343, 2.6829268932343],
      "ProtocolName": "fmap-epi_dir-pa_acq-mb8_run-02",
      "RepetitionTime": 7220.0,
      "Rows": 656,
      "SAR": 0.14829914436868,
      "SamplesPerPixel": 1,
      "ScanOptions": "FS",
      "ScanningSequence": "EP",
      "SequenceName": "epse2d1_82",
      "SequenceVariant": "SK",
      "SeriesDescription": "fmap-epi_dir-pa_acq-mb8_run-02",
      "SeriesNumber": 28,
      "SeriesTime": "151737.517000",
      "SliceLocation": -57.689022548173,
      "SliceThickness": 2.7000000476837,
      "SmallestImagePixelValue": 0,
      "SoftwareVersions": "syngo MR E11",
      "SpacingBetweenSlices": 2.7000000197607,
      "SpecificCharacterSet": "ISO_IR 100",
      "StudyID": "1",
      "StudyTime": "135654.192000",
      "TransmitCoilName": "Body",
      "VariableFlipAngleFlag": "N",
      "WindowCenterWidthExplanation": "Algo1"
    },
    "slices": {}
  },
  "time": {
    "samples": {
      "AcquisitionNumber": [1, 2],
      "AcquisitionTime": ["151726.330000", "151733.550000"],
      "ContentTime": ["151737.521000", "151737.524000"],
      "InstanceCreationTime": ["151737.521000", "151737.524000"],
      "InstanceNumber": [1, 2],
      "LargestImagePixelValue": [58225, 58083],
      "WindowCenter": [6417.0, 6418.0],
      "WindowWidth": [14032.0, 14037.0]
    },
    "slices": {}
  }
}