{
  "AcquisitionMatrixPE": 82,
  "AcquisitionNumber": 1,
  "AcquisitionTime": "17:11:27.115000",
  "BandwidthPerPixelPhaseEncode": 24.888,
  "BaseResolution": 82,
  "BodyPartExamined": "BRAIN",
  "ConsistencyInfo": "N4_VE11C_LATEST_20160120",
  "ConversionSoftware": "dcm2niix",
  "ConversionSoftwareVersion": "v1.0.20201102",
  "DerivedVendorReportedEchoSpacing": 0.00049,
  "DeviceSerialNumber": "66112",
  "DwellTime": 2e-06,
  "EchoTime": 0.073,
  "EchoTrainLength": 82,
  "EffectiveEchoSpacing": 0.00049,
  "FlipAngle": 90,
  "ImageOrientationPatientDICOM": [0.982073, 0.185851, 0.0314937, -0.1845, 0.981958, -0.0414469],
  "ImageType": [
    "ORIGINAL",
    "PRIMARY",
    "M",
    "ND",
    "NORM",
    "MOSAIC"
],
  "ImagingFrequency": 123.252,
  "InPlanePhaseEncodingDirectionDICOM": "COL",
  "InstitutionAddress": "Maynard 3,Hanover,NH,US,03755",
  "InstitutionName": "Dartmouth College - PBS",
  "InstitutionalDepartmentName": "Department",
  "IntendedFor": [
    "ses-01/func/sub-0043_ses-01_task-social_acq-mb8_run-01_bold.nii.gz",
    "ses-01/func/sub-0043_ses-01_task-social_acq-mb8_run-02_bold.nii.gz",
    "ses-01/func/sub-0043_ses-01_task-social_acq-mb8_run-03_bold.nii.gz",
    "ses-01/func/sub-0043_ses-01_task-social_acq-mb8_run-04_bold.nii.gz",
    "ses-01/func/sub-0043_ses-01_task-social_acq-mb8_run-05_bold.nii.gz",
    "ses-01/func/sub-0043_ses-01_task-social_acq-mb8_run-06_bold.nii.gz",
    "ses-01/func/sub-0043_ses-01_task-social_acq-mb8_run-06_bold__dup-01.nii.gz",
    "ses-01/func/sub-0043_ses-01_task-social_acq-mb8_run-06_sbref__dup-01.nii.gz"
],
  "MRAcquisitionType": "2D",
  "MagneticFieldStrength": 3,
  "Manufacturer": "Siemens",
  "ManufacturersModelName": "Prisma",
  "Modality": "MR",
  "PartialFourier": 1,
  "PatientPosition": "HFS",
  "PercentPhaseFOV": 100,
  "PercentSampling": 100,
  "PhaseEncodingDirection": "j-",
  "PhaseEncodingSteps": 82,
  "PhaseResolution": 1,
  "PixelBandwidth": 3050,
  "ProcedureStepDescription": "Wager_Wager^1076_spacetop",
  "ProtocolName": "fmap-epi_dir-ap_acq-mb8_run-01",
  "PulseSequenceDetails": "%CustomerSeq%\\cmrr_mbep2d_se",
  "ReceiveCoilActiveElements": "HEA;HEP",
  "ReceiveCoilName": "Head_32",
  "ReconMatrixPE": 82,
  "RepetitionTime": 7.22,
  "SAR": 0.138894,
  "ScanOptions": "FS",
  "ScanningSequence": "EP",
  "SequenceName": "epse2d1_82",
  "SequenceVariant": "SK",
  "SeriesDescription": "fmap-epi_dir-ap_acq-mb8_run-01",
  "SeriesNumber": 9,
  "ShimSetting": [4142, -7770, -7282, 609, -143, -326, -32, 99],
  "SliceThickness": 2.7,
  "SliceTiming": [3.6, 0, 3.73, 0.13, 3.8575, 0.2575, 3.985, 0.3875, 4.115, 0.515, 4.2425, 0.6425, 4.3725, 0.7725, 4.5, 0.9, 4.63, 1.03, 4.7575, 1.1575, 4.885, 1.2875, 5.015, 1.415, 5.1425, 1.5425, 5.2725, 1.6725, 5.4, 1.8, 5.53, 1.93, 5.6575, 2.0575, 5.785, 2.185, 5.915, 2.315, 6.0425, 2.4425, 6.1725, 2.5725, 6.3, 2.7, 6.43, 2.83, 6.5575, 2.9575, 6.685, 3.085, 6.815, 3.215, 6.9425, 3.3425, 7.0725, 3.4725],
  "SoftwareVersions": "syngo MR E11",
  "SpacingBetweenSlices": 2.7,
  "StationName": "AWP66112",
  "TotalReadoutTime": 0.03969,
  "TxRefAmp": 236.381,
  "WipMemBlock": "637c0339-6cd3-49bd-867e-da3dd34a9d50||Sequence: R016 ve11c/master r/e634e98; Dec 19 2017 11:22:56 by eja",
  "dcmmeta_affine": [
    [-2.6348304748535156, -0.4949992895126343, 0.10429681837558746, 122.90933990478516],
    [-0.49862363934516907, 2.6345221996307373, -0.09421184659004211, -71.81011199951172],
    [0.08449536561965942, 0.11119892448186874, 2.6963393688201904, -85.39872741699219],
    [0.0, 0.0, 0.0, 1.0]
],
  "dcmmeta_reorient_transform": [
    [0.0, -1.0, 0.0, 81.0],
    [1.0, 0.0, 0.0, 0.0],
    [0.0, 0.0, 1.0, 0.0],
    [0.0, 0.0, 0.0, 1.0]
],
  "dcmmeta_shape": [82, 82, 56, 2],
  "dcmmeta_slice_dim": 2,
  "dcmmeta_version": 0.6,
  "global": {
    "const": {
      "AccessionNumber": "A003811",
      "AcquisitionMatrix": [82, 0, 0, 82],
      "AngioFlag": "N",
      "BitsAllocated": 16,
      "BitsStored": 16,
      "BodyPartExamined": "BRAIN",
      "Columns": 656,
      "EchoNumbers": 1,
      "EchoTime": 73.0,
      "EchoTrainLength": 82,
      "FlipAngle": 90.0,
      "HighBit": 15,
      "ImageOrientationPatient": [0.98207316004239, 0.18585062169845, 0.03149372538551, -0.1844997321501, 0.98195825051505, -0.0414468705933],
      "ImagePositionPatient": [-696.9459497501, -1040.7990407592, -68.727689833059],
      "ImageType": [
        "ORIGINAL",
        "PRIMARY",
        "M",
        "ND",
        "NORM",
        "MOSAIC"
],
      "ImagedNucleus": "1H",
      "ImagingFrequency": 123.25223,
      "InPlanePhaseEncodingDirection": "COL",
      "MRAcquisitionType": "2D",
      "MagneticFieldStrength": 3.0,
      "Manufacturer": "SIEMENS",
      "ManufacturerModelName": "Prisma",
      "Modality": "MR",
      "NumberOfAverages": 1.0,
      "NumberOfPhaseEncodingSteps": 82,
      "PercentPhaseFieldOfView": 100.0,
      "PercentSampling": 100.0,
      "PerformedProcedureStepStartTime": "163646.553000",
      "PhotometricInterpretation": "MONOCHROME2",
      "PixelBandwidth": 3050.0,
      "PixelRepresentation": 0,
      "PixelSpacing": [2.6829268932343, 2.6829268932343],
      "ProtocolName": "fmap-epi_dir-ap_acq-mb8_run-01",
      "RepetitionTime": 7220.0,
      "Rows": 656,
      "SAR": 0.13889373549713,
      "SamplesPerPixel": 1,
      "ScanOptions": "FS",
      "ScanningSequence": "EP",
      "SequenceName": "epse2d1_82",
      "SequenceVariant": "SK",
      "SeriesDescription": "fmap-epi_dir-ap_acq-mb8_run-01",
      "SeriesNumber": 9,
      "SeriesTime": "171138.744000",
      "SliceLocation": -78.02945659622,
      "SliceThickness": 2.7000000476837,
      "SmallestImagePixelValue": 0,
      "SoftwareVersions": "syngo MR E11",
      "SpacingBetweenSlices": 2.6999999901964,
      "SpecificCharacterSet": "ISO_IR 100",
      "StudyID": "1",
      "StudyTime": "163646.512000",
      "TransmitCoilName": "Body",
      "VariableFlipAngleFlag": "N",
      "WindowCenterWidthExplanation": "Algo1",
      "dBdt": 0.0},
    "slices": {}
  },
  "time": {
    "samples": {
      "AcquisitionNumber": [1, 2],
      "AcquisitionTime": ["171127.115000", "171134.335000"],
      "ContentTime": ["171138.748000", "171138.752000"],
      "InstanceCreationTime": ["171138.748000", "171138.752000"],
      "InstanceNumber": [1, 2],
      "LargestImagePixelValue": [58719, 63383],
      "WindowCenter": [6853.0, 6909.0],
      "WindowWidth": [15084.0, 15191.0]
    },
    "slices": {}
  }
}