{
  "AcquisitionMatrixPE": 82,
  "AcquisitionNumber": 1,
  "AcquisitionTime": "12:10:49.912500",
  "BandwidthPerPixelPhaseEncode": 24.888,
  "BaseResolution": 82,
  "BodyPartExamined": "BRAIN",
  "ConsistencyInfo": "N4_VE11C_LATEST_20160120",
  "ConversionSoftware": "dcm2niix",
  "ConversionSoftwareVersion": "v1.0.20201102",
  "DerivedVendorReportedEchoSpacing": 0.00049,
  "DeviceSerialNumber": "66112",
  "DwellTime": 2e-06,
  "EchoTime": 0.073,
  "EchoTrainLength": 82,
  "EffectiveEchoSpacing": 0.00049,
  "FlipAngle": 90,
  "ImageOrientationPatientDICOM": [0.9998, 0.0186801, 0.00716731, -0.0195463, 0.988417, 0.150497],
  "ImageType": [
    "ORIGINAL",
    "PRIMARY",
    "M",
    "ND",
    "NORM",
    "MOSAIC"
],
  "ImagingFrequency": 123.252,
  "InPlanePhaseEncodingDirectionDICOM": "COL",
  "InstitutionAddress": "Maynard 3,Hanover,NH,US,03755",
  "InstitutionName": "Dartmouth College - PBS",
  "InstitutionalDepartmentName": "Department",
  "IntendedFor": [
    "ses-02/func/sub-0003_ses-02_task-faces_acq-mb8_run-01_bold.nii.gz",
    "ses-02/func/sub-0003_ses-02_task-faces_acq-mb8_run-02_bold.nii.gz",
    "ses-02/func/sub-0003_ses-02_task-faces_acq-mb8_run-03_bold.nii.gz",
    "ses-02/func/sub-0003_ses-02_task-narratives_acq-mb8_run-01_bold.nii.gz",
    "ses-02/func/sub-0003_ses-02_task-narratives_acq-mb8_run-02_bold.nii.gz",
    "ses-02/func/sub-0003_ses-02_task-narratives_acq-mb8_run-03_bold.nii.gz",
    "ses-02/func/sub-0003_ses-02_task-narratives_acq-mb8_run-04_bold.nii.gz"
],
  "MRAcquisitionType": "2D",
  "MagneticFieldStrength": 3,
  "Manufacturer": "Siemens",
  "ManufacturersModelName": "Prisma",
  "Modality": "MR",
  "PartialFourier": 1,
  "PatientPosition": "HFS",
  "PercentPhaseFOV": 100,
  "PercentSampling": 100,
  "PhaseEncodingDirection": "j-",
  "PhaseEncodingSteps": 82,
  "PhaseResolution": 1,
  "PixelBandwidth": 3050,
  "ProcedureStepDescription": "Wager_Wager^1076_spacetop",
  "ProtocolName": "func_task-discorr_acq-ap",
  "PulseSequenceDetails": "%CustomerSeq%\\cmrr_mbep2d_se",
  "ReceiveCoilActiveElements": "HEA;HEP",
  "ReceiveCoilName": "Head_32",
  "ReconMatrixPE": 82,
  "RepetitionTime": 7.22,
  "SAR": 0.177556,
  "ScanOptions": "FS",
  "ScanningSequence": "EP",
  "SequenceName": "epse2d1_82",
  "SequenceVariant": "SK",
  "SeriesDescription": "func_task-discorr_acq-ap",
  "SeriesNumber": 5,
  "ShimSetting": [4153, -7750, -7256, 545, -20, -11, 56, 78],
  "SliceThickness": 2.7,
  "SliceTiming": [3.6, 0, 3.73, 0.13, 3.8575, 0.2575, 3.9875, 0.3875, 4.115, 0.515, 4.245, 0.645, 4.3725, 0.7725, 4.5, 0.9, 4.63, 1.03, 4.7575, 1.1575, 4.8875, 1.2875, 5.015, 1.415, 5.145, 1.545, 5.2725, 1.6725, 5.4, 1.8, 5.53, 1.93, 5.6575, 2.0575, 5.7875, 2.1875, 5.915, 2.315, 6.045, 2.445, 6.1725, 2.5725, 6.3, 2.7, 6.43, 2.83, 6.5575, 2.9575, 6.6875, 3.0875, 6.815, 3.215, 6.945, 3.345, 7.0725, 3.4725],
  "SoftwareVersions": "syngo MR E11",
  "SpacingBetweenSlices": 2.7,
  "StationName": "AWP66112",
  "TotalReadoutTime": 0.03969,
  "TxRefAmp": 250.1,
  "WipMemBlock": "07a47b08-ba27-4b2c-ac9d-2b00be9463a4||Sequence: R016 ve11c/master r/e634e98; Dec 19 2017 11:22:56 by eja",
  "dcmmeta_affine": [
    [-2.682389736175537, -0.05244136601686478, 0.011537091806530952, 114.67627716064453],
    [-0.050117410719394684, 2.651851177215576, 0.4066378176212311, -95.9087905883789],
    [0.01922936737537384, -0.40377146005630493, 2.6691782474517822, -37.86857986450195],
    [0.0, 0.0, 0.0, 1.0]
],
  "dcmmeta_reorient_transform": [
    [0.0, -1.0, 0.0, 81.0],
    [1.0, 0.0, 0.0, 0.0],
    [0.0, 0.0, 1.0, 0.0],
    [0.0, 0.0, 0.0, 1.0]
],
  "dcmmeta_shape": [82, 82, 56, 2],
  "dcmmeta_slice_dim": 2,
  "dcmmeta_version": 0.6,
  "global": {
    "const": {
      "AccessionNumber": "A003450",
      "AcquisitionMatrix": [82, 0, 0, 82],
      "AngioFlag": "N",
      "BitsAllocated": 16,
      "BitsStored": 16,
      "BodyPartExamined": "BRAIN",
      "Columns": 656,
      "EchoNumbers": 1,
      "EchoTime": 73.0,
      "EchoTrainLength": 82,
      "FlipAngle": 90.0,
      "HighBit": 15,
      "ImageOrientationPatient": [0.99979982126622, 0.01868012494099, 0.00716730969253, -0.0195463268616, 0.98841727311871, 0.15049662888847],
      "ImagePositionPatient": [-865.22373617798, -894.35617739854, -191.9753025844],
      "ImageType": [
        "ORIGINAL",
        "PRIMARY",
        "M",
        "ND",
        "NORM",
        "MOSAIC"
],
      "ImagedNucleus": "1H",
      "ImagingFrequency": 123.252133,
      "InPlanePhaseEncodingDirection": "COL",
      "LargestImagePixelValue": 65535,
      "MRAcquisitionType": "2D",
      "MagneticFieldStrength": 3.0,
      "Manufacturer": "SIEMENS",
      "ManufacturerModelName": "Prisma",
      "Modality": "MR",
      "NumberOfAverages": 1.0,
      "NumberOfPhaseEncodingSteps": 82,
      "PercentPhaseFieldOfView": 100.0,
      "PercentSampling": 100.0,
      "PerformedProcedureStepStartTime": "113354.394000",
      "PhotometricInterpretation": "MONOCHROME2",
      "PixelBandwidth": 3050.0,
      "PixelRepresentation": 0,
      "PixelSpacing": [2.6829268932343, 2.6829268932343],
      "ProtocolName": "func_task-discorr_acq-ap",
      "RepetitionTime": 7220.0,
      "Rows": 656,
      "SAR": 0.17755554329044,
      "SamplesPerPixel": 1,
      "ScanOptions": "FS",
      "ScanningSequence": "EP",
      "SequenceName": "epse2d1_82",
      "SequenceVariant": "SK",
      "SeriesDescription": "func_task-discorr_acq-ap",
      "SeriesNumber": 5,
      "SeriesTime": "121100.912000",
      "SliceLocation": -51.390777438143,
      "SliceThickness": 2.7000000476837,
      "SmallestImagePixelValue": 0,
      "SoftwareVersions": "syngo MR E11",
      "SpacingBetweenSlices": 2.6999999605522,
      "SpecificCharacterSet": "ISO_IR 100",
      "StudyID": "1",
      "StudyTime": "113354.272000",
      "TransmitCoilName": "Body",
      "VariableFlipAngleFlag": "N",
      "WindowCenterWidthExplanation": "Algo1",
      "dBdt": 0.0},
    "slices": {}
  },
  "time": {
    "samples": {
      "AcquisitionNumber": [1, 2],
      "AcquisitionTime": ["121049.912500", "121057.132500"],
      "ContentTime": ["121100.916000", "121100.919000"],
      "InstanceCreationTime": ["121100.916000", "121100.919000"],
      "InstanceNumber": [1, 2],
      "WindowCenter": [6945.0, 6938.0],
      "WindowWidth": [15294.0, 15303.0]
    },
    "slices": {}
  }
}