{
  "AcquisitionMatrixPE": 140,
  "AcquisitionNumber": 1,
  "AcquisitionTime": "09:43:10.100000",
  "BandwidthPerPixelPhaseEncode": 10.352,
  "BaseResolution": 140,
  "BodyPartExamined": "BRAIN",
  "ConsistencyInfo": "N4_VE11C_LATEST_20160120",
  "ConversionSoftware": "dcm2niix",
  "ConversionSoftwareVersion": "v1.0.20201102",
  "DerivedVendorReportedEchoSpacing": 0.000689998,
  "DeviceSerialNumber": "66112",
  "DiffusionScheme": "Monopolar",
  "DwellTime": 2.1e-06,
  "EchoTime": 0.0884,
  "EchoTrainLength": 105,
  "EffectiveEchoSpacing": 0.000689998,
  "FlipAngle": 90,
  "ImageComments": "Unaliased MB3/PE3 SENSE1",
  "ImageOrientationPatientDICOM": [0.99521, -0.0153511, 0.0965447, -0.0142441, 0.954282, 0.298569],
  "ImageType": [
    "ORIGINAL",
    "PRIMARY",
    "DIFFUSION",
    "NONE",
    "MB",
    "ND",
    "MOSAIC"
],
  "ImagingFrequency": 123.252,
  "InPlanePhaseEncodingDirectionDICOM": "COL",
  "InstitutionAddress": "Maynard 3,Hanover,NH,US,03755",
  "InstitutionName": "Dartmouth College - PBS",
  "InstitutionalDepartmentName": "Department",
  "MRAcquisitionType": "2D",
  "MagneticFieldStrength": 3,
  "Manufacturer": "Siemens",
  "ManufacturersModelName": "Prisma",
  "Modality": "MR",
  "MultibandAccelerationFactor": 3,
  "PartialFourier": 0.75,
  "PatientPosition": "HFS",
  "PercentPhaseFOV": 100,
  "PercentSampling": 100,
  "PhaseEncodingDirection": "j-",
  "PhaseEncodingSteps": 105,
  "PhaseResolution": 1,
  "PixelBandwidth": 1700,
  "ProcedureStepDescription": "Wager_Wager^1076_spacetop",
  "ProtocolName": "dwi_acq-96dir-6b0-mb",
  "PulseSequenceDetails": "%CustomerSeq%\\cmrr_mbep2d_diff",
  "ReceiveCoilActiveElements": "HEA;HEP",
  "ReceiveCoilName": "Head_32",
  "ReconMatrixPE": 140,
  "RepetitionTime": 4.11,
  "SAR": 0.185208,
  "ScanOptions": "PFP\\FS",
  "ScanningSequence": "EP",
  "SequenceName": "ep_b5#1",
  "SequenceVariant": "SK\\SS",
  "SeriesDescription": "dwi_acq-96dir-6b0-mb",
  "SeriesNumber": 8,
  "ShimSetting": [4160, -7770, -7256, 540, -65, -219, 93, 73],
  "SliceThickness": 1.7,
  "SliceTiming": [0, 2.12, 0.1525, 2.2725, 0.3025, 2.425, 0.455, 2.575, 0.605, 2.7275, 0.7575, 2.8775, 0.91, 3.03, 1.06, 3.1825, 1.2125, 3.3325, 1.3625, 3.485, 1.515, 3.635, 1.6675, 3.7875, 1.8175, 3.9375, 1.97, 0, 2.12, 0.1525, 2.2725, 0.3025, 2.425, 0.455, 2.575, 0.605, 2.7275, 0.7575, 2.8775, 0.91, 3.03, 1.06, 3.1825, 1.2125, 3.3325, 1.3625, 3.485, 1.515, 3.635, 1.6675, 3.7875, 1.8175, 3.9375, 1.97, 0, 2.12, 0.1525, 2.2725, 0.3025, 2.425, 0.455, 2.575, 0.605, 2.7275, 0.7575, 2.8775, 0.91, 3.03, 1.06, 3.1825, 1.2125, 3.3325, 1.3625, 3.485, 1.515, 3.635, 1.6675, 3.7875, 1.8175, 3.9375, 1.97],
  "SoftwareVersions": "syngo MR E11",
  "SpacingBetweenSlices": 1.7,
  "StationName": "AWP66112",
  "TotalReadoutTime": 0.0959097,
  "TxRefAmp": 233.707,
  "WipMemBlock": "f116e247-760c-4d0f-9bfb-bc567c92c7c0||Sequence: R016 ve11c/master r/e634e98; Dec 19 2017 11:11:25 by eja",
  "dcmmeta_affine": [
    [-1.7060747146606445, -0.02441849373281002, 0.16441410779953003, 123.74845123291016],
    [0.02631625160574913, 1.6359117031097412, 0.5074735879898071, -112.349365234375],
    [0.16550512611865997, -0.5118321180343628, 1.6141371726989746, -23.9954833984375],
    [0.0, 0.0, 0.0, 1.0]
],
  "dcmmeta_reorient_transform": [
    [0.0, -1.0, 0.0, 139.0],
    [1.0, 0.0, 0.0, 0.0],
    [0.0, 0.0, 1.0, 0.0],
    [0.0, 0.0, 0.0, 1.0]
],
  "dcmmeta_shape": [140, 140, 81, 103],
  "dcmmeta_slice_dim": 2,
  "dcmmeta_version": 0.6,
  "global": {
    "const": {
      "AccessionNumber": "A003466",
      "AcquisitionMatrix": [140, 0, 0, 140],
      "AngioFlag": "N",
      "BitsAllocated": 16,
      "BitsStored": 16,
      "BodyPartExamined": "BRAIN",
      "Columns": 1260,
      "EchoNumbers": 1,
      "EchoTime": 88.4,
      "EchoTrainLength": 105,
      "FlipAngle": 90.0,
      "HighBit": 15,
      "ImageOrientationPatient": [0.99521026532682, -0.0153511470884, 0.09654465325011, -0.014244121141, 0.95428182812052, 0.29856874841799],
      "ImagePositionPatient": [-1062.0817907716, -1016.4158287816, -474.44902146717],
      "ImageType": [
        "ORIGINAL",
        "PRIMARY",
        "DIFFUSION",
        "NONE",
        "MB",
        "ND",
        "MOSAIC"
],
      "ImagedNucleus": "1H",
      "ImagingFrequency": 123.252103,
      "InPlanePhaseEncodingDirection": "COL",
      "MRAcquisitionType": "2D",
      "MagneticFieldStrength": 3.0,
      "Manufacturer": "SIEMENS",
      "ManufacturerModelName": "Prisma",
      "Modality": "MR",
      "NumberOfAverages": 1.0,
      "NumberOfPhaseEncodingSteps": 105,
      "PercentPhaseFieldOfView": 100.0,
      "PercentSampling": 100.0,
      "PerformedProcedureStepStartTime": "085422.745000",
      "PhotometricInterpretation": "MONOCHROME2",
      "PixelBandwidth": 1700.0,
      "PixelRepresentation": 0,
      "PixelSpacing": [1.7142857313156, 1.7142857313156],
      "ProtocolName": "dwi_acq-96dir-6b0-mb",
      "RepetitionTime": 4110.0,
      "Rows": 1260,
      "SAR": 0.18520764298376,
      "SamplesPerPixel": 1,
      "ScanOptions": [
        "PFP",
        "FS"
],
      "ScanningSequence": "EP",
      "SequenceVariant": [
        "SK",
        "SS"
],
      "SeriesDescription": "dwi_acq-96dir-6b0-mb",
      "SeriesNumber": 8,
      "SeriesTime": "094449.318000",
      "SliceLocation": -44.353143470894,
      "SliceThickness": 1.7000000476837,
      "SmallestImagePixelValue": 0,
      "SoftwareVersions": "syngo MR E11",
      "SpacingBetweenSlices": 1.7000000302391,
      "SpecificCharacterSet": "ISO_IR 100",
      "StudyID": "1",
      "StudyTime": "085422.620000",
      "TransmitCoilName": "Body",
      "VariableFlipAngleFlag": "N",
      "WindowCenterWidthExplanation": "Algo1",
      "dBdt": 0.0},
