{
  "AcquisitionMatrixPE": 140,
  "AcquisitionNumber": 1,
  "AcquisitionTime": "10:58:20.040000",
  "BandwidthPerPixelPhaseEncode": 10.352,
  "BaseResolution": 140,
  "BodyPartExamined": "BRAIN",
  "ConsistencyInfo": "N4_VE11C_LATEST_20160120",
  "ConversionSoftware": "dcm2niix",
  "ConversionSoftwareVersion": "v1.0.20201102",
  "DerivedVendorReportedEchoSpacing": 0.000689998,
  "DeviceSerialNumber": "66112",
  "DiffusionScheme": "Monopolar",
  "DwellTime": 2.1e-06,
  "EchoTime": 0.088,
  "EchoTrainLength": 105,
  "EffectiveEchoSpacing": 0.000689998,
  "FlipAngle": 90,
  "ImageComments": "Unaliased MB3/PE3",
  "ImageOrientationPatientDICOM": [0.99971, 0.00470955, 0.023612, -0.00924785, 0.980567, 0.195965],
  "ImageType": [
    "ORIGINAL",
    "PRIMARY",
    "DIFFUSION",
    "NONE",
    "MB",
    "ND"
],
  "ImagingFrequency": 123.252,
  "InPlanePhaseEncodingDirectionDICOM": "COL",
  "InstitutionAddress": "Maynard 3,Hanover,NH,US,03755",
  "InstitutionName": "Dartmouth College - PBS",
  "InstitutionalDepartmentName": "Department",
  "IntendedFor": [
    "ses-01/dwi/sub-0037_ses-01_acq-96dirX6b0Xmb_dwi.nii.gz"
],
  "MRAcquisitionType": "2D",
  "MagneticFieldStrength": 3,
  "Manufacturer": "Siemens",
  "ManufacturersModelName": "Prisma",
  "Modality": "MR",
  "MultibandAccelerationFactor": 3,
  "PartialFourier": 0.75,
  "PatientPosition": "HFS",
  "PercentPhaseFOV": 100,
  "PercentSampling": 100,
  "PhaseEncodingDirection": "j-",
  "PhaseEncodingSteps": 105,
  "PhaseResolution": 1,
  "PixelBandwidth": 1700,
  "ProcedureStepDescription": "Wager_Wager^1076_spacetop",
  "ProtocolName": "dwi_acq-discorr-AP",
  "PulseSequenceDetails": "%CustomerSeq%\\cmrr_mbep2d_diff",
  "ReceiveCoilActiveElements": "HEA;HEP",
  "ReceiveCoilName": "Head_32",
  "ReconMatrixPE": 140,
  "RepetitionTime": 4.1,
  "SAR": 0.163219,
  "ScanOptions": "PFP\\FS",
  "ScanningSequence": "EP",
  "SequenceName": "ep_b0",
  "SequenceVariant": "SK\\SS",
  "SeriesDescription": "dwi_acq-discorr-AP",
  "SeriesNumber": 7,
  "ShimSetting": [4154, -7741, -7267, 532, -66, -112, 64, 36],
  "SliceThickness": 1.7,
  "SliceTiming": [0, 2.11719, 0.15625, 2.26562, 0.30469, 2.42188, 0.45312, 2.57031, 0.60938, 2.71875, 0.75781, 2.875, 0.90625, 3.02344, 1.0625, 3.17969, 1.21094, 3.32812, 1.35938, 3.47656, 1.51562, 3.625, 1.66406, 3.78125, 1.8125, 3.92969, 1.96875, 0, 2.11719, 0.15625, 2.26562, 0.30469, 2.42188, 0.45312, 2.57031, 0.60938, 2.71875, 0.75781, 2.875, 0.90625, 3.02344, 1.0625, 3.17969, 1.21094, 3.32812, 1.35938, 3.47656, 1.51562, 3.625, 1.66406, 3.78125, 1.8125, 3.92969, 1.96875, 0, 2.11719, 0.15625, 2.26562, 0.30469, 2.42188, 0.45312, 2.57031, 0.60938, 2.71875, 0.75781, 2.875, 0.90625, 3.02344, 1.0625, 3.17969, 1.21094, 3.32812, 1.35938, 3.47656, 1.51562, 3.625, 1.66406, 3.78125, 1.8125, 3.92969, 1.96875],
  "SoftwareVersions": "syngo MR E11",
  "SpacingBetweenSlices": 1.7,
  "StationName": "AWP66112",
  "TotalReadoutTime": 0.0959097,
  "TxRefAmp": 269.307,
  "WipMemBlock": "3fe16322-b801-4378-af64-75eedc48730a||Sequence: R016 ve11c/master r/e634e98; Dec 19 2017 11:11:25 by eja",
  "dcmmeta_affine": [
    [-1.7137887477874756, -0.01585344970226288, 0.03779125213623047, 123.77638244628906],
    [-0.008073512464761734, 1.6809724569320679, 0.3334159851074219, -94.97407531738281],
    [0.04047779366374016, -0.33594006299972534, 1.6665573120117188, -45.885902404785156],
    [0.0, 0.0, 0.0, 1.0]
],
  "dcmmeta_reorient_transform": [
    [0.0, -1.0, 0.0, 139.0],
    [1.0, 0.0, 0.0, 0.0],
    [0.0, 0.0, -1.0, 80.0],
    [0.0, 0.0, 0.0, 1.0]
],
  "dcmmeta_shape": [140, 140, 81],
  "dcmmeta_slice_dim": 2,
  "dcmmeta_version": 0.6,
  "global": {
    "const": {
      "AccessionNumber": "A003801",
      "AcquisitionMatrix": [140, 0, 0, 140],
      "AcquisitionNumber": 1,
      "AngioFlag": "N",
      "BitsAllocated": 16,
      "BitsStored": 16,
      "BodyPartExamined": "BRAIN",
      "Columns": 140,
      "EchoNumbers": 1,
      "EchoTime": 88.0,
      "EchoTrainLength": 105,
      "FlipAngle": 90.0,
      "HighBit": 15,
      "ImageOrientationPatient": [0.99971010367192, 0.00470954887754, 0.023612047045, -0.009247846073, 0.98056727566002, 0.19596503577859],
      "ImageType": [
        "ORIGINAL",
        "PRIMARY",
        "DIFFUSION",
        "NONE",
        "MB",
        "ND"
],
      "ImagedNucleus": "1H",
      "ImagingFrequency": 123.252184,
      "InPlanePhaseEncodingDirection": "COL",
      "MRAcquisitionType": "2D",
      "MagneticFieldStrength": 3.0,
      "Manufacturer": "SIEMENS",
      "ManufacturerModelName": "Prisma",
      "Modality": "MR",
      "NumberOfAverages": 1.0,
      "NumberOfPhaseEncodingSteps": 105,
      "PercentPhaseFieldOfView": 100.0,
      "PercentSampling": 100.0,
      "PerformedProcedureStepStartTime": "104253.287000",
      "PhotometricInterpretation": "MONOCHROME2",
      "PixelBandwidth": 1700.0,
      "PixelRepresentation": 0,
      "PixelSpacing": [1.7142857313156, 1.7142857313156],
      "ProtocolName": "dwi_acq-discorr-AP",
      "RepetitionTime": 4100.0,
      "Rows": 140,
      "SAR": 0.16321940918355,
      "SamplesPerPixel": 1,
      "ScanOptions": [
        "PFP",
        "FS"
],
      "ScanningSequence": "EP",
      "SequenceName": "ep_b0",
      "SequenceVariant": [
        "SK",
        "SS"
],
      "SeriesDescription": "dwi_acq-discorr-AP",
      "SeriesNumber": 7,
      "SeriesTime": "105824.166000",
      "SliceThickness": 1.7000000476837,
      "SmallestImagePixelValue": 0,
      "SoftwareVersions": "syngo MR E11",
      "SpacingBetweenSlices": 1.7,
      "SpecificCharacterSet": "ISO_IR 100",
      "StudyID": "1",
      "StudyTime": "104253.173000",
      "TransmitCoilName": "Body",
      "VariableFlipAngleFlag": "N",
      "WindowCenterWidthExplanation": "Algo1",
      "dBdt": 0.0},
