{
  "AcquisitionMatrixPE": 82,
  "AcquisitionNumber": 1,
  "AcquisitionTime": "13:12:33.505000",
  "BandwidthPerPixelPhaseEncode": 24.888,
  "BaseResolution": 82,
  "BodyPartExamined": "BRAIN",
  "ConsistencyInfo": "N4_VE11C_LATEST_20160120",
  "ConversionSoftware": "dcm2niix",
  "ConversionSoftwareVersion": "v1.0.20201102",
  "DerivedVendorReportedEchoSpacing": 0.00049,
  "DeviceSerialNumber": "66112",
  "DwellTime": 2e-06,
  "EchoTime": 0.073,
  "EchoTrainLength": 82,
  "EffectiveEchoSpacing": 0.00049,
  "FlipAngle": 90,
  "ImageOrientationPatientDICOM": [0.999088, 0.0116056, 0.0410875, -0.010986, 0.999823, -0.0152737],
  "ImageType": [
    "ORIGINAL",
    "PRIMARY",
    "M",
    "ND",
    "NORM",
    "MOSAIC"
],
  "ImagingFrequency": 123.252,
  "InPlanePhaseEncodingDirectionDICOM": "COL",
  "InstitutionAddress": "Maynard 3,Hanover,NH,US,03755",
  "InstitutionName": "Dartmouth College - PBS",
  "InstitutionalDepartmentName": "Department",
  "IntendedFor": [
    "ses-01/func/sub-0008_ses-01_task-alignvideo_acq-mb8_run-01_bold.nii.gz",
    "ses-01/func/sub-0008_ses-01_task-alignvideo_acq-mb8_run-02_bold.nii.gz",
    "ses-01/func/sub-0008_ses-01_task-alignvideo_acq-mb8_run-03_bold.nii.gz",
    "ses-01/func/sub-0008_ses-01_task-alignvideo_acq-mb8_run-04_bold.nii.gz"
],
  "MRAcquisitionType": "2D",
  "MagneticFieldStrength": 3,
  "Manufacturer": "Siemens",
  "ManufacturersModelName": "Prisma",
  "Modality": "MR",
  "PartialFourier": 1,
  "PatientPosition": "HFS",
  "PercentPhaseFOV": 100,
  "PercentSampling": 100,
  "PhaseEncodingDirection": "j-",
  "PhaseEncodingSteps": 82,
  "PhaseResolution": 1,
  "PixelBandwidth": 3050,
  "ProcedureStepDescription": "Wager_Wager^1076_spacetop",
  "ProtocolName": "func_task-discorr_acq-ap",
  "PulseSequenceDetails": "%CustomerSeq%\\cmrr_mbep2d_se",
  "ReceiveCoilActiveElements": "HEA;HEP",
  "ReceiveCoilName": "Head_32",
  "ReconMatrixPE": 82,
  "RepetitionTime": 7.22,
  "SAR": 0.130151,
  "ScanOptions": "FS",
  "ScanningSequence": "EP",
  "SequenceName": "epse2d1_82",
  "SequenceVariant": "SK",
  "SeriesDescription": "func_task-discorr_acq-ap",
  "SeriesNumber": 27,
  "ShimSetting": [4157, -7709, -7324, 660, -67, -149, -81, 106],
  "SliceThickness": 2.7,
  "SliceTiming": [3.6, 0, 3.7275, 0.1275, 3.855, 0.2575, 3.985, 0.385, 4.1125, 0.5125, 4.2425, 0.6425, 4.37, 0.77, 4.5, 0.9, 4.6275, 1.0275, 4.755, 1.155, 4.885, 1.285, 5.0125, 1.4125, 5.1425, 1.5425, 5.27, 1.67, 5.4, 1.8, 5.5275, 1.9275, 5.655, 2.055, 5.785, 2.185, 5.9125, 2.3125, 6.0425, 2.4425, 6.17, 2.57, 6.3, 2.7, 6.4275, 2.8275, 6.555, 2.955, 6.685, 3.085, 6.8125, 3.2125, 6.9425, 3.3425, 7.07, 3.47],
  "SoftwareVersions": "syngo MR E11",
  "SpacingBetweenSlices": 2.7,
  "StationName": "AWP66112",
  "TotalReadoutTime": 0.03969,
  "TxRefAmp": 227.322,
  "WipMemBlock": "10615605-feb1-409b-a505-39afadfd84a9||Sequence: R016 ve11c/master r/e634e98; Dec 19 2017 11:22:56 by eja",
  "dcmmeta_affine": [
    [-2.680480480194092, -0.02947472594678402, 0.1113952249288559, 112.4448013305664],
    [-0.031137052923440933, 2.6824519634246826, -0.03998260572552681, -98.58277893066406],
    [0.11023475974798203, 0.040978189557790756, 2.6974048614501953, -73.23453521728516],
    [0.0, 0.0, 0.0, 1.0]
],
  "dcmmeta_reorient_transform": [
    [0.0, -1.0, 0.0, 81.0],
    [1.0, 0.0, 0.0, 0.0],
    [0.0, 0.0, 1.0, 0.0],
    [0.0, 0.0, 0.0, 1.0]
],
  "dcmmeta_shape": [82, 82, 56, 2],
  "dcmmeta_slice_dim": 2,
  "dcmmeta_version": 0.6,
  "global": {
    "const": {
      "AccessionNumber": "A003467",
      "AcquisitionMatrix": [82, 0, 0, 82],
      "AngioFlag": "N",
      "BitsAllocated": 16,
      "BitsStored": 16,
      "BodyPartExamined": "BRAIN",
      "Columns": 656,
      "EchoNumbers": 1,
      "EchoTime": 73.0,
      "EchoTrainLength": 82,
      "FlipAngle": 90.0,
      "HighBit": 15,
      "ImageOrientationPatient": [0.99908814760686, 0.01160562832941, 0.0410875005638, -0.0109860340355, 0.99982299508356, -0.0152736884319],
      "ImagePositionPatient": [-870.89599445593, -897.49589333386, -89.791937993548],
      "ImageType": [
        "ORIGINAL",
        "PRIMARY",
        "M",
        "ND",
        "NORM",
        "MOSAIC"
],
      "ImagedNucleus": "1H",
      "ImagingFrequency": 123.252194,
      "InPlanePhaseEncodingDirection": "COL",
      "MRAcquisitionType": "2D",
      "MagneticFieldStrength": 3.0,
      "Manufacturer": "SIEMENS",
      "ManufacturerModelName": "Prisma",
      "Modality": "MR",
      "NumberOfAverages": 1.0,
      "NumberOfPhaseEncodingSteps": 82,
      "PercentPhaseFieldOfView": 100.0,
      "PercentSampling": 100.0,
      "PerformedProcedureStepStartTime": "115528.810000",
      "PhotometricInterpretation": "MONOCHROME2",
      "PixelBandwidth": 3050.0,
      "PixelRepresentation": 0,
      "PixelSpacing": [2.6829268932343, 2.6829268932343],
      "ProtocolName": "func_task-discorr_acq-ap",
      "RepetitionTime": 7220.0,
      "Rows": 656,
      "SAR": 0.13015050829263,
      "SamplesPerPixel": 1,
      "ScanOptions": "FS",
      "ScanningSequence": "EP",
      "SequenceName": "epse2d1_82",
      "SequenceVariant": "SK",
      "SeriesDescription": "func_task-discorr_acq-ap",
      "SeriesNumber": 27,
      "SeriesTime": "131245.242000",
      "SliceLocation": -67.065102168234,
      "SliceThickness": 2.7000000476837,
      "SmallestImagePixelValue": 0,
      "SoftwareVersions": "syngo MR E11",
      "SpacingBetweenSlices": 2.7000001253687,
      "SpecificCharacterSet": "ISO_IR 100",
      "StudyID": "1",
      "StudyTime": "115528.748000",
      "TransmitCoilName": "Body",
      "VariableFlipAngleFlag": "N",
      "WindowCenterWidthExplanation": "Algo1",
      "dBdt": 0.0},
    "slices": {}
  },
  "time": {
    "samples": {
      "AcquisitionNumber": [1, 2],
      "AcquisitionTime": ["131233.505000", "131240.725000"],
      "ContentTime": ["131245.245000", "131245.249000"],
      "InstanceCreationTime": ["131245.245000", "131245.249000"],
      "InstanceNumber": [1, 2],
      "LargestImagePixelValue": [65535, 64223],
      "WindowCenter": [6791.0, 6793.0],
      "WindowWidth": [14960.0, 14975.0]
    },
    "slices": {}
  }
}