{
  "AcquisitionMatrixPE": 82,
  "AcquisitionNumber": 1,
  "AcquisitionTime": "10:01:26.750000",
  "BandwidthPerPixelPhaseEncode": 24.888,
  "BaseResolution": 82,
  "BodyPartExamined": "BRAIN",
  "ConsistencyInfo": "N4_VE11C_LATEST_20160120",
  "ConversionSoftware": "dcm2niix",
  "ConversionSoftwareVersion": "v1.0.20201102",
  "DerivedVendorReportedEchoSpacing": 0.00049,
  "DeviceSerialNumber": "66112",
  "DwellTime": 2e-06,
  "EchoTime": 0.0272,
  "EchoTrainLength": 82,
  "EffectiveEchoSpacing": 0.00049,
  "FlipAngle": 44,
  "ImageComments": "Unaliased MB8/PE3",
  "ImageOrientationPatientDICOM": [0.999126, -0.0153387, 0.0388862, 0.0223244, 0.98227, -0.186137],
  "ImageType": [
    "ORIGINAL",
    "PRIMARY",
    "M",
    "MB",
    "ND",
    "NORM",
    "MOSAIC"
],
  "ImagingFrequency": 123.252,
  "InPlanePhaseEncodingDirectionDICOM": "COL",
  "InstitutionAddress": "Maynard 3,Hanover,NH,US,03755",
  "InstitutionName": "Dartmouth College - PBS",
  "InstitutionalDepartmentName": "Department",
  "MRAcquisitionType": "2D",
  "MagneticFieldStrength": 3,
  "Manufacturer": "Siemens",
  "ManufacturersModelName": "Prisma",
  "Modality": "MR",
  "MultibandAccelerationFactor": 8,
  "PartialFourier": 1,
  "PatientPosition": "HFS",
  "PercentPhaseFOV": 100,
  "PercentSampling": 100,
  "PhaseEncodingDirection": "j-",
  "PhaseEncodingSteps": 82,
  "PhaseResolution": 1,
  "PixelBandwidth": 3050,
  "ProcedureStepDescription": "Wager_Wager^1076_spacetop",
  "ProtocolName": "func_run-02_task-fractional_acq-ap-mb8",
  "PulseSequenceDetails": "%CustomerSeq%\\cmrr_mbep2d_bold",
  "ReceiveCoilActiveElements": "HEA;HEP",
  "ReceiveCoilName": "Head_32",
  "ReconMatrixPE": 82,
  "RepetitionTime": 0.46,
  "SAR": 0.0972254,
  "ScanOptions": "FS",
  "ScanningSequence": "EP",
  "SequenceName": "epfid2d1_82",
  "SequenceVariant": "SK\\SS",
  "SeriesDescription": "func_run-02_task-fractional_acq-ap-mb8",
  "SeriesNumber": 18,
  "ShimSetting": [4144, -7709, -7286, 590, -72, -96, -28, 100],
  "SliceThickness": 2.7,
  "SliceTiming": [0, 0.25, 0.0625, 0.3125, 0.125, 0.3775, 0.1875, 0, 0.25, 0.0625, 0.3125, 0.125, 0.3775, 0.1875, 0, 0.25, 0.0625, 0.3125, 0.125, 0.3775, 0.1875, 0, 0.25, 0.0625, 0.3125, 0.125, 0.3775, 0.1875, 0, 0.25, 0.0625, 0.3125, 0.125, 0.3775, 0.1875, 0, 0.25, 0.0625, 0.3125, 0.125, 0.3775, 0.1875, 0, 0.25, 0.0625, 0.3125, 0.125, 0.3775, 0.1875, 0, 0.25, 0.0625, 0.3125, 0.125, 0.3775, 0.1875],
  "SoftwareVersions": "syngo MR E11",
  "SpacingBetweenSlices": 2.7,
  "StationName": "AWP66112",
  "TaskName": "fractional",
  "TotalReadoutTime": 0.03969,
  "TxRefAmp": 241.165,
  "WipMemBlock": "895b5203-7e14-4c20-b3e7-7e907e087c2c||Sequence: R016 ve11c/master r/e634e98; Dec 19 2017 11:00:25 by eja",
  "dcmmeta_affine": [
    [-2.68058180809021, 0.059894680976867676, 0.09542237967252731, 108.20121765136719],
    [0.04115255922079086, 2.635359287261963, -0.5044735670089722, -82.50225830078125],
    [0.1043287143111229, 0.49939101934432983, 2.650735855102539, -90.53385925292969],
    [0.0, 0.0, 0.0, 1.0]
],
  "dcmmeta_reorient_transform": [
    [0.0, -1.0, 0.0, 81.0],
    [1.0, 0.0, 0.0, 0.0],
    [0.0, 0.0, 1.0, 0.0],
    [0.0, 0.0, 0.0, 1.0]
],
  "dcmmeta_shape": [82, 82, 56, 55],
  "dcmmeta_slice_dim": 2,
  "dcmmeta_version": 0.6,
  "global": {
    "const": {
      "AccessionNumber": "A003482",
      "AcquisitionMatrix": [82, 0, 0, 82],
      "AngioFlag": "N",
      "BitsAllocated": 16,
      "BitsStored": 16,
      "BodyPartExamined": "BRAIN",
      "Columns": 656,
      "EchoNumbers": 1,
      "EchoTime": 27.2,
      "EchoTrainLength": 82,
      "FlipAngle": 44.0,
      "HighBit": 15,
      "ImageOrientationPatient": [0.99912591380699, -0.015338680305, 0.03888615750952, 0.02232438112839, 0.98227021287409, -0.1861366457942],
      "ImagePositionPatient": [-899.5694361435, -875.49913036749, 63.299693949424],
      "ImageType": [
        "ORIGINAL",
        "PRIMARY",
        "M",
        "MB",
        "ND",
        "NORM",
        "MOSAIC"
],
      "ImagedNucleus": "1H",
      "ImagingFrequency": 123.252176,
      "InPlanePhaseEncodingDirection": "COL",
      "MRAcquisitionType": "2D",
      "MagneticFieldStrength": 3.0,
      "Manufacturer": "SIEMENS",
      "ManufacturerModelName": "Prisma",
      "Modality": "MR",
      "NumberOfAverages": 1.0,
      "NumberOfPhaseEncodingSteps": 82,
      "PercentPhaseFieldOfView": 100.0,
      "PercentSampling": 100.0,
      "PerformedProcedureStepStartTime": "090921.884000",
      "PhotometricInterpretation": "MONOCHROME2",
      "PixelBandwidth": 3050.0,
      "PixelRepresentation": 0,
      "PixelSpacing": [2.6829268932343, 2.6829268932343],
      "ProtocolName": "func_run-02_task-fractional_acq-ap-mb8",
      "RepetitionTime": 460.0,
      "Rows": 656,
      "SAR": 0.09722543167963,
      "SamplesPerPixel": 1,
      "ScanOptions": "FS",
      "ScanningSequence": "EP",
      "SequenceName": "epfid2d1_82",
      "SequenceVariant": [
        "SK",
        "SS"
],
      "SeriesDescription": "func_run-02_task-fractional_acq-ap-mb8",
      "SeriesNumber": 18,
      "SeriesTime": "100152.921000",
      "SliceLocation": -69.643081850848,
      "SliceThickness": 2.7000000476837,
      "SmallestImagePixelValue": 0,
      "SoftwareVersions": "syngo MR E11",
      "SpacingBetweenSlices": 2.6999999526424,
      "SpecificCharacterSet": "ISO_IR 100",
      "StudyID": "2",
      "StudyTime": "090921.776000",
      "TransmitCoilName": "Body",
      "VariableFlipAngleFlag": "N",
      "WindowCenterWidthExplanation": "Algo1",
      "dBdt": 0.0},
    "slices": {}
  },
  "time": {
    "samples": {
      "AcquisitionNumber": [1, 2, 3, 4, 5, 6, 7, 8, 9, 10, 11, 12, 13, 14, 15, 16, 17, 18, 19, 20, 21, 22, 23, 24, 25, 26, 27, 28, 29, 30, 31, 32, 33, 34, 35, 36, 37, 38, 39, 40, 41, 42, 43, 44, 45, 46, 47, 48, 49, 50, 51, 52, 53, 54, 55],
      "AcquisitionTime": ["100126.750000", "100127.210000", "100127.670000", "100128.130000", "100128.590000", "100129.050000", "100129.510000", "100129.970000", "100130.430000", "100130.890000", "100131.350000", "100131.810000", "100132.270000", "100132.730000", "100133.190000", "100133.650000", "100134.110000", "100134.570000", "100135.030000", "100135.490000", "100135.950000", "100136.410000", "100136.870000", "100137.330000", "100137.790000", "100138.250000", "100138.710000", "100139.170000", "100139.630000", "100140.090000", "100140.550000", "100141.010000", "100141.470000", "100141.930000", "100142.390000", "100142.850000", "100143.310000", "100143.770000", "100144.230000", "100144.690000", "100145.150000", "100145.610000", "100146.070000", "100146.530000", "100146.990000", "100147.450000", "100147.910000", "100148.370000", "100148.830000", "100149.290000", "100149.750000", "100150.210000", "100150.670000", "100151.130000", "100151.590000"],
      "ContentTime": ["100152.924000", "100152.927000", "100152.930000", "100152.933000", "100152.936000", "100152.939000", "100152.942000", "100152.945000", "100152.948000", "100152.951000", "100152.954000", "100152.957000", "100152.959000", "100152.962000", "100152.965000", "100152.968000", "100152.971000", "100152.974000", "100152.977000", "100152.980000", "100152.983000", "100152.986000", "100152.989000", "100152.997000", "100153.001000", "100153.004000", "100153.007000", "100153.010000", "100153.013000", "100153.016000", "100153.019000", "100153.022000", "100153.025000", "100153.028000", "100153.030000", "100153.033000", "100153.036000", "100153.039000", "100153.042000", "100153.045000", "100153.048000", "100153.051000", "100153.054000", "100153.057000", "100153.060000", "100153.063000", "100153.065000", "100153.068000", "100153.071000", "100153.074000", "100153.077000", "100153.085000", "100153.088000", "100153.091000", "100153.094000"],
      "InstanceCreationTime": ["100152.924000", "100152.927000", "100152.930000", "100152.933000", "100152.936000", "100152.939000", "100152.942000", "100152.945000", "100152.948000", "100152.951000", "100152.954000", "100152.957000", "100152.959000", "100152.962000", "100152.965000", "100152.968000", "100152.971000", "100152.974000", "100152.977000", "100152.980000", "100152.983000", "100152.986000", "100152.989000", "100152.997000", "100153.001000", "100153.004000", "100153.007000", "100153.010000", "100153.013000", "100153.016000", "100153.019000", "100153.022000", "100153.025000", "100153.028000", "100153.030000", "100153.033000", "100153.036000", "100153.039000", "100153.042000", "100153.045000", "100153.048000", "100153.051000", "100153.054000", "100153.057000", "100153.060000", "100153.063000", "100153.065000", "100153.068000", "100153.071000", "100153.074000", "100153.077000", "100153.085000", "100153.088000", "100153.091000", "100153.094000"],
      "InstanceNumber": [1, 2, 3, 4, 5, 6, 7, 8, 9, 10, 11, 12, 13, 14, 15, 16, 17, 18, 19, 20, 21, 22, 23, 24, 25, 26, 27, 28, 29, 30, 31, 32, 33, 34, 35, 36, 37, 38, 39, 40, 41, 42, 43, 44, 45, 46, 47, 48, 49, 50, 51, 52, 53, 54, 55],
      "LargestImagePixelValue": [11034, 6996, 7283, 8111, 6579, 10808, 8610, 12967, 9753, 6729, 8328, 6783, 11492, 8085, 12150, 9123, 6863, 9951, 6646, 8820, 6924, 6589, 8269, 6611, 9219, 6715, 7627, 6981, 6771, 7318, 6892, 9841, 6714, 6662, 7106, 6725, 6797, 6613, 6575, 7385, 6856, 10684, 6946, 10938, 7465, 10762, 7017, 10478, 6659, 10640, 7489, 11961, 6707, 9261, 6713],
      "WindowCenter": [4026.0, 3972.0, 3968.0, 3974.0, 3953.0, 3995.0, 3974.0, 4004.0, 3969.0, 3939.0, 3959.0, 3938.0, 3979.0, 3948.0, 3989.0, 3956.0, 3927.0, 3968.0, 3937.0, 3957.0, 3937.0, 3935.0, 3959.0, 3940.0, 3983.0, 3950.0, 3962.0, 3949.0, 3939.0, 3951.0, 3951.0, 3982.0, 3952.0, 3952.0, 3964.0, 3965.0, 3965.0, 3967.0, 3969.0, 3978.0, 3970.0, 4011.0, 3967.0, 4009.0, 3977.0, 4008.0, 3965.0, 3993.0, 3955.0, 3995.0, 3965.0, 4005.0, 3956.0, 3983.0, 3954.0],
      "WindowWidth": [8984.0, 8901.0, 8887.0, 8889.0, 8860.0, 8916.0, 8886.0, 8924.0, 8872.0, 8830.0, 8856.0, 8826.0, 8883.0, 8839.0, 8896.0, 8848.0, 8809.0, 8865.0, 8822.0, 8849.0, 8822.0, 8820.0, 8855.0, 8833.0, 8896.0, 8851.0, 8865.0, 8846.0, 8832.0, 8849.0, 8850.0, 8892.0, 8852.0, 8856.0, 8873.0, 8878.0, 8880.0, 8885.0, 8889.0, 8903.0, 8892.0, 8946.0, 8885.0, 8943.0, 8896.0, 8938.0, 8876.0, 8912.0, 8862.0, 8916.0, 8878.0, 8932.0, 8865.0, 8899.0, 8862.0]
    },
    "slices": {}
  }
}