{
  "AcquisitionMatrixPE": 82,
  "AcquisitionNumber": 1,
  "AcquisitionTime": "09:59:11.850000",
  "BandwidthPerPixelPhaseEncode": 24.888,
  "BaseResolution": 82,
  "BodyPartExamined": "BRAIN",
  "ConsistencyInfo": "N4_VE11C_LATEST_20160120",
  "ConversionSoftware": "dcm2niix",
  "ConversionSoftwareVersion": "v1.0.20201102",
  "DerivedVendorReportedEchoSpacing": 0.00049,
  "DeviceSerialNumber": "66112",
  "DwellTime": 2e-06,
  "EchoTime": 0.0272,
  "EchoTrainLength": 82,
  "EffectiveEchoSpacing": 0.00049,
  "FlipAngle": 44,
  "ImageComments": "Unaliased MB8/PE3",
  "ImageOrientationPatientDICOM": [0.999126, -0.0153387, 0.0388862, 0.0223244, 0.98227, -0.186137],
  "ImageType": [
    "ORIGINAL",
    "PRIMARY",
    "M",
    "MB",
    "ND",
    "NORM",
    "MOSAIC"
],
  "ImagingFrequency": 123.252,
  "InPlanePhaseEncodingDirectionDICOM": "COL",
  "InstitutionAddress": "Maynard 3,Hanover,NH,US,03755",
  "InstitutionName": "Dartmouth College - PBS",
  "InstitutionalDepartmentName": "Department",
  "MRAcquisitionType": "2D",
  "MagneticFieldStrength": 3,
  "Manufacturer": "Siemens",
  "ManufacturersModelName": "Prisma",
  "Modality": "MR",
  "MultibandAccelerationFactor": 8,
  "PartialFourier": 1,
  "PatientPosition": "HFS",
  "PercentPhaseFOV": 100,
  "PercentSampling": 100,
  "PhaseEncodingDirection": "j-",
  "PhaseEncodingSteps": 82,
  "PhaseResolution": 1,
  "PixelBandwidth": 3050,
  "ProcedureStepDescription": "Wager_Wager^1076_spacetop",
  "ProtocolName": "func_run-01_task-fractional_acq-ap-mb8",
  "PulseSequenceDetails": "%CustomerSeq%\\cmrr_mbep2d_bold",
  "ReceiveCoilActiveElements": "HEA;HEP",
  "ReceiveCoilName": "Head_32",
  "ReconMatrixPE": 82,
  "RepetitionTime": 0.46,
  "SAR": 0.0972257,
  "ScanOptions": "FS",
  "ScanningSequence": "EP",
  "SequenceName": "epfid2d1_82",
  "SequenceVariant": "SK\\SS",
  "SeriesDescription": "func_run-01_task-fractional_acq-ap-mb8",
  "SeriesNumber": 16,
  "ShimSetting": [4144, -7709, -7286, 590, -72, -96, -28, 100],
  "SliceThickness": 2.7,
  "SliceTiming": [0, 0.25, 0.0625, 0.315, 0.125, 0.3775, 0.1875, 0, 0.25, 0.0625, 0.315, 0.125, 0.3775, 0.1875, 0, 0.25, 0.0625, 0.315, 0.125, 0.3775, 0.1875, 0, 0.25, 0.0625, 0.315, 0.125, 0.3775, 0.1875, 0, 0.25, 0.0625, 0.315, 0.125, 0.3775, 0.1875, 0, 0.25, 0.0625, 0.315, 0.125, 0.3775, 0.1875, 0, 0.25, 0.0625, 0.315, 0.125, 0.3775, 0.1875, 0, 0.25, 0.0625, 0.315, 0.125, 0.3775, 0.1875],
  "SoftwareVersions": "syngo MR E11",
  "SpacingBetweenSlices": 2.7,
  "StationName": "AWP66112",
  "TaskName": "fractional",
  "TotalReadoutTime": 0.03969,
  "TxRefAmp": 241.165,
  "WipMemBlock": "07936d4a-b28b-4666-8fa3-bea41a20daa4||Sequence: R016 ve11c/master r/e634e98; Dec 19 2017 11:00:25 by eja",
  "dcmmeta_affine": [
    [-2.68058180809021, 0.059894680976867676, 0.09542237967252731, 108.20121765136719],
    [0.04115255922079086, 2.635359287261963, -0.5044735670089722, -82.50225830078125],
    [0.1043287143111229, 0.49939101934432983, 2.650735855102539, -90.53385925292969],
    [0.0, 0.0, 0.0, 1.0]
],
  "dcmmeta_reorient_transform": [
    [0.0, -1.0, 0.0, 81.0],
    [1.0, 0.0, 0.0, 0.0],
    [0.0, 0.0, 1.0, 0.0],
    [0.0, 0.0, 0.0, 1.0]
],
  "dcmmeta_shape": [82, 82, 56, 53],
  "dcmmeta_slice_dim": 2,
  "dcmmeta_version": 0.6,
  "global": {
    "const": {
      "AccessionNumber": "A003482",
      "AcquisitionMatrix": [82, 0, 0, 82],
      "AngioFlag": "N",
      "BitsAllocated": 16,
      "BitsStored": 16,
      "BodyPartExamined": "BRAIN",
      "Columns": 656,
      "EchoNumbers": 1,
      "EchoTime": 27.2,
      "EchoTrainLength": 82,
      "FlipAngle": 44.0,
      "HighBit": 15,
      "ImageOrientationPatient": [0.99912591380699, -0.015338680305, 0.03888615750952, 0.02232438112839, 0.98227021287409, -0.1861366457942],
      "ImagePositionPatient": [-899.5694361435, -875.49913036749, 63.299693949424],
      "ImageType": [
        "ORIGINAL",
        "PRIMARY",
        "M",
        "MB",
        "ND",
        "NORM",
        "MOSAIC"
],
      "ImagedNucleus": "1H",
      "ImagingFrequency": 123.252174,
      "InPlanePhaseEncodingDirection": "COL",
      "MRAcquisitionType": "2D",
      "MagneticFieldStrength": 3.0,
      "Manufacturer": "SIEMENS",
      "ManufacturerModelName": "Prisma",
      "Modality": "MR",
      "NumberOfAverages": 1.0,
      "NumberOfPhaseEncodingSteps": 82,
      "PercentPhaseFieldOfView": 100.0,
      "PercentSampling": 100.0,
      "PerformedProcedureStepStartTime": "090921.884000",
      "PhotometricInterpretation": "MONOCHROME2",
      "PixelBandwidth": 3050.0,
      "PixelRepresentation": 0,
      "PixelSpacing": [2.6829268932343, 2.6829268932343],
      "ProtocolName": "func_run-01_task-fractional_acq-ap-mb8",
      "RepetitionTime": 460.0,
      "Rows": 656,
      "SAR": 0.09722575041792,
      "SamplesPerPixel": 1,
      "ScanOptions": "FS",
      "ScanningSequence": "EP",
      "SequenceName": "epfid2d1_82",
      "SequenceVariant": [
        "SK",
        "SS"
],
      "SeriesDescription": "func_run-01_task-fractional_acq-ap-mb8",
      "SeriesNumber": 16,
      "SeriesTime": "095933.550000",
      "SliceLocation": -69.643081850848,
      "SliceThickness": 2.7000000476837,
      "SmallestImagePixelValue": 0,
      "SoftwareVersions": "syngo MR E11",
      "SpacingBetweenSlices": 2.6999999526424,
      "SpecificCharacterSet": "ISO_IR 100",
      "StudyID": "2",
      "StudyTime": "090921.776000",
      "TransmitCoilName": "Body",
      "VariableFlipAngleFlag": "N",
      "WindowCenterWidthExplanation": "Algo1",
      "dBdt": 0.0},
    "slices": {}
  },
  "time": {
    "samples": {
      "AcquisitionNumber": [1, 2, 3, 4, 5, 6, 7, 8, 9, 10, 11, 12, 13, 14, 15, 16, 17, 18, 19, 20, 21, 22, 23, 24, 25, 26, 27, 28, 29, 30, 31, 32, 33, 34, 35, 36, 37, 38, 39, 40, 41, 42, 43, 44, 45, 46, 47, 48, 49, 50, 51, 52, 53],
      "AcquisitionTime": ["095911.850000", "095912.310000", "095912.770000", "095913.230000", "095913.690000", "095914.150000", "095914.610000", "095915.070000", "095915.530000", "095915.990000", "095916.450000", "095916.910000", "095917.370000", "095917.830000", "095918.290000", "095918.750000", "095919.210000", "095919.670000", "095920.130000", "095920.590000", "095921.050000", "095921.510000", "095921.970000", "095922.430000", "095922.890000", "095923.350000", "095923.810000", "095924.270000", "095924.730000", "095925.190000", "095925.650000", "095926.110000", "095926.570000", "095927.030000", "095927.490000", "095927.950000", "095928.410000", "095928.870000", "095929.330000", "095929.790000", "095930.250000", "095930.710000", "095931.170000", "095931.630000", "095932.090000", "095932.550000", "095933.010000", "095933.470000", "095933.930000", "095934.390000", "095934.850000", "095935.310000", "095935.770000"],
      "ContentTime": ["095933.552000", "095933.556000", "095933.559000", "095933.562000", "095933.565000", "095933.568000", "095933.573000", "095933.576000", "095933.579000", "095933.582000", "095933.585000", "095933.588000", "095933.591000", "095933.594000", "095933.597000", "095933.600000", "095933.603000", "095933.606000", "095933.609000", "095933.612000", "095933.615000", "095933.618000", "095933.621000", "095933.623000", "095933.627000", "095933.630000", "095933.633000", "095933.636000", "095933.639000", "095933.642000", "095933.645000", "095933.648000", "095933.651000", "095933.654000", "095933.657000", "095933.660000", "095933.663000", "095933.666000", "095933.669000", "095933.671000", "095933.680000", "095933.682000", "095933.685000", "095933.688000", "095933.691000", "095936.874000", "095936.877000", "095936.885000", "095936.890000", "095936.894000", "095936.897000", "095936.900000", "095936.903000"],
      "InstanceCreationTime": ["095933.552000", "095933.556000", "095933.559000", "095933.562000", "095933.565000", "095933.568000", "095933.573000", "095933.576000", "095933.579000", "095933.582000", "095933.585000", "095933.588000", "095933.591000", "095933.594000", "095933.597000", "095933.600000", "095933.603000", "095933.606000", "095933.609000", "095933.612000", "095933.615000", "095933.618000", "095933.621000", "095933.623000", "095933.627000", "095933.630000", "095933.633000", "095933.636000", "095933.639000", "095933.642000", "095933.645000", "095933.648000", "095933.651000", "095933.654000", "095933.657000", "095933.660000", "095933.663000", "095933.666000", "095933.669000", "095933.671000", "095933.680000", "095933.682000", "095933.685000", "095933.688000", "095933.691000", "095936.874000", "095936.877000", "095936.885000", "095936.890000", "095936.894000", "095936.897000", "095936.900000", "095936.903000"],
      "InstanceNumber": [1, 2, 3, 4, 5, 6, 7, 8, 9, 10, 11, 12, 13, 14, 15, 16, 17, 18, 19, 20, 21, 22, 23, 24, 25, 26, 27, 28, 29, 30, 31, 32, 33, 34, 35, 36, 37, 38, 39, 40, 41, 42, 43, 44, 45, 46, 47, 48, 49, 50, 51, 52, 53],
      "LargestImagePixelValue": [9300, 9788, 12651, 7427, 12529, 7586, 9284, 8225, 6989, 11110, 8494, 13059, 7312, 6908, 8507, 7133, 10650, 6628, 8511, 8432, 6719, 9935, 6556, 6949, 8492, 6826, 10995, 7838, 11800, 8954, 9161, 9140, 6476, 12295, 6813, 11887, 6872, 10775, 7493, 9522, 6877, 9066, 6602, 6869, 7127, 6688, 7621, 6837, 7584, 6684, 8323, 6781, 8009],
      "WindowCenter": [4021.0, 4015.0, 4022.0, 3966.0, 4006.0, 3960.0, 3972.0, 3961.0, 3950.0, 3979.0, 3961.0, 3993.0, 3937.0, 3939.0, 3958.0, 3939.0, 3979.0, 3939.0, 3961.0, 3962.0, 3939.0, 3970.0, 3940.0, 3950.0, 3970.0, 3942.0, 3982.0, 3964.0, 3993.0, 3973.0, 3973.0, 3970.0, 3929.0, 3991.0, 3939.0, 3980.0, 3940.0, 3979.0, 3949.0, 3970.0, 3940.0, 3971.0, 3940.0, 3937.0, 3939.0, 3939.0, 3962.0, 3951.0, 3963.0, 3953.0, 3973.0, 3955.0, 3975.0],
      "WindowWidth": [8983.0, 8961.0, 8967.0, 8879.0, 8932.0, 8863.0, 8879.0, 8864.0, 8847.0, 8887.0, 8864.0, 8906.0, 8825.0, 8830.0, 8855.0, 8829.0, 8883.0, 8832.0, 8862.0, 8863.0, 8830.0, 8873.0, 8833.0, 8847.0, 8875.0, 8839.0, 8892.0, 8869.0, 8908.0, 8880.0, 8879.0, 8875.0, 8817.0, 8902.0, 8830.0, 8884.0, 8832.0, 8883.0, 8844.0, 8872.0, 8833.0, 8873.0, 8832.0, 8826.0, 8829.0, 8832.0, 8865.0, 8851.0, 8868.0, 8858.0, 8882.0, 8863.0, 8889.0]
    },
    "slices": {}
  }
}