{
  "AcquisitionMatrixPE": 82,
  "AcquisitionNumber": 1,
  "AcquisitionTime": "13:32:49.422500",
  "BandwidthPerPixelPhaseEncode": 24.888,
  "BaseResolution": 82,
  "BodyPartExamined": "BRAIN",
  "ConsistencyInfo": "N4_VE11C_LATEST_20160120",
  "ConversionSoftware": "dcm2niix",
  "ConversionSoftwareVersion": "v1.0.20201102",
  "DerivedVendorReportedEchoSpacing": 0.00049,
  "DeviceSerialNumber": "66112",
  "DwellTime": 2e-06,
  "EchoTime": 0.0272,
  "EchoTrainLength": 82,
  "EffectiveEchoSpacing": 0.00049,
  "FlipAngle": 44,
  "ImageComments": "Unaliased MB8/PE3",
  "ImageOrientationPatientDICOM": [0.99709, -0.073896, -0.0187402, 0.0746216, 0.996346, 0.0415377],
  "ImageType": [
    "ORIGINAL",
    "PRIMARY",
    "M",
    "MB",
    "ND",
    "NORM",
    "MOSAIC"
],
  "ImagingFrequency": 123.252,
  "InPlanePhaseEncodingDirectionDICOM": "COL",
  "InstitutionAddress": "Maynard 3,Hanover,NH,US,03755",
  "InstitutionName": "Dartmouth College - PBS",
  "InstitutionalDepartmentName": "Department",
  "MRAcquisitionType": "2D",
  "MagneticFieldStrength": 3,
  "Manufacturer": "Siemens",
  "ManufacturersModelName": "Prisma",
  "Modality": "MR",
  "MultibandAccelerationFactor": 8,
  "PartialFourier": 1,
  "PatientPosition": "HFS",
  "PercentPhaseFOV": 100,
  "PercentSampling": 100,
  "PhaseEncodingDirection": "j-",
  "PhaseEncodingSteps": 82,
  "PhaseResolution": 1,
  "PixelBandwidth": 3050,
  "ProcedureStepDescription": "Wager_Wager^1076_spacetop",
  "ProtocolName": "func_run-02_task-narratives_acq-ap-mb8",
  "PulseSequenceDetails": "%CustomerSeq%\\cmrr_mbep2d_bold",
  "ReceiveCoilActiveElements": "HEA;HEP",
  "ReceiveCoilName": "Head_32",
  "ReconMatrixPE": 82,
  "RepetitionTime": 0.46,
  "SAR": 0.097594,
  "ScanOptions": "FS",
  "ScanningSequence": "EP",
  "SequenceName": "epfid2d1_82",
  "SequenceVariant": "SK\\SS",
  "SeriesDescription": "func_run-02_task-narratives_acq-ap-mb8",
  "SeriesNumber": 10,
  "ShimSetting": [4145, -7775, -7252, 571, -16, -62, -20, 59],
  "SliceThickness": 2.7,
  "SliceTiming": [0, 0.25, 0.0625, 0.3125, 0.125, 0.3775, 0.1875, 0, 0.25, 0.0625, 0.3125, 0.125, 0.3775, 0.1875, 0, 0.25, 0.0625, 0.3125, 0.125, 0.3775, 0.1875, 0, 0.25, 0.0625, 0.3125, 0.125, 0.3775, 0.1875, 0, 0.25, 0.0625, 0.3125, 0.125, 0.3775, 0.1875, 0, 0.25, 0.0625, 0.3125, 0.125, 0.3775, 0.1875, 0, 0.25, 0.0625, 0.3125, 0.125, 0.3775, 0.1875, 0, 0.25, 0.0625, 0.3125, 0.125, 0.3775, 0.1875],
  "SoftwareVersions": "syngo MR E11",
  "SpacingBetweenSlices": 2.7,
  "StationName": "AWP66112",
  "TaskName": "narratives",
  "TotalReadoutTime": 0.03969,
  "TxRefAmp": 241.491,
  "WipMemBlock": "3714dbf4-79b1-4140-b89c-6cbbfd81bc97||Sequence: R016 ve11c/master r/e634e98; Dec 19 2017 11:00:25 by eja",
  "dcmmeta_affine": [
    [-2.675119161605835, 0.20020417869091034, -0.042126040905714035, 103.12435913085938],
    [0.1982574462890625, 2.6731247901916504, 0.11560112982988358, -104.11991882324219],
    [-0.05027851462364197, -0.11144258826971054, 2.697195053100586, -53.94114303588867],
    [0.0, 0.0, 0.0, 1.0]
],
  "dcmmeta_reorient_transform": [
    [0.0, -1.0, 0.0, 81.0],
    [1.0, 0.0, 0.0, 0.0],
    [0.0, 0.0, 1.0, 0.0],
    [0.0, 0.0, 0.0, 1.0]
],
  "dcmmeta_shape": [82, 82, 56, 1098],
  "dcmmeta_slice_dim": 2,
  "dcmmeta_version": 0.6,
  "global": {
    "const": {
      "AccessionNumber": "A003612",
      "AcquisitionMatrix": [82, 0, 0, 82],
      "AngioFlag": "N",
      "BitsAllocated": 16,
      "BitsStored": 16,
      "BodyPartExamined": "BRAIN",
      "Columns": 656,
      "EchoNumbers": 1,
      "EchoTime": 27.2,
      "EchoTrainLength": 82,
      "FlipAngle": 44.0,
      "HighBit": 15,
      "ImageOrientationPatient": [0.99708986231003, -0.0738959566437, -0.018740172632, 0.07462155641444, 0.99634644749536, 0.04153769230072],
      "ImagePositionPatient": [-944.55870768168, -822.69007366351, -80.522083900065],
      "ImageType": [
        "ORIGINAL",
        "PRIMARY",
        "M",
        "MB",
        "ND",
        "NORM",
        "MOSAIC"
],
      "ImagedNucleus": "1H",
      "ImagingFrequency": 123.252164,
      "InPlanePhaseEncodingDirection": "COL",
      "MRAcquisitionType": "2D",
      "MagneticFieldStrength": 3.0,
      "Manufacturer": "SIEMENS",
      "ManufacturerModelName": "Prisma",
      "Modality": "MR",
      "NumberOfAverages": 1.0,
      "NumberOfPhaseEncodingSteps": 82,
      "PercentPhaseFieldOfView": 100.0,
      "PercentSampling": 100.0,
      "PerformedProcedureStepStartTime": "130251.971000",
      "PhotometricInterpretation": "MONOCHROME2",
      "PixelBandwidth": 3050.0,
      "PixelRepresentation": 0,
      "PixelSpacing": [2.6829268932343, 2.6829268932343],
      "ProtocolName": "func_run-02_task-narratives_acq-ap-mb8",
      "RepetitionTime": 460.0,
      "Rows": 656,
      "SAR": 0.09759399062407,
      "SamplesPerPixel": 1,
      "ScanOptions": "FS",
      "ScanningSequence": "EP",
      "SequenceName": "epfid2d1_82",
      "SequenceVariant": [
        "SK",
        "SS"
],
      "SeriesDescription": "func_run-02_task-narratives_acq-ap-mb8",
      "SeriesNumber": 10,
      "SeriesTime": "133306.298000",
      "SliceLocation": -59.951997179374,
      "SliceThickness": 2.7000000476837,
      "SmallestImagePixelValue": 0,
      "SoftwareVersions": "syngo MR E11",
      "SpacingBetweenSlices": 2.6999999879531,
      "SpecificCharacterSet": "ISO_IR 100",
      "StudyID": "1",
      "StudyTime": "130251.915000",
      "TransmitCoilName": "Body",
      "VariableFlipAngleFlag": "N",
      "WindowCenterWidthExplanation": "Algo1",
      "dBdt": 0.0},
