{
  "AcquisitionMatrixPE": 140,
  "AcquisitionNumber": 1,
  "AcquisitionTime": "17:08:58.165000",
  "BandwidthPerPixelPhaseEncode": 10.352,
  "BaseResolution": 140,
  "BodyPartExamined": "BRAIN",
  "ConsistencyInfo": "N4_VE11E_LATEST_20181129",
  "ConversionSoftware": "dcm2niix",
  "ConversionSoftwareVersion": "v1.0.20201102",
  "DerivedVendorReportedEchoSpacing": 0.000689998,
  "DeviceSerialNumber": "66112",
  "DiffusionScheme": "Monopolar",
  "DwellTime": 2.1e-06,
  "EchoTime": 0.088,
  "EchoTrainLength": 105,
  "EffectiveEchoSpacing": 0.000689998,
  "FlipAngle": 90,
  "ImageComments": "Unaliased MB3/PE3",
  "ImageOrientationPatientDICOM": [0.999676, 0.0220659, -0.0126492, -0.0129119, 0.868759, 0.495067],
  "ImageType": [
    "ORIGINAL",
    "PRIMARY",
    "DIFFUSION",
    "NONE",
    "MB",
    "ND"
],
  "ImagingFrequency": 123.252,
  "InPlanePhaseEncodingDirectionDICOM": "COL",
  "InstitutionAddress": "Maynard 3,Hanover,NH,US,03755",
  "InstitutionName": "Dartmouth College - PBS",
  "InstitutionalDepartmentName": "Department",
  "IntendedFor": [
    "ses-01/dwi/sub-0089_ses-01_acq-96dirX6b0Xmb_dwi.nii.gz"
],
  "MRAcquisitionType": "2D",
  "MagneticFieldStrength": 3,
  "Manufacturer": "Siemens",
  "ManufacturersModelName": "Prisma",
  "Modality": "MR",
  "MultibandAccelerationFactor": 3,
  "PartialFourier": 0.75,
  "PatientPosition": "HFS",
  "PercentPhaseFOV": 100,
  "PercentSampling": 100,
  "PhaseEncodingDirection": "j",
  "PhaseEncodingSteps": 105,
  "PhaseResolution": 1,
  "PixelBandwidth": 1700,
  "ProcedureStepDescription": "Wager_Wager^1076_spacetop",
  "ProtocolName": "dwi_acq-discorr-PA",
  "PulseSequenceDetails": "%CustomerSeq%\\cmrr_mbep2d_diff",
  "ReceiveCoilActiveElements": "HEA;HEP",
  "ReceiveCoilName": "Head_32",
  "ReconMatrixPE": 140,
  "RepetitionTime": 4.1,
  "SAR": 0.174095,
  "ScanOptions": "PFP\\FS",
  "ScanningSequence": "EP",
  "SequenceName": "ep_b0",
  "SequenceVariant": "SK\\SS",
  "SeriesDescription": "dwi_acq-discorr-PA",
  "SeriesNumber": 6,
  "ShimSetting": [4143, -7816, -7237, 571, -58, -144, 65, 67],
  "SliceThickness": 1.7,
  "SliceTiming": [0, 2.10938, 0.14062, 2.26562, 0.29688, 2.40625, 0.45312, 2.5625, 0.59375, 2.71875, 0.75, 2.85938, 0.90625, 3.01562, 1.04688, 3.17188, 1.20312, 3.3125, 1.35938, 3.46875, 1.5, 3.625, 1.65625, 3.76562, 1.8125, 3.92188, 1.95312, 0, 2.10938, 0.14062, 2.26562, 0.29688, 2.40625, 0.45312, 2.5625, 0.59375, 2.71875, 0.75, 2.85938, 0.90625, 3.01562, 1.04688, 3.17188, 1.20312, 3.3125, 1.35938, 3.46875, 1.5, 3.625, 1.65625, 3.76562, 1.8125, 3.92188, 1.95312, 0, 2.10938, 0.14062, 2.26562, 0.29688, 2.40625, 0.45312, 2.5625, 0.59375, 2.71875, 0.75, 2.85938, 0.90625, 3.01562, 1.04688, 3.17188, 1.20312, 3.3125, 1.35938, 3.46875, 1.5, 3.625, 1.65625, 3.76562, 1.8125, 3.92188, 1.95312],
  "SoftwareVersions": "syngo MR E11",
  "SpacingBetweenSlices": 1.7,
  "StationName": "AWP66112",
  "TotalReadoutTime": 0.0959097,
  "TxRefAmp": 239.558,
  "WipMemBlock": "ac032ce1-bba1-49a7-ab8c-5a160f9d160b||Sequence: R016 ve11e/master r/434b28f1; Aug  7 2019 19:06:17 by eja",
  "dcmmeta_affine": [
    [-1.7137311697006226, -0.022134721279144287, -0.03725230693817139, 126.2308349609375],
    [-0.037827298045158386, 1.4893006086349487, 0.841064453125, -105.03221893310547],
    [-0.02168438956141472, -0.8486868739128113, 1.4768905639648438, 26.787843704223633],
    [0.0, 0.0, 0.0, 1.0]
],
  "dcmmeta_reorient_transform": [
    [0.0, -1.0, 0.0, 139.0],
    [1.0, 0.0, 0.0, 0.0],
    [0.0, 0.0, -1.0, 80.0],
    [0.0, 0.0, 0.0, 1.0]
],
  "dcmmeta_shape": [140, 140, 81],
  "dcmmeta_slice_dim": 2,
  "dcmmeta_version": 0.6,
  "global": {
    "const": {
      "AccessionNumber": "A004115",
      "AcquisitionMatrix": [140, 0, 0, 140],
      "AcquisitionNumber": 1,
      "AngioFlag": "N",
      "BitsAllocated": 16,
      "BitsStored": 16,
      "BodyPartExamined": "BRAIN",
      "Columns": 140,
      "EchoNumbers": 1,
      "EchoTime": 88.0,
      "EchoTrainLength": 105,
      "FlipAngle": 90.0,
      "HighBit": 15,
      "ImageOrientationPatient": [0.99967649370149, 0.02206592378431, -0.0126492271793, -0.0129119201189, 0.86875865840302, 0.49506734468013],
      "ImageType": [
        "ORIGINAL",
        "PRIMARY",
        "DIFFUSION",
        "NONE",
        "MB",
        "ND"
],
      "ImagedNucleus": "1H",
      "ImagingFrequency": 123.252147,
      "InPlanePhaseEncodingDirection": "COL",
      "MRAcquisitionType": "2D",
      "MagneticFieldStrength": 3.0,
      "Manufacturer": "SIEMENS",
      "ManufacturerModelName": "Prisma",
      "Modality": "MR",
      "NumberOfAverages": 1.0,
      "NumberOfPhaseEncodingSteps": 105,
      "PercentPhaseFieldOfView": 100.0,
      "PercentSampling": 100.0,
      "PerformedProcedureStepStartTime": "164920.849000",
      "PhotometricInterpretation": "MONOCHROME2",
      "PixelBandwidth": 1700.0,
      "PixelRepresentation": 0,
      "PixelSpacing": [1.7142857313156, 1.7142857313156],
      "ProtocolName": "dwi_acq-discorr-PA",
      "RepetitionTime": 4100.0,
      "Rows": 140,
      "SAR": 0.17409517318796,
      "SamplesPerPixel": 1,
      "ScanOptions": [
        "PFP",
        "FS"
],
      "ScanningSequence": "EP",
      "SequenceName": "ep_b0",
      "SequenceVariant": [
        "SK",
        "SS"
],
      "SeriesDescription": "dwi_acq-discorr-PA",
      "SeriesNumber": 6,
      "SeriesTime": "170902.812000",
      "SliceThickness": 1.7000000476837,
      "SmallestImagePixelValue": 0,
      "SoftwareVersions": "syngo MR E11",
      "SpacingBetweenSlices": 1.7,
      "SpecificCharacterSet": "ISO_IR 100",
      "StudyID": "1",
      "StudyTime": "164920.778000",
      "TransmitCoilName": "Body",
      "VariableFlipAngleFlag": "N",
      "WindowCenterWidthExplanation": "Algo1"
    },
