{
  "AcquisitionMatrixPE": 82,
  "AcquisitionNumber": 1,
  "AcquisitionTime": "17:32:12.627500",
  "BandwidthPerPixelPhaseEncode": 24.888,
  "BaseResolution": 82,
  "BodyPartExamined": "BRAIN",
  "ConsistencyInfo": "N4_VE11E_LATEST_20181129",
  "ConversionSoftware": "dcm2niix",
  "ConversionSoftwareVersion": "v1.0.20201102",
  "DerivedVendorReportedEchoSpacing": 0.00049,
  "DeviceSerialNumber": "66112",
  "DwellTime": 2e-06,
  "EchoTime": 0.0272,
  "EchoTrainLength": 82,
  "EffectiveEchoSpacing": 0.00049,
  "FlipAngle": 44,
  "ImageComments": "Unaliased MB8/PE3",
  "ImageOrientationPatientDICOM": [0.997429, 0.0712687, -0.00744754, -0.0709717, 0.996881, 0.0345231],
  "ImageType": [
    "ORIGINAL",
    "PRIMARY",
    "M",
    "MB",
    "ND",
    "NORM",
    "MOSAIC"
],
  "ImagingFrequency": 123.252,
  "InPlanePhaseEncodingDirectionDICOM": "COL",
  "InstitutionAddress": "Maynard 3,Hanover,NH,US,03755",
  "InstitutionName": "Dartmouth College - PBS",
  "InstitutionalDepartmentName": "Department",
  "MRAcquisitionType": "2D",
  "MagneticFieldStrength": 3,
  "Manufacturer": "Siemens",
  "ManufacturersModelName": "Prisma",
  "Modality": "MR",
  "MultibandAccelerationFactor": 8,
  "PartialFourier": 1,
  "PatientPosition": "HFS",
  "PercentPhaseFOV": 100,
  "PercentSampling": 100,
  "PhaseEncodingDirection": "j-",
  "PhaseEncodingSteps": 82,
  "PhaseResolution": 1,
  "PixelBandwidth": 3050,
  "ProcedureStepDescription": "Wager_Wager^1076_spacetop",
  "ProtocolName": "func_run-01_task-narratives_acq-ap-mb8",
  "PulseSequenceDetails": "%CustomerSeq%\\cmrr_mbep2d_bold",
  "ReceiveCoilActiveElements": "HEA;HEP",
  "ReceiveCoilName": "Head_32",
  "ReconMatrixPE": 82,
  "RepetitionTime": 0.46,
  "SAR": 0.0925276,
  "ScanOptions": "FS",
  "ScanningSequence": "EP",
  "SequenceName": "epfid2d1_82",
  "SequenceVariant": "SK\\SS",
  "SeriesDescription": "func_run-01_task-narratives_acq-ap-mb8",
  "SeriesNumber": 8,
  "ShimSetting": [4160, -7779, -7202, 826, -32, -262, 67, 60],
  "SliceThickness": 2.7,
  "SliceTiming": [0, 0.25, 0.0625, 0.3125, 0.125, 0.3775, 0.1875, 0, 0.25, 0.0625, 0.3125, 0.125, 0.3775, 0.1875, 0, 0.25, 0.0625, 0.3125, 0.125, 0.3775, 0.1875, 0, 0.25, 0.0625, 0.3125, 0.125, 0.3775, 0.1875, 0, 0.25, 0.0625, 0.3125, 0.125, 0.3775, 0.1875, 0, 0.25, 0.0625, 0.3125, 0.125, 0.3775, 0.1875, 0, 0.25, 0.0625, 0.3125, 0.125, 0.3775, 0.1875, 0, 0.25, 0.0625, 0.3125, 0.125, 0.3775, 0.1875],
  "SoftwareVersions": "syngo MR E11",
  "SpacingBetweenSlices": 2.7,
  "StationName": "AWP66112",
  "TaskName": "narratives",
  "TotalReadoutTime": 0.03969,
  "TxRefAmp": 229.28,
  "WipMemBlock": "59539748-192e-4162-8f73-832b998bd748||Sequence: R016 ve11e/master r/434b28f1; Aug  7 2019 18:53:46 by eja",
  "dcmmeta_affine": [
    [-2.676029920578003, -0.19041197001934052, -0.026688745245337486, 118.06438446044922],
    [-0.19120873510837555, 2.674558162689209, 0.09154562652111053, -97.58012390136719],
    [-0.01998119242489338, -0.09262295067310333, 2.6983156204223633, -50.086769104003906],
    [0.0, 0.0, 0.0, 1.0]
],
  "dcmmeta_reorient_transform": [
    [0.0, -1.0, 0.0, 81.0],
    [1.0, 0.0, 0.0, 0.0],
    [0.0, 0.0, 1.0, 0.0],
    [0.0, 0.0, 0.0, 1.0]
],
  "dcmmeta_shape": [82, 82, 56, 967],
  "dcmmeta_slice_dim": 2,
  "dcmmeta_version": 0.6,
  "global": {
    "const": {
      "AccessionNumber": "A003917",
      "AcquisitionMatrix": [82, 0, 0, 82],
      "AngioFlag": "N",
      "BitsAllocated": 16,
      "BitsStored": 16,
      "BodyPartExamined": "BRAIN",
      "Columns": 656,
      "EchoNumbers": 1,
      "EchoTime": 27.2,
      "EchoTrainLength": 82,
      "FlipAngle": 44.0,
      "HighBit": 15,
      "ImageOrientationPatient": [0.99742934864573, 0.07126870758079, -0.0074475351573, -0.0709717320646, 0.99688071944786, 0.03452310010504],
      "ImagePositionPatient": [-816.01339891864, -941.53415898205, -78.43741385979],
      "ImageType": [
        "ORIGINAL",
        "PRIMARY",
        "M",
        "MB",
        "ND",
        "NORM",
        "MOSAIC"
],
      "ImagedNucleus": "1H",
      "ImagingFrequency": 123.252192,
      "InPlanePhaseEncodingDirection": "COL",
      "MRAcquisitionType": "2D",
      "MagneticFieldStrength": 3.0,
      "Manufacturer": "SIEMENS",
      "ManufacturerModelName": "Prisma",
      "Modality": "MR",
      "NumberOfAverages": 1.0,
      "NumberOfPhaseEncodingSteps": 82,
      "PercentPhaseFieldOfView": 100.0,
      "PercentSampling": 100.0,
      "PerformedProcedureStepStartTime": "171756.406000",
      "PhotometricInterpretation": "MONOCHROME2",
      "PixelBandwidth": 3050.0,
      "PixelRepresentation": 0,
      "PixelSpacing": [2.6829268932343, 2.6829268932343],
      "ProtocolName": "func_run-01_task-narratives_acq-ap-mb8",
      "RepetitionTime": 460.0,
      "Rows": 656,
      "SAR": 0.09252754983703,
      "SamplesPerPixel": 1,
      "ScanOptions": "FS",
      "ScanningSequence": "EP",
      "SequenceName": "epfid2d1_82",
      "SequenceVariant": [
        "SK",
        "SS"
],
      "SeriesDescription": "func_run-01_task-narratives_acq-ap-mb8",
      "SeriesNumber": 8,
      "SeriesTime": "173233.583000",
      "SliceLocation": -54.5310871025,
      "SliceThickness": 2.7000000476837,
      "SmallestImagePixelValue": 0,
      "SoftwareVersions": "syngo MR E11",
      "SpacingBetweenSlices": 2.6999999626791,
      "SpecificCharacterSet": "ISO_IR 100",
      "StudyID": "1",
      "StudyTime": "171756.340000",
      "TransmitCoilName": "Body",
      "VariableFlipAngleFlag": "N",
      "WindowCenterWidthExplanation": "Algo1"
    },
