{
  "AcquisitionMatrixPE": 82,
  "AcquisitionNumber": 1,
  "AcquisitionTime": "13:34:34.405000",
  "BandwidthPerPixelPhaseEncode": 24.888,
  "BaseResolution": 82,
  "BodyPartExamined": "BRAIN",
  "ConsistencyInfo": "N4_VE11C_LATEST_20160120",
  "ConversionSoftware": "dcm2niix",
  "ConversionSoftwareVersion": "v1.0.20201102",
  "DerivedVendorReportedEchoSpacing": 0.00049,
  "DeviceSerialNumber": "66112",
  "DwellTime": 2e-06,
  "EchoTime": 0.073,
  "EchoTrainLength": 82,
  "EffectiveEchoSpacing": 0.00049,
  "FlipAngle": 90,
  "ImageOrientationPatientDICOM": [0.999658, 0.0257676, 0.0044735, -0.0246056, 0.984613, -0.173007],
  "ImageType": [
    "ORIGINAL",
    "PRIMARY",
    "M",
    "ND",
    "NORM",
    "MOSAIC"
],
  "ImagingFrequency": 123.253,
  "InPlanePhaseEncodingDirectionDICOM": "COL",
  "InstitutionAddress": "Maynard 3,Hanover,NH,US,03755",
  "InstitutionName": "Dartmouth College - PBS",
  "InstitutionalDepartmentName": "Department",
  "IntendedFor": [
    "ses-01/func/sub-0023_ses-01_task-social_acq-mb8_run-06_bold.nii.gz"
],
  "MRAcquisitionType": "2D",
  "MagneticFieldStrength": 3,
  "Manufacturer": "Siemens",
  "ManufacturersModelName": "Prisma",
  "Modality": "MR",
  "PartialFourier": 1,
  "PatientPosition": "HFS",
  "PercentPhaseFOV": 100,
  "PercentSampling": 100,
  "PhaseEncodingDirection": "j",
  "PhaseEncodingSteps": 82,
  "PhaseResolution": 1,
  "PixelBandwidth": 3050,
  "ProcedureStepDescription": "Wager_Wager^1076_spacetop",
  "ProtocolName": "fmap-epi_dir-pa_acq-mb8_run-51",
  "PulseSequenceDetails": "%CustomerSeq%\\cmrr_mbep2d_se",
  "ReceiveCoilActiveElements": "HEA;HEP",
  "ReceiveCoilName": "Head_32",
  "ReconMatrixPE": 82,
  "RepetitionTime": 7.22,
  "SAR": 0.15068,
  "ScanOptions": "FS",
  "ScanningSequence": "EP",
  "SequenceName": "epse2d1_82",
  "SequenceVariant": "SK",
  "SeriesDescription": "fmap-epi_dir-pa_acq-mb8_run-51",
  "SeriesNumber": 51,
  "ShimSetting": [4152, -7726, -7283, 583, 39, -185, -25, 62],
  "SliceThickness": 2.7,
  "SliceTiming": [3.6, 0, 3.7275, 0.1275, 3.855, 0.255, 3.985, 0.385, 4.1125, 0.5125, 4.2425, 0.6425, 4.37, 0.77, 4.5, 0.9, 4.6275, 1.0275, 4.755, 1.155, 4.885, 1.285, 5.0125, 1.4125, 5.1425, 1.5425, 5.27, 1.67, 5.4, 1.8, 5.5275, 1.9275, 5.655, 2.055, 5.785, 2.185, 5.9125, 2.3125, 6.0425, 2.4425, 6.17, 2.57, 6.3, 2.7, 6.4275, 2.8275, 6.555, 2.955, 6.685, 3.085, 6.8125, 3.2125, 6.9425, 3.3425, 7.07, 3.47],
  "SoftwareVersions": "syngo MR E11",
  "SpacingBetweenSlices": 2.7,
  "StationName": "AWP66112",
  "TotalReadoutTime": 0.03969,
  "TxRefAmp": 264.151,
  "WipMemBlock": "190f7976-ce30-4005-bb21-84a5d48d3ff8||Sequence: R016 ve11c/master r/e634e98; Dec 19 2017 11:22:56 by eja",
  "dcmmeta_affine": [
    [-2.682009220123291, -0.06601512432098389, 0.02392912097275257, 115.96207427978516],
    [-0.06913270801305771, 2.6416454315185547, -0.46666061878204346, -78.4065170288086],
    [0.012002070434391499, 0.4641638696193695, 2.6592583656311035, -98.35967254638672],
    [0.0, 0.0, 0.0, 1.0]
],
  "dcmmeta_reorient_transform": [
    [0.0, -1.0, 0.0, 81.0],
    [1.0, 0.0, 0.0, 0.0],
    [0.0, 0.0, 1.0, 0.0],
    [0.0, 0.0, 0.0, 1.0]
],
  "dcmmeta_shape": [82, 82, 56, 2],
  "dcmmeta_slice_dim": 2,
  "dcmmeta_version": 0.6,
  "global": {
    "const": {
      "AccessionNumber": "A003582",
      "AcquisitionMatrix": [82, 0, 0, 82],
      "AngioFlag": "N",
      "BitsAllocated": 16,
      "BitsStored": 16,
      "BodyPartExamined": "BRAIN",
      "Columns": 656,
      "EchoNumbers": 1,
      "EchoTime": 73.0,
      "EchoTrainLength": 82,
      "FlipAngle": 90.0,
      "HighBit": 15,
      "ImageOrientationPatient": [0.99965794962876, 0.02576764542845, 0.00447349897645, -0.0246056376561, 0.98461327682026, -0.1730065250353],
      "ImagePositionPatient": [-861.40514746735, -913.56009277811, 69.00803344777],
      "ImageType": [
        "ORIGINAL",
        "PRIMARY",
        "M",
        "ND",
        "NORM",
        "MOSAIC"
],
      "ImagedNucleus": "1H",
      "ImagingFrequency": 123.252574,
      "InPlanePhaseEncodingDirection": "COL",
      "MRAcquisitionType": "2D",
      "MagneticFieldStrength": 3.0,
      "Manufacturer": "SIEMENS",
      "ManufacturerModelName": "Prisma",
      "Modality": "MR",
      "NumberOfAverages": 1.0,
      "NumberOfPhaseEncodingSteps": 82,
      "PercentPhaseFieldOfView": 100.0,
      "PercentSampling": 100.0,
      "PerformedProcedureStepStartTime": "115437.085000",
      "PhotometricInterpretation": "MONOCHROME2",
      "PixelBandwidth": 3050.0,
      "PixelRepresentation": 0,
      "PixelSpacing": [2.6829268932343, 2.6829268932343],
      "ProtocolName": "fmap-epi_dir-pa_acq-mb8_run-51",
      "RepetitionTime": 7220.0,
      "Rows": 656,
      "SAR": 0.15067969590458,
      "SamplesPerPixel": 1,
      "ScanOptions": "FS",
      "ScanningSequence": "EP",
      "SequenceName": "epse2d1_82",
      "SequenceVariant": "SK",
      "SeriesDescription": "fmap-epi_dir-pa_acq-mb8_run-51",
      "SeriesNumber": 51,
      "SeriesTime": "133445.306000",
      "SliceLocation": -82.29617739706,
      "SliceThickness": 2.7000000476837,
      "SmallestImagePixelValue": 0,
      "SoftwareVersions": "syngo MR E11",
      "SpacingBetweenSlices": 2.6999999387995,
      "SpecificCharacterSet": "ISO_IR 100",
      "StudyID": "1",
      "StudyTime": "115437.028000",
      "TransmitCoilName": "Body",
      "VariableFlipAngleFlag": "N",
      "WindowCenterWidthExplanation": "Algo1",
      "dBdt": 0.0},
    "slices": {}
  },
  "time": {
    "samples": {
      "AcquisitionNumber": [1, 2],
      "AcquisitionTime": ["133434.405000", "133441.625000"],
      "ContentTime": ["133445.309000", "133445.313000"],
      "InstanceCreationTime": ["133445.309000", "133445.313000"],
      "InstanceNumber": [1, 2],
      "LargestImagePixelValue": [62747, 62268],
      "WindowCenter": [7023.0, 7018.0],
      "WindowWidth": [15437.0, 15455.0]
    },
    "slices": {}
  }
}