{
  "AcquisitionMatrixPE": 82,
  "AcquisitionNumber": 1,
  "AcquisitionTime": "13:35:27.357500",
  "BandwidthPerPixelPhaseEncode": 24.888,
  "BaseResolution": 82,
  "BodyPartExamined": "BRAIN",
  "ConsistencyInfo": "N4_VE11E_LATEST_20181129",
  "ConversionSoftware": "dcm2niix",
  "ConversionSoftwareVersion": "v1.0.20201102",
  "DerivedVendorReportedEchoSpacing": 0.00049,
  "DeviceSerialNumber": "66112",
  "DwellTime": 2e-06,
  "EchoTime": 0.073,
  "EchoTrainLength": 82,
  "EffectiveEchoSpacing": 0.00049,
  "FlipAngle": 90,
  "ImageOrientationPatientDICOM": [0.999052, 0.0123631, -0.0417473, -0.0116831, 0.999796, 0.0164922],
  "ImageType": [
    "ORIGINAL",
    "PRIMARY",
    "M",
    "ND",
    "NORM",
    "MOSAIC"
],
  "ImagingFrequency": 123.252,
  "InPlanePhaseEncodingDirectionDICOM": "COL",
  "InstitutionAddress": "Maynard 3,Hanover,NH,US,03755",
  "InstitutionName": "Dartmouth College - PBS",
  "InstitutionalDepartmentName": "Department",
  "IntendedFor": [
    "ses-02/func/sub-0076_ses-02_task-alignvideo_acq-mb8_run-01_bold.nii.gz",
    "ses-02/func/sub-0076_ses-02_task-alignvideo_acq-mb8_run-02_bold.nii.gz",
    "ses-02/func/sub-0076_ses-02_task-alignvideo_acq-mb8_run-03_bold.nii.gz",
    "ses-02/func/sub-0076_ses-02_task-alignvideo_acq-mb8_run-04_bold.nii.gz"
],
  "MRAcquisitionType": "2D",
  "MagneticFieldStrength": 3,
  "Manufacturer": "Siemens",
  "ManufacturersModelName": "Prisma",
  "Modality": "MR",
  "PartialFourier": 1,
  "PatientPosition": "HFS",
  "PercentPhaseFOV": 100,
  "PercentSampling": 100,
  "PhaseEncodingDirection": "j",
  "PhaseEncodingSteps": 82,
  "PhaseResolution": 1,
  "PixelBandwidth": 3050,
  "ProcedureStepDescription": "Wager_Wager^1076_spacetop",
  "ProtocolName": "fmap-epi_dir-pa_acq-mb8_run-02",
  "PulseSequenceDetails": "%CustomerSeq%\\cmrr_mbep2d_se",
  "ReceiveCoilActiveElements": "HEA;HEP",
  "ReceiveCoilName": "Head_32",
  "ReconMatrixPE": 82,
  "RepetitionTime": 7.22,
  "SAR": 0.150531,
  "ScanOptions": "FS",
  "ScanningSequence": "EP",
  "SequenceName": "epse2d1_82",
  "SequenceVariant": "SK",
  "SeriesDescription": "fmap-epi_dir-pa_acq-mb8_run-02",
  "SeriesNumber": 26,
  "ShimSetting": [4145, -7706, -7265, 724, 14, 25, -68, 86],
  "SliceThickness": 2.7,
  "SliceTiming": [3.6, 0, 3.73, 0.13, 3.8575, 0.2575, 3.9875, 0.3875, 4.115, 0.515, 4.245, 0.645, 4.3725, 0.7725, 4.5, 0.9, 4.63, 1.03, 4.7575, 1.1575, 4.8875, 1.2875, 5.015, 1.415, 5.145, 1.545, 5.2725, 1.6725, 5.4, 1.8, 5.53, 1.93, 5.6575, 2.0575, 5.7875, 2.1875, 5.915, 2.315, 6.045, 2.445, 6.1725, 2.5725, 6.3, 2.7, 6.43, 2.83, 6.5575, 2.9575, 6.6875, 3.0875, 6.815, 3.215, 6.945, 3.345, 7.0725, 3.4725],
  "SoftwareVersions": "syngo MR E11",
  "SpacingBetweenSlices": 2.7,
  "StationName": "AWP66112",
  "TotalReadoutTime": 0.03969,
  "TxRefAmp": 241.411,
  "WipMemBlock": "02a95b2f-cb08-4fb5-be8b-ac1230d7e689||Sequence: R016 ve11e/master r/434b28f1; Aug  7 2019 19:20:16 by eja",
  "dcmmeta_affine": [
    [-2.68038272857666, -0.031344976276159286, -0.11324530839920044, 119.63668060302734],
    [-0.033169232308864594, 2.6823787689208984, 0.04316973313689232, -97.70323181152344],
    [-0.11200506240129471, -0.044247280806303024, 2.6972784996032715, -56.5930061340332],
    [0.0, 0.0, 0.0, 1.0]
],
  "dcmmeta_reorient_transform": [
    [0.0, -1.0, 0.0, 81.0],
    [1.0, 0.0, 0.0, 0.0],
    [0.0, 0.0, 1.0, 0.0],
    [0.0, 0.0, 0.0, 1.0]
],
  "dcmmeta_shape": [82, 82, 56, 2],
  "dcmmeta_slice_dim": 2,
  "dcmmeta_version": 0.6,
  "global": {
    "const": {
      "AccessionNumber": "A004025",
      "AcquisitionMatrix": [82, 0, 0, 82],
      "AngioFlag": "N",
      "BitsAllocated": 16,
      "BitsStored": 16,
      "BodyPartExamined": "BRAIN",
      "Columns": 656,
      "EchoNumbers": 1,
      "EchoTime": 73.0,
      "EchoTrainLength": 82,
      "FlipAngle": 90.0,
      "HighBit": 15,
      "ImageOrientationPatient": [0.99905170731616, 0.01236307727375, -0.0417473403823, -0.0116831267965, 0.99979573560425, 0.01649216831756],
      "ImagePositionPatient": [-877.37156181969, -898.93175784604, -40.730552881008],
      "ImageType": [
        "ORIGINAL",
        "PRIMARY",
        "M",
        "ND",
        "NORM",
        "MOSAIC"
],
      "ImagedNucleus": "1H",
      "ImagingFrequency": 123.252219,
      "InPlanePhaseEncodingDirection": "COL",
      "LargestImagePixelValue": 65535,
      "MRAcquisitionType": "2D",
      "MagneticFieldStrength": 3.0,
      "Manufacturer": "SIEMENS",
      "ManufacturerModelName": "Prisma",
      "Modality": "MR",
      "NumberOfAverages": 1.0,
      "NumberOfPhaseEncodingSteps": 82,
      "PercentPhaseFieldOfView": 100.0,
      "PercentSampling": 100.0,
      "PerformedProcedureStepStartTime": "121824.472000",
      "PhotometricInterpretation": "MONOCHROME2",
      "PixelBandwidth": 3050.0,
      "PixelRepresentation": 0,
      "PixelSpacing": [2.6829268932343, 2.6829268932343],
      "ProtocolName": "fmap-epi_dir-pa_acq-mb8_run-02",
      "RepetitionTime": 7220.0,
      "Rows": 656,
      "SAR": 0.15053083661733,
      "SamplesPerPixel": 1,
      "ScanOptions": "FS",
      "ScanningSequence": "EP",
      "SequenceName": "epse2d1_82",
      "SequenceVariant": "SK",
      "SeriesDescription": "fmap-epi_dir-pa_acq-mb8_run-02",
      "SeriesNumber": 26,
      "SeriesTime": "133539.076000",
      "SliceLocation": -63.116007185244,
      "SliceThickness": 2.7000000476837,
      "SmallestImagePixelValue": 0,
      "SoftwareVersions": "syngo MR E11",
      "SpacingBetweenSlices": 2.6999999895985,
      "SpecificCharacterSet": "ISO_IR 100",
      "StudyID": "2",
      "StudyTime": "121824.414000",
      "TransmitCoilName": "Body",
      "VariableFlipAngleFlag": "N",
      "WindowCenterWidthExplanation": "Algo1"
    },
    "slices": {}
  },
  "time": {
    "samples": {
      "AcquisitionNumber": [1, 2],
      "AcquisitionTime": ["133527.357500", "133534.577500"],
      "ContentTime": ["133539.080000", "133539.084000"],
      "InstanceCreationTime": ["133539.080000", "133539.084000"],
      "InstanceNumber": [1, 2],
      "WindowCenter": [7130.0, 7138.0],
      "WindowWidth": [15761.0, 15774.0]
    },
    "slices": {}
  }
}