{
  "AcquisitionMatrixPE": 82,
  "AcquisitionNumber": 1,
  "AcquisitionTime": "15:38:27.155000",
  "BandwidthPerPixelPhaseEncode": 24.888,
  "BaseResolution": 82,
  "BodyPartExamined": "BRAIN",
  "ConsistencyInfo": "N4_VE11C_LATEST_20160120",
  "ConversionSoftware": "dcm2niix",
  "ConversionSoftwareVersion": "v1.0.20201102",
  "DerivedVendorReportedEchoSpacing": 0.00049,
  "DeviceSerialNumber": "66112",
  "DwellTime": 2e-06,
  "EchoTime": 0.0272,
  "EchoTrainLength": 82,
  "EffectiveEchoSpacing": 0.00049,
  "FlipAngle": 44,
  "ImageComments": "Unaliased MB8/PE3",
  "ImageOrientationPatientDICOM": [0.999958, -0.00602651, 0.00695457, 0.00488672, 0.988117, 0.153623],
  "ImageType": [
    "ORIGINAL",
    "PRIMARY",
    "M",
    "MB",
    "ND",
    "NORM",
    "MOSAIC"
],
  "ImagingFrequency": 123.252,
  "InPlanePhaseEncodingDirectionDICOM": "COL",
  "InstitutionAddress": "Maynard 3,Hanover,NH,US,03755",
  "InstitutionName": "Dartmouth College - PBS",
  "InstitutionalDepartmentName": "Department",
  "MRAcquisitionType": "2D",
  "MagneticFieldStrength": 3,
  "Manufacturer": "Siemens",
  "ManufacturersModelName": "Prisma",
  "Modality": "MR",
  "MultibandAccelerationFactor": 8,
  "PartialFourier": 1,
  "PatientPosition": "HFS",
  "PercentPhaseFOV": 100,
  "PercentSampling": 100,
  "PhaseEncodingDirection": "j-",
  "PhaseEncodingSteps": 82,
  "PhaseResolution": 1,
  "PixelBandwidth": 3050,
  "ProcedureStepDescription": "Wager_Wager^1076_spacetop",
  "ProtocolName": "func_run-01_task-alignvideo_acq-ap-mb8",
  "PulseSequenceDetails": "%CustomerSeq%\\cmrr_mbep2d_bold",
  "ReceiveCoilActiveElements": "HEA;HEP",
  "ReceiveCoilName": "Head_32",
  "ReconMatrixPE": 82,
  "RepetitionTime": 0.46,
  "SAR": 0.103472,
  "ScanOptions": "FS",
  "ScanningSequence": "EP",
  "SequenceName": "epfid2d1_82",
  "SequenceVariant": "SK\\SS",
  "SeriesDescription": "func_run-01_task-alignvideo_acq-ap-mb8",
  "SeriesNumber": 28,
  "ShimSetting": [4163, -7797, -7207, 491, -4, -277, 79, 81],
  "SliceThickness": 2.7,
  "SliceTiming": [0, 0.25, 0.0625, 0.3125, 0.125, 0.375, 0.1875, 0, 0.25, 0.0625, 0.3125, 0.125, 0.375, 0.1875, 0, 0.25, 0.0625, 0.3125, 0.125, 0.375, 0.1875, 0, 0.25, 0.0625, 0.3125, 0.125, 0.375, 0.1875, 0, 0.25, 0.0625, 0.3125, 0.125, 0.375, 0.1875, 0, 0.25, 0.0625, 0.3125, 0.125, 0.375, 0.1875, 0, 0.25, 0.0625, 0.3125, 0.125, 0.375, 0.1875, 0, 0.25, 0.0625, 0.3125, 0.125, 0.375, 0.1875],
  "SoftwareVersions": "syngo MR E11",
  "SpacingBetweenSlices": 2.7,
  "StationName": "AWP66112",
  "TaskName": "alignvideo",
  "TotalReadoutTime": 0.03969,
  "TxRefAmp": 252.287,
  "WipMemBlock": "b1f2ecca-94c4-42a4-beda-eff5e5a3045c||Sequence: R016 ve11c/master r/e634e98; Dec 19 2017 11:00:25 by eja",
  "dcmmeta_affine": [
    [-2.6828134059906006, 0.013110723346471786, 0.021053900942206383, 110.6679458618164],
    [0.016168685629963875, 2.6510467529296875, 0.4146730303764343, -107.55989074707031],
    [0.018658597022294998, -0.4121595323085785, 2.6678836345672607, -21.747665405273438],
    [0.0, 0.0, 0.0, 1.0]
],
  "dcmmeta_reorient_transform": [
    [0.0, -1.0, 0.0, 81.0],
    [1.0, 0.0, 0.0, 0.0],
    [0.0, 0.0, 1.0, 0.0],
    [0.0, 0.0, 0.0, 1.0]
],
  "dcmmeta_shape": [82, 82, 56, 839],
  "dcmmeta_slice_dim": 2,
  "dcmmeta_version": 0.6,
  "global": {
    "const": {
      "AccessionNumber": "A003607",
      "AcquisitionMatrix": [82, 0, 0, 82],
      "AngioFlag": "N",
      "BitsAllocated": 16,
      "BitsStored": 16,
      "BodyPartExamined": "BRAIN",
      "Columns": 656,
      "EchoNumbers": 1,
      "EchoTime": 27.2,
      "EchoTrainLength": 82,
      "FlipAngle": 44.0,
      "HighBit": 15,
      "ImageOrientationPatient": [0.99995765668348, -0.0060265099529, 0.0069545681296, 0.00488672417675, 0.98811743428329, 0.15362309719648],
      "ImagePositionPatient": [-885.46010392273, -863.38493368211, -178.77739258769],
      "ImageType": [
        "ORIGINAL",
        "PRIMARY",
        "M",
        "MB",
        "ND",
        "NORM",
        "MOSAIC"
],
      "ImagedNucleus": "1H",
      "ImagingFrequency": 123.252118,
      "InPlanePhaseEncodingDirection": "COL",
      "MRAcquisitionType": "2D",
      "MagneticFieldStrength": 3.0,
      "Manufacturer": "SIEMENS",
      "ManufacturerModelName": "Prisma",
      "Modality": "MR",
      "NumberOfAverages": 1.0,
      "NumberOfPhaseEncodingSteps": 82,
      "PercentPhaseFieldOfView": 100.0,
      "PercentSampling": 100.0,
      "PerformedProcedureStepStartTime": "141844.588000",
      "PhotometricInterpretation": "MONOCHROME2",
      "PixelBandwidth": 3050.0,
      "PixelRepresentation": 0,
      "PixelSpacing": [2.6829268932343, 2.6829268932343],
      "ProtocolName": "func_run-01_task-alignvideo_acq-ap-mb8",
      "RepetitionTime": 460.0,
      "Rows": 656,
      "SAR": 0.10347216561124,
      "SamplesPerPixel": 1,
      "ScanOptions": "FS",
      "ScanningSequence": "EP",
      "SequenceName": "epfid2d1_82",
      "SequenceVariant": [
        "SK",
        "SS"
],
      "SeriesDescription": "func_run-01_task-alignvideo_acq-ap-mb8",
      "SeriesNumber": 28,
      "SeriesTime": "153844.095000",
      "SliceLocation": -37.145345532038,
      "SliceThickness": 2.7000000476837,
      "SmallestImagePixelValue": 0,
      "SoftwareVersions": "syngo MR E11",
      "SpacingBetweenSlices": 2.7000000254678,
      "SpecificCharacterSet": "ISO_IR 100",
      "StudyID": "1",
      "StudyTime": "141844.147000",
      "TransmitCoilName": "Body",
      "VariableFlipAngleFlag": "N",
      "WindowCenterWidthExplanation": "Algo1",
      "dBdt": 0.0},
