{
  "AcquisitionMatrixPE": 82,
  "AcquisitionNumber": 1,
  "AcquisitionTime": "17:36:37.357500",
  "BandwidthPerPixelPhaseEncode": 24.888,
  "BaseResolution": 82,
  "BodyPartExamined": "BRAIN",
  "ConsistencyInfo": "N4_VE11E_LATEST_20181129",
  "ConversionSoftware": "dcm2niix",
  "ConversionSoftwareVersion": "v1.0.20201102",
  "DerivedVendorReportedEchoSpacing": 0.00049,
  "DeviceSerialNumber": "66112",
  "DwellTime": 2e-06,
  "EchoTime": 0.073,
  "EchoTrainLength": 82,
  "EffectiveEchoSpacing": 0.00049,
  "FlipAngle": 90,
  "ImageOrientationPatientDICOM": [0.996531, 0.0829526, 0.00666396, -0.0819298, 0.963888, 0.25339],
  "ImageType": [
    "ORIGINAL",
    "PRIMARY",
    "M",
    "ND",
    "NORM",
    "MOSAIC"
],
  "ImagingFrequency": 123.252,
  "InPlanePhaseEncodingDirectionDICOM": "COL",
  "InstitutionAddress": "Maynard 3,Hanover,NH,US,03755",
  "InstitutionName": "Dartmouth College - PBS",
  "InstitutionalDepartmentName": "Department",
  "IntendedFor": [
    "ses-01/func/sub-0060_ses-01_task-alignvideo_acq-mb8_run-01_bold.nii.gz",
    "ses-01/func/sub-0060_ses-01_task-alignvideo_acq-mb8_run-02_bold.nii.gz",
    "ses-01/func/sub-0060_ses-01_task-alignvideo_acq-mb8_run-03_bold.nii.gz",
    "ses-01/func/sub-0060_ses-01_task-alignvideo_acq-mb8_run-04_bold.nii.gz"
],
  "MRAcquisitionType": "2D",
  "MagneticFieldStrength": 3,
  "Manufacturer": "Siemens",
  "ManufacturersModelName": "Prisma",
  "Modality": "MR",
  "PartialFourier": 1,
  "PatientPosition": "HFS",
  "PercentPhaseFOV": 100,
  "PercentSampling": 100,
  "PhaseEncodingDirection": "j",
  "PhaseEncodingSteps": 82,
  "PhaseResolution": 1,
  "PixelBandwidth": 3050,
  "ProcedureStepDescription": "Wager_Wager^1076_spacetop",
  "ProtocolName": "fmap-epi_dir-pa_acq-mb8_run-02",
  "PulseSequenceDetails": "%CustomerSeq%\\cmrr_mbep2d_se",
  "ReceiveCoilActiveElements": "HEA;HEP",
  "ReceiveCoilName": "Head_32",
  "ReconMatrixPE": 82,
  "RepetitionTime": 7.22,
  "SAR": 0.14565,
  "ScanOptions": "FS",
  "ScanningSequence": "EP",
  "SequenceName": "epse2d1_82",
  "SequenceVariant": "SK",
  "SeriesDescription": "fmap-epi_dir-pa_acq-mb8_run-02",
  "SeriesNumber": 28,
  "ShimSetting": [4153, -7750, -7295, 764, -54, -27, -25, 72],
  "SliceThickness": 2.7,
  "SliceTiming": [3.6, 0, 3.7275, 0.1275, 3.8575, 0.2575, 3.985, 0.385, 4.115, 0.515, 4.2425, 0.6425, 4.3725, 0.7725, 4.5, 0.9, 4.6275, 1.0275, 4.7575, 1.1575, 4.885, 1.285, 5.015, 1.415, 5.1425, 1.5425, 5.2725, 1.6725, 5.4, 1.8, 5.5275, 1.9275, 5.6575, 2.0575, 5.785, 2.185, 5.915, 2.315, 6.0425, 2.4425, 6.1725, 2.5725, 6.3, 2.7, 6.4275, 2.8275, 6.5575, 2.9575, 6.685, 3.085, 6.815, 3.215, 6.9425, 3.3425, 7.0725, 3.4725],
  "SoftwareVersions": "syngo MR E11",
  "SpacingBetweenSlices": 2.7,
  "StationName": "AWP66112",
  "TotalReadoutTime": 0.03969,
  "TxRefAmp": 233.487,
  "WipMemBlock": "a8c86854-b544-4c56-89ee-13a1462cd136||Sequence: R016 ve11e/master r/434b28f1; Aug  7 2019 19:20:16 by eja",
  "dcmmeta_affine": [
    [-2.6736204624176025, -0.21981164813041687, -0.03940938413143158, 117.91502380371094],
    [-0.22255566716194153, 2.5860421657562256, 0.6832549571990967, -100.50200653076172],
    [0.01787891425192356, -0.6798278093338013, 2.611821174621582, -39.87395477294922],
    [0.0, 0.0, 0.0, 1.0]
],
  "dcmmeta_reorient_transform": [
    [0.0, -1.0, 0.0, 81.0],
    [1.0, 0.0, 0.0, 0.0],
    [0.0, 0.0, 1.0, 0.0],
    [0.0, 0.0, 0.0, 1.0]
],
  "dcmmeta_shape": [82, 82, 56, 2],
  "dcmmeta_slice_dim": 2,
  "dcmmeta_version": 0.6,
  "global": {
    "const": {
      "AccessionNumber": "A003933",
      "AcquisitionMatrix": [82, 0, 0, 82],
      "AngioFlag": "N",
      "BitsAllocated": 16,
      "BitsStored": 16,
      "BodyPartExamined": "BRAIN",
      "Columns": 656,
      "EchoNumbers": 1,
      "EchoTime": 73.0,
      "EchoTrainLength": 82,
      "FlipAngle": 90.0,
      "HighBit": 15,
      "ImageOrientationPatient": [0.99653121544299, 0.08295256654655, 0.00666395911298, -0.0819297960282, 0.96388839572288, 0.2533903492905],
      "ImagePositionPatient": [-804.35339068039, -915.03496152956, -295.18182700259],
      "ImageType": [
        "ORIGINAL",
        "PRIMARY",
        "M",
        "ND",
        "NORM",
        "MOSAIC"
],
      "ImagedNucleus": "1H",
      "ImagingFrequency": 123.2522,
      "InPlanePhaseEncodingDirection": "COL",
      "MRAcquisitionType": "2D",
      "MagneticFieldStrength": 3.0,
      "Manufacturer": "SIEMENS",
      "ManufacturerModelName": "Prisma",
      "Modality": "MR",
      "NumberOfAverages": 1.0,
      "NumberOfPhaseEncodingSteps": 82,
      "PercentPhaseFieldOfView": 100.0,
      "PercentSampling": 100.0,
      "PerformedProcedureStepStartTime": "160058.281000",
      "PhotometricInterpretation": "MONOCHROME2",
      "PixelBandwidth": 3050.0,
      "PixelRepresentation": 0,
      "PixelSpacing": [2.6829268932343, 2.6829268932343],
      "ProtocolName": "fmap-epi_dir-pa_acq-mb8_run-02",
      "RepetitionTime": 7220.0,
      "Rows": 656,
      "SAR": 0.14565017957832,
      "SamplesPerPixel": 1,
      "ScanOptions": "FS",
      "ScanningSequence": "EP",
      "SequenceName": "epse2d1_82",
      "SequenceVariant": "SK",
      "SeriesDescription": "fmap-epi_dir-pa_acq-mb8_run-02",
      "SeriesNumber": 28,
      "SeriesTime": "173648.578000",
      "SliceLocation": -65.725586870719,
      "SliceThickness": 2.7000000476837,
      "SmallestImagePixelValue": 0,
      "SoftwareVersions": "syngo MR E11",
      "SpacingBetweenSlices": 2.7000001175527,
      "SpecificCharacterSet": "ISO_IR 100",
      "StudyID": "1",
      "StudyTime": "160058.229000",
      "TransmitCoilName": "Body",
      "VariableFlipAngleFlag": "N",
      "WindowCenterWidthExplanation": "Algo1"
    },
    "slices": {}
  },
  "time": {
    "samples": {
      "AcquisitionNumber": [1, 2],
      "AcquisitionTime": ["173637.357500", "173644.577500"],
      "ContentTime": ["173648.581000", "173648.585000"],
      "InstanceCreationTime": ["173648.581000", "173648.585000"],
      "InstanceNumber": [1, 2],
      "LargestImagePixelValue": [41877, 42254],
      "WindowCenter": [6232.0, 6242.0],
      "WindowWidth": [13654.0, 13675.0]
    },
    "slices": {}
  }
}