{
  "AcquisitionMatrixPE": 82,
  "AcquisitionNumber": 1,
  "AcquisitionTime": "17:46:22.727500",
  "BandwidthPerPixelPhaseEncode": 24.888,
  "BaseResolution": 82,
  "BodyPartExamined": "BRAIN",
  "ConsistencyInfo": "N4_VE11E_LATEST_20181129",
  "ConversionSoftware": "dcm2niix",
  "ConversionSoftwareVersion": "v1.0.20201102",
  "DerivedVendorReportedEchoSpacing": 0.00049,
  "DeviceSerialNumber": "66112",
  "DwellTime": 2e-06,
  "EchoTime": 0.073,
  "EchoTrainLength": 82,
  "EffectiveEchoSpacing": 0.00049,
  "FlipAngle": 90,
  "ImageOrientationPatientDICOM": [0.999731, 0.00598351, 0.0224018, -0.00593262, 0.99998, -0.00233768],
  "ImageType": [
    "ORIGINAL",
    "PRIMARY",
    "M",
    "ND",
    "NORM",
    "MOSAIC"
],
  "ImagingFrequency": 123.252,
  "InPlanePhaseEncodingDirectionDICOM": "COL",
  "InstitutionAddress": "Maynard 3,Hanover,NH,US,03755",
  "InstitutionName": "Dartmouth College - PBS",
  "InstitutionalDepartmentName": "Department",
  "IntendedFor": [
    "ses-03/func/sub-0090_ses-03_task-social_acq-mb8_run-01_bold.nii.gz",
    "ses-03/func/sub-0090_ses-03_task-social_acq-mb8_run-02_bold.nii.gz",
    "ses-03/func/sub-0090_ses-03_task-social_acq-mb8_run-03_bold.nii.gz",
    "ses-03/func/sub-0090_ses-03_task-social_acq-mb8_run-04_bold.nii.gz",
    "ses-03/func/sub-0090_ses-03_task-social_acq-mb8_run-05_bold.nii.gz",
    "ses-03/func/sub-0090_ses-03_task-social_acq-mb8_run-06_bold.nii.gz"
],
  "MRAcquisitionType": "2D",
  "MagneticFieldStrength": 3,
  "Manufacturer": "Siemens",
  "ManufacturersModelName": "Prisma",
  "Modality": "MR",
  "PartialFourier": 1,
  "PatientPosition": "HFS",
  "PercentPhaseFOV": 100,
  "PercentSampling": 100,
  "PhaseEncodingDirection": "j-",
  "PhaseEncodingSteps": 82,
  "PhaseResolution": 1,
  "PixelBandwidth": 3050,
  "ProcedureStepDescription": "Wager_Wager^1076_spacetop",
  "ProtocolName": "fmap-epi_dir-ap_acq-mb8_run-01",
  "PulseSequenceDetails": "%CustomerSeq%\\cmrr_mbep2d_se",
  "ReceiveCoilActiveElements": "HEA;HEP",
  "ReceiveCoilName": "Head_32",
  "ReconMatrixPE": 82,
  "RepetitionTime": 7.22,
  "SAR": 0.141663,
  "ScanOptions": "FS",
  "ScanningSequence": "EP",
  "SequenceName": "epse2d1_82",
  "SequenceVariant": "SK",
  "SeriesDescription": "fmap-epi_dir-ap_acq-mb8_run-01",
  "SeriesNumber": 5,
  "ShimSetting": [4163, -7707, -7262, 589, 17, -111, -127, -1],
  "SliceThickness": 2.7,
  "SliceTiming": [3.5975, 0, 3.7275, 0.1275, 3.855, 0.255, 3.985, 0.385, 4.1125, 0.5125, 4.2425, 0.6425, 4.37, 0.77, 4.4975, 0.8975, 4.6275, 1.0275, 4.755, 1.155, 4.885, 1.285, 5.0125, 1.4125, 5.1425, 1.5425, 5.27, 1.67, 5.3975, 1.7975, 5.5275, 1.9275, 5.655, 2.055, 5.785, 2.185, 5.9125, 2.3125, 6.0425, 2.4425, 6.17, 2.57, 6.2975, 2.6975, 6.4275, 2.8275, 6.555, 2.955, 6.685, 3.085, 6.8125, 3.2125, 6.9425, 3.3425, 7.07, 3.47],
  "SoftwareVersions": "syngo MR E11",
  "SpacingBetweenSlices": 2.7,
  "StationName": "AWP66112",
  "TotalReadoutTime": 0.03969,
  "TxRefAmp": 251.455,
  "WipMemBlock": "b75dc568-b429-4d81-9386-da4a8fdd2715||Sequence: R016 ve11e/master r/434b28f1; Aug  7 2019 19:20:16 by eja",
  "dcmmeta_affine": [
    [-2.6822056770324707, -0.01591677777469158, 0.06052127853035927, 110.47282409667969],
    [-0.016053322702646255, 2.6828722953796387, -0.005951198283582926, -92.42729949951172],
    [0.060102272778749466, 0.006271816790103912, 2.699315071105957, -79.33183288574219],
    [0.0, 0.0, 0.0, 1.0]
],
  "dcmmeta_reorient_transform": [
    [0.0, -1.0, 0.0, 81.0],
    [1.0, 0.0, 0.0, 0.0],
    [0.0, 0.0, 1.0, 0.0],
    [0.0, 0.0, 0.0, 1.0]
],
  "dcmmeta_shape": [82, 82, 56, 2],
  "dcmmeta_slice_dim": 2,
  "dcmmeta_version": 0.6,
  "global": {
    "const": {
      "AccessionNumber": "A004255",
      "AcquisitionMatrix": [82, 0, 0, 82],
      "AngioFlag": "N",
      "BitsAllocated": 16,
      "BitsStored": 16,
      "BodyPartExamined": "BRAIN",
      "Columns": 656,
      "EchoNumbers": 1,
      "EchoTime": 73.0,
      "EchoTrainLength": 82,
      "FlipAngle": 90.0,
      "HighBit": 15,
      "ImageOrientationPatient": [0.99973114331233, 0.00598351138296, 0.02240175624713, -0.0059326166871, 0.99997966945596, -0.00233767705],
      "ImagePositionPatient": [-874.4084488743, -899.4770304157, -94.273157997771],
      "ImageType": [
        "ORIGINAL",
        "PRIMARY",
        "M",
        "ND",
        "NORM",
        "MOSAIC"
],
      "ImagedNucleus": "1H",
      "ImagingFrequency": 123.252189,
      "InPlanePhaseEncodingDirection": "COL",
      "MRAcquisitionType": "2D",
      "MagneticFieldStrength": 3.0,
      "Manufacturer": "SIEMENS",
      "ManufacturerModelName": "Prisma",
      "Modality": "MR",
      "NumberOfAverages": 1.0,
      "NumberOfPhaseEncodingSteps": 82,
      "PercentPhaseFieldOfView": 100.0,
      "PercentSampling": 100.0,
      "PerformedProcedureStepStartTime": "173526.660000",
      "PhotometricInterpretation": "MONOCHROME2",
      "PixelBandwidth": 3050.0,
      "PixelRepresentation": 0,
      "PixelSpacing": [2.6829268932343, 2.6829268932343],
      "ProtocolName": "fmap-epi_dir-ap_acq-mb8_run-01",
      "RepetitionTime": 7220.0,
      "Rows": 656,
      "SAR": 0.14166340068242,
      "SamplesPerPixel": 1,
      "ScanOptions": "FS",
      "ScanningSequence": "EP",
      "SequenceName": "epse2d1_82",
      "SequenceVariant": "SK",
      "SeriesDescription": "fmap-epi_dir-ap_acq-mb8_run-01",
      "SeriesNumber": 5,
      "SeriesTime": "174634.262000",
      "SliceLocation": -76.631704984924,
      "SliceThickness": 2.7000000476837,
      "SmallestImagePixelValue": 0,
      "SoftwareVersions": "syngo MR E11",
      "SpacingBetweenSlices": 2.6999999656675,
      "SpecificCharacterSet": "ISO_IR 100",
      "StudyID": "3",
      "StudyTime": "173526.607000",
      "TransmitCoilName": "Body",
      "VariableFlipAngleFlag": "N",
      "WindowCenterWidthExplanation": "Algo1"
    },
    "slices": {}
  },
  "time": {
    "samples": {
      "AcquisitionNumber": [1, 2],
      "AcquisitionTime": ["174622.727500", "174629.947500"],
      "ContentTime": ["174634.267000", "174634.273000"],
      "InstanceCreationTime": ["174634.267000", "174634.273000"],
      "InstanceNumber": [1, 2],
      "LargestImagePixelValue": [65499, 60759],
      "WindowCenter": [7347.0, 7324.0],
      "WindowWidth": [16036.0, 15995.0]
    },
    "slices": {}
  }
}