{
  "AcquisitionMatrixPE": 82,
  "AcquisitionNumber": 1,
  "AcquisitionTime": "14:31:8.725000",
  "BandwidthPerPixelPhaseEncode": 24.888,
  "BaseResolution": 82,
  "BodyPartExamined": "BRAIN",
  "ConsistencyInfo": "N4_VE11C_LATEST_20160120",
  "ConversionSoftware": "dcm2niix",
  "ConversionSoftwareVersion": "v1.0.20201102",
  "DerivedVendorReportedEchoSpacing": 0.00049,
  "DeviceSerialNumber": "66112",
  "DwellTime": 2e-06,
  "EchoTime": 0.0272,
  "EchoTrainLength": 82,
  "EffectiveEchoSpacing": 0.00049,
  "FlipAngle": 44,
  "ImageComments": "Single-band reference",
  "ImageOrientationPatientDICOM": [0.994351, -0.105525, 0.0114639, 0.100126, 0.968327, 0.228731],
  "ImageType": [
    "ORIGINAL",
    "PRIMARY",
    "M",
    "ND",
    "NORM",
    "MOSAIC"
],
  "ImagingFrequency": 123.252,
  "InPlanePhaseEncodingDirectionDICOM": "COL",
  "InstitutionAddress": "Maynard 3,Hanover,NH,US,03755",
  "InstitutionName": "Dartmouth College - PBS",
  "InstitutionalDepartmentName": "Department",
  "MRAcquisitionType": "2D",
  "MagneticFieldStrength": 3,
  "Manufacturer": "Siemens",
  "ManufacturersModelName": "Prisma",
  "Modality": "MR",
  "PartialFourier": 1,
  "PatientPosition": "HFS",
  "PercentPhaseFOV": 100,
  "PercentSampling": 100,
  "PhaseEncodingDirection": "j-",
  "PhaseEncodingSteps": 82,
  "PhaseResolution": 1,
  "PixelBandwidth": 3050,
  "ProcedureStepDescription": "Wager_Wager^1076_spacetop",
  "ProtocolName": "func_run-02_task-fractional_acq-ap-mb8",
  "PulseSequenceDetails": "%CustomerSeq%\\cmrr_mbep2d_bold",
  "ReceiveCoilActiveElements": "HEA;HEP",
  "ReceiveCoilName": "Head_32",
  "ReconMatrixPE": 82,
  "RepetitionTime": 0.46,
  "SAR": 0.0843285,
  "ScanOptions": "FS",
  "ScanningSequence": "EP",
  "SequenceName": "epfid2d1_82",
  "SequenceVariant": "SK\\SS",
  "SeriesDescription": "func_run-02_task-fractional_acq-ap-mb8_SBRef",
  "SeriesNumber": 17,
  "ShimSetting": [4169, -7757, -7227, 507, -33, -199, 19, 52],
  "SliceThickness": 2.7,
  "SliceTiming": [0, 0.0625, 0.125, 0.19, 0.2525, 0.315, 0.3775, 0.44, 0.5025, 0.565, 0.63, 0.6925, 0.755, 0.8175, 0.88, 0.9425, 1.005, 1.07, 1.1325, 1.195, 1.2575, 1.32, 1.3825, 1.445, 1.51, 1.5725, 1.635, 1.6975, 1.76, 1.8225, 1.885, 1.9475, 2.0125, 2.075, 2.1375, 2.2, 2.2625, 2.325, 2.3875, 2.4525, 2.515, 2.5775, 2.64, 2.7025, 2.765, 2.8275, 2.8925, 2.955, 3.0175, 3.08, 3.1425, 3.205, 3.2675, 3.3325, 3.395, 3.4575],
  "SoftwareVersions": "syngo MR E11",
  "SpacingBetweenSlices": 2.7,
  "StationName": "AWP66112",
  "TaskName": "fractional",
  "TotalReadoutTime": 0.03969,
  "TxRefAmp": 236.23,
  "WipMemBlock": "5a52fe2e-ae99-4a54-8326-a6cd669d551a||Sequence: R016 ve11c/master r/e634e98; Dec 19 2017 11:00:25 by eja",
  "dcmmeta_affine": [
    [-2.6677699089050293, 0.26863035559654236, 0.09514141082763672, 98.0754623413086],
    [0.2831149101257324, 2.5979502201080322, 0.610985517501831, -119.07257080078125],
    [0.030756810680031776, -0.6136684417724609, 2.628239870071411, -29.983766555786133],
    [0.0, 0.0, 0.0, 1.0]
],
  "dcmmeta_reorient_transform": [
    [0.0, -1.0, 0.0, 81.0],
    [1.0, 0.0, 0.0, 0.0],
    [0.0, 0.0, 1.0, 0.0],
    [0.0, 0.0, 0.0, 1.0]
],
  "dcmmeta_shape": [82, 82, 56],
  "dcmmeta_slice_dim": 2,
  "dcmmeta_version": 0.6,
  "global": {
    "const": {
      "AccessionNumber": "A003440",
      "AcquisitionMatrix": [82, 0, 0, 82],
      "AcquisitionNumber": 1,
      "AcquisitionTime": "143108.725000",
      "AngioFlag": "N",
      "BitsAllocated": 16,
      "BitsStored": 16,
      "BodyPartExamined": "BRAIN",
      "Columns": 656,
      "ContentTime": "143128.198000",
      "EchoNumbers": 1,
      "EchoTime": 27.2,
      "EchoTrainLength": 82,
      "FlipAngle": 44.0,
      "HighBit": 15,
      "ImageOrientationPatient": [0.99435060587339, -0.1055246490264, 0.01146390191366, 0.10012585642058, 0.96832688966234, 0.22873095031697],
      "ImagePositionPatient": [-962.58142055862, -755.71914061114, -264.64094903199],
      "ImageType": [
        "ORIGINAL",
        "PRIMARY",
        "M",
        "ND",
        "NORM",
        "MOSAIC"
],
      "ImagedNucleus": "1H",
      "ImagingFrequency": 123.252124,
      "InPlanePhaseEncodingDirection": "COL",
      "InstanceCreationTime": "143128.198000",
      "InstanceNumber": 1,
      "LargestImagePixelValue": 24507,
      "MRAcquisitionType": "2D",
      "MagneticFieldStrength": 3.0,
      "Manufacturer": "SIEMENS",
      "ManufacturerModelName": "Prisma",
      "Modality": "MR",
      "NumberOfAverages": 1.0,
      "NumberOfPhaseEncodingSteps": 82,
      "PercentPhaseFieldOfView": 100.0,
      "PercentSampling": 100.0,
      "PerformedProcedureStepStartTime": "130009.177000",
      "PhotometricInterpretation": "MONOCHROME2",
      "PixelBandwidth": 3050.0,
      "PixelRepresentation": 0,
      "PixelSpacing": [2.6829268932343, 2.6829268932343],
      "ProtocolName": "func_run-02_task-fractional_acq-ap-mb8",
      "RepetitionTime": 460.0,
      "Rows": 656,
      "SAR": 0.08432854583075,
      "SamplesPerPixel": 1,
      "ScanOptions": "FS",
      "ScanningSequence": "EP",
      "SequenceName": "epfid2d1_82",
      "SequenceVariant": [
        "SK",
        "SS"
],
      "SeriesDescription": "func_run-02_task-fractional_acq-ap-mb8_SBRef",
      "SeriesNumber": 17,
      "SeriesTime": "143128.193000",
      "SliceLocation": -52.67596574084,
      "SliceThickness": 2.7000000476837,
      "SmallestImagePixelValue": 0,
      "SoftwareVersions": "syngo MR E11",
      "SpacingBetweenSlices": 2.7000000622427,
      "SpecificCharacterSet": "ISO_IR 100",
      "StudyID": "4",
      "StudyTime": "130009.018000",
      "TransmitCoilName": "Body",
      "VariableFlipAngleFlag": "N",
      "WindowCenter": 5889.0,
      "WindowCenterWidthExplanation": "Algo1",
      "WindowWidth": 12739.0,
      "dBdt": 0.0},
    "slices": {}
  }
}