{
  "AcquisitionMatrixPE": 82,
  "AcquisitionNumber": 1,
  "AcquisitionTime": "15:36:59.557500",
  "BandwidthPerPixelPhaseEncode": 24.888,
  "BaseResolution": 82,
  "BodyPartExamined": "BRAIN",
  "ConsistencyInfo": "N4_VE11E_LATEST_20181129",
  "ConversionSoftware": "dcm2niix",
  "ConversionSoftwareVersion": "v1.0.20201102",
  "DerivedVendorReportedEchoSpacing": 0.00049,
  "DeviceSerialNumber": "66112",
  "DwellTime": 2e-06,
  "EchoTime": 0.0272,
  "EchoTrainLength": 82,
  "EffectiveEchoSpacing": 0.00049,
  "FlipAngle": 44,
  "ImageComments": "Unaliased MB8/PE3",
  "ImageOrientationPatientDICOM": [0.99591, 0.0857946, -0.0283298, -0.0741836, 0.955455, 0.28566],
  "ImageType": [
    "ORIGINAL",
    "PRIMARY",
    "M",
    "MB",
    "ND",
    "NORM",
    "MOSAIC"
],
  "ImagingFrequency": 123.252,
  "InPlanePhaseEncodingDirectionDICOM": "COL",
  "InstitutionAddress": "Maynard 3,Hanover,NH,US,03755",
  "InstitutionName": "Dartmouth College - PBS",
  "InstitutionalDepartmentName": "Department",
  "MRAcquisitionType": "2D",
  "MagneticFieldStrength": 3,
  "Manufacturer": "Siemens",
  "ManufacturersModelName": "Prisma",
  "Modality": "MR",
  "MultibandAccelerationFactor": 8,
  "PartialFourier": 1,
  "PatientPosition": "HFS",
  "PercentPhaseFOV": 100,
  "PercentSampling": 100,
  "PhaseEncodingDirection": "j-",
  "PhaseEncodingSteps": 82,
  "PhaseResolution": 1,
  "PixelBandwidth": 3050,
  "ProcedureStepDescription": "Wager_Wager^1076_spacetop",
  "ProtocolName": "func_run-02_task-alignvideo_acq-ap-mb8",
  "PulseSequenceDetails": "%CustomerSeq%\\cmrr_mbep2d_bold",
  "ReceiveCoilActiveElements": "HEA;HEP",
  "ReceiveCoilName": "Head_32",
  "ReconMatrixPE": 82,
  "RepetitionTime": 0.46,
  "SAR": 0.101058,
  "ScanOptions": "FS",
  "ScanningSequence": "EP",
  "SequenceName": "epfid2d1_82",
  "SequenceVariant": "SK\\SS",
  "SeriesDescription": "func_run-02_task-alignvideo_acq-ap-mb8",
  "SeriesNumber": 32,
  "ShimSetting": [4109, -7782, -7279, 589, -77, -73, -17, 125],
  "SliceThickness": 2.7,
  "SliceTiming": [0, 0.2525, 0.0625, 0.315, 0.125, 0.3775, 0.1875, 0, 0.2525, 0.0625, 0.315, 0.125, 0.3775, 0.1875, 0, 0.2525, 0.0625, 0.315, 0.125, 0.3775, 0.1875, 0, 0.2525, 0.0625, 0.315, 0.125, 0.3775, 0.1875, 0, 0.2525, 0.0625, 0.315, 0.125, 0.3775, 0.1875, 0, 0.2525, 0.0625, 0.315, 0.125, 0.3775, 0.1875, 0, 0.2525, 0.0625, 0.315, 0.125, 0.3775, 0.1875, 0, 0.2525, 0.0625, 0.315, 0.125, 0.3775, 0.1875],
  "SoftwareVersions": "syngo MR E11",
  "SpacingBetweenSlices": 2.7,
  "StationName": "AWP66112",
  "TaskName": "alignvideo",
  "TotalReadoutTime": 0.03969,
  "TxRefAmp": 251.595,
  "WipMemBlock": "f2feeda7-4dfa-439a-b166-2381d291cea7||Sequence: R016 ve11e/master r/434b28f1; Aug  7 2019 18:53:46 by eja",
  "dcmmeta_affine": [
    [-2.6719536781311035, -0.19902923703193665, -0.13925491273403168, 126.26150512695312],
    [-0.2301805466413498, 2.5634171962738037, 0.7624527215957642, -94.32357025146484],
    [-0.0760066881775856, -0.7664045095443726, 2.5863630771636963, -25.257715225219727],
    [0.0, 0.0, 0.0, 1.0]
],
  "dcmmeta_reorient_transform": [
    [0.0, -1.0, 0.0, 81.0],
    [1.0, 0.0, 0.0, 0.0],
    [0.0, 0.0, 1.0, 0.0],
    [0.0, 0.0, 0.0, 1.0]
],
  "dcmmeta_shape": [82, 82, 56, 926],
  "dcmmeta_slice_dim": 2,
  "dcmmeta_version": 0.6,
  "global": {
    "const": {
      "AccessionNumber": "A003957",
      "AcquisitionMatrix": [82, 0, 0, 82],
      "AngioFlag": "N",
      "BitsAllocated": 16,
      "BitsStored": 16,
      "BodyPartExamined": "BRAIN",
      "Columns": 656,
      "EchoNumbers": 1,
      "EchoTime": 27.2,
      "EchoTrainLength": 82,
      "FlipAngle": 44.0,
      "HighBit": 15,
      "ImageOrientationPatient": [0.99590999467195, 0.08579456271216, -0.028329763881, -0.0741836225152, 0.95545550979296, 0.28565986584888],
      "ImagePositionPatient": [-819.86946144042, -915.07580720079, -285.48066557144],
      "ImageType": [
        "ORIGINAL",
        "PRIMARY",
        "M",
        "MB",
        "ND",
        "NORM",
        "MOSAIC"
],
      "ImagedNucleus": "1H",
      "ImagingFrequency": 123.2522,
      "InPlanePhaseEncodingDirection": "COL",
      "MRAcquisitionType": "2D",
      "MagneticFieldStrength": 3.0,
      "Manufacturer": "SIEMENS",
      "ManufacturerModelName": "Prisma",
      "Modality": "MR",
      "NumberOfAverages": 1.0,
      "NumberOfPhaseEncodingSteps": 82,
      "PercentPhaseFieldOfView": 100.0,
      "PercentSampling": 100.0,
      "PerformedProcedureStepStartTime": "140618.542000",
      "PhotometricInterpretation": "MONOCHROME2",
      "PixelBandwidth": 3050.0,
      "PixelRepresentation": 0,
      "PixelSpacing": [2.6829268932343, 2.6829268932343],
      "ProtocolName": "func_run-02_task-alignvideo_acq-ap-mb8",
      "RepetitionTime": 460.0,
      "Rows": 656,
      "SAR": 0.10105818810149,
      "SamplesPerPixel": 1,
      "ScanOptions": "FS",
      "ScanningSequence": "EP",
      "SequenceName": "epfid2d1_82",
      "SequenceVariant": [
        "SK",
        "SS"
],
      "SeriesDescription": "func_run-02_task-alignvideo_acq-ap-mb8",
      "SeriesNumber": 32,
      "SeriesTime": "153710.739000",
      "SliceLocation": -57.342748018387,
      "SliceThickness": 2.7000000476837,
      "SmallestImagePixelValue": 0,
      "SoftwareVersions": "syngo MR E11",
      "SpacingBetweenSlices": 2.6999999449554,
      "SpecificCharacterSet": "ISO_IR 100",
      "StudyID": "1",
      "StudyTime": "140618.484000",
      "TransmitCoilName": "Body",
      "VariableFlipAngleFlag": "N",
      "WindowCenterWidthExplanation": "Algo1"
    },
