{
  "AcquisitionMatrixPE": 320,
  "AcquisitionNumber": 1,
  "AcquisitionTime": "09:09:57.085000",
  "BaseResolution": 320,
  "BodyPartExamined": "BRAIN",
  "ConsistencyInfo": "N4_VE11E_LATEST_20181129",
  "ConversionSoftware": "dcm2niix",
  "ConversionSoftwareVersion": "v1.0.20201102",
  "DeviceSerialNumber": "66112",
  "DwellTime": 6.5e-06,
  "EchoTime": 0.00211,
  "FlipAngle": 8,
  "ImageOrientationPatientDICOM": [-0.0279079, 0.999171, 0.0296407, 0.040712, 0.0307638, -0.998697],
  "ImageType": [
    "ORIGINAL",
    "PRIMARY",
    "M",
    "ND",
    "NORM"
],
  "ImagingFrequency": 123.259,
  "InPlanePhaseEncodingDirectionDICOM": "ROW",
  "InstitutionAddress": "Maynard 3,Hanover,NH,US,03755",
  "InstitutionName": "Dartmouth College - PBS",
  "InstitutionalDepartmentName": "Department",
  "InversionTime": 1,
  "MRAcquisitionType": "3D",
  "MagneticFieldStrength": 3,
  "Manufacturer": "Siemens",
  "ManufacturersModelName": "Prisma",
  "Modality": "MR",
  "ParallelReductionFactorInPlane": 3,
  "PartialFourier": 1,
  "PatientPosition": "HFS",
  "PercentPhaseFOV": 100,
  "PercentSampling": 100,
  "PhaseEncodingSteps": 320,
  "PhaseResolution": 1,
  "PixelBandwidth": 240,
  "ProcedureStepDescription": "Wager_Wager^1076_spacetop",
  "ProtocolName": "anat-T1w_acq-MPRAGE-p3-08mm",
  "PulseSequenceDetails": "%SiemensSeq%\\tfl",
  "ReceiveCoilActiveElements": "HEA;HEP",
  "ReceiveCoilName": "Head_32",
  "ReconMatrixPE": 320,
  "RefLinesPE": 32,
  "RepetitionTime": 2,
  "SAR": 0.0472271,
  "ScanOptions": "IR\\WE",
  "ScanningSequence": "GR\\IR",
  "SequenceName": "*tfl3d1_16ns",
  "SequenceVariant": "SK\\SP\\MP",
  "SeriesDescription": "anat-T1w_acq-MPRAGE-p3-08mm",
  "SeriesNumber": 5,
  "ShimSetting": [4206, -7752, -7257, -275, -88, -224, 100, 82],
  "SliceThickness": 0.8,
  "SoftwareVersions": "syngo MR E11",
  "StationName": "AWP66112",
  "TxRefAmp": 234.918,
  "dcmmeta_affine": [
    [0.7990248799324036, -0.02232634648680687, 0.03256957232952118, -86.79239654541016],
    [0.021331874653697014, 0.7993367910385132, 0.024611005559563637, -113.5501937866211],
    [-0.03322941064834595, -0.02371254377067089, 0.7989577651023865, -155.4326629638672],
    [0.0, 0.0, 0.0, 1.0]
],
  "dcmmeta_reorient_transform": [
    [0.0, 0.0, -1.0, 319.0],
    [0.0, -1.0, 0.0, 319.0],
    [-1.0, 0.0, 0.0, 223.0],
    [0.0, 0.0, 0.0, 1.0]
],
  "dcmmeta_shape": [224, 320, 320],
  "dcmmeta_slice_dim": 0,
  "dcmmeta_version": 0.6,
  "global": {
    "const": {
      "AccessionNumber": "A004511",
      "AcquisitionMatrix": [0, 320, 320, 0],
      "AcquisitionNumber": 1,
      "AcquisitionTime": "090957.085000",
      "AngioFlag": "N",
      "BitsAllocated": 16,
      "BitsStored": 12,
      "BodyPartExamined": "BRAIN",
      "Columns": 320,
      "EchoNumbers": 1,
      "EchoTime": 2.11,
      "EchoTrainLength": 1,
      "FlipAngle": 8.0,
      "HighBit": 11,
      "ImageOrientationPatient": [-0.0279079324934, 0.99917094504484, 0.02964067951572, 0.0407119631925, 0.03076375564968, -0.9986972150714],
      "ImageType": [
        "ORIGINAL",
        "PRIMARY",
        "M",
        "ND",
        "NORM"
],
      "ImagedNucleus": "1H",
      "ImagingFrequency": 123.259102,
      "InPlanePhaseEncodingDirection": "ROW",
      "InversionTime": 1000.0,
      "MRAcquisitionType": "3D",
      "MagneticFieldStrength": 3.0,
      "Manufacturer": "SIEMENS",
      "ManufacturerModelName": "Prisma",
      "Modality": "MR",
      "NumberOfAverages": 1.0,
      "NumberOfPhaseEncodingSteps": 320,
      "PercentPhaseFieldOfView": 100.0,
      "PercentSampling": 100.0,
      "PerformedProcedureStepStartTime": "085829.463000",
      "PhotometricInterpretation": "MONOCHROME2",
      "PixelBandwidth": 240.0,
      "PixelRepresentation": 0,
      "PixelSpacing": [0.80000001192093, 0.80000001192093],
      "ProtocolName": "anat-T1w_acq-MPRAGE-p3-08mm",
      "RepetitionTime": 2000.0,
      "Rows": 320,
      "SAR": 0.04722709570572,
      "SamplesPerPixel": 1,
      "ScanOptions": [
        "IR",
        "WE"
],
      "ScanningSequence": [
        "GR",
        "IR"
],
      "SequenceName": "*tfl3d1_16ns",
      "SequenceVariant": [
        "SK",
        "SP",
        "MP"
],
      "SeriesDescription": "anat-T1w_acq-MPRAGE-p3-08mm",
      "SeriesNumber": 5,
      "SeriesTime": "091423.372000",
      "SliceThickness": 0.80000001192093,
      "SmallestImagePixelValue": 0,
      "SoftwareVersions": "syngo MR E11",
      "SpecificCharacterSet": "ISO_IR 100",
      "StudyID": "1",
      "StudyTime": "085829.306000",
      "TransmitCoilName": "Body",
      "VariableFlipAngleFlag": "N",
      "WindowCenterWidthExplanation": "Algo1"
    },
