{
  "AcquisitionMatrixPE": 82,
  "AcquisitionNumber": 1,
  "AcquisitionTime": "10:07:6.002500",
  "BandwidthPerPixelPhaseEncode": 24.888,
  "BaseResolution": 82,
  "BodyPartExamined": "BRAIN",
  "ConsistencyInfo": "N4_VE11C_LATEST_20160120",
  "ConversionSoftware": "dcm2niix",
  "ConversionSoftwareVersion": "v1.0.20201102",
  "DerivedVendorReportedEchoSpacing": 0.00049,
  "DeviceSerialNumber": "66112",
  "DwellTime": 2e-06,
  "EchoTime": 0.0272,
  "EchoTrainLength": 82,
  "EffectiveEchoSpacing": 0.00049,
  "FlipAngle": 44,
  "ImageComments": "Single-band reference",
  "ImageOrientationPatientDICOM": [0.995306, -0.0321507, 0.0912771, 0.00990197, 0.972084, 0.234426],
  "ImageType": [
    "ORIGINAL",
    "PRIMARY",
    "M",
    "ND",
    "NORM",
    "MOSAIC"
],
  "ImagingFrequency": 123.252,
  "InPlanePhaseEncodingDirectionDICOM": "COL",
  "InstitutionAddress": "Maynard 3,Hanover,NH,US,03755",
  "InstitutionName": "Dartmouth College - PBS",
  "InstitutionalDepartmentName": "Department",
  "MRAcquisitionType": "2D",
  "MagneticFieldStrength": 3,
  "Manufacturer": "Siemens",
  "ManufacturersModelName": "Prisma",
  "Modality": "MR",
  "PartialFourier": 1,
  "PatientPosition": "HFS",
  "PercentPhaseFOV": 100,
  "PercentSampling": 100,
  "PhaseEncodingDirection": "j-",
  "PhaseEncodingSteps": 82,
  "PhaseResolution": 1,
  "PixelBandwidth": 3050,
  "ProcedureStepDescription": "Wager_Wager^1076_spacetop",
  "ProtocolName": "func_run-03_task-social_acq-ap-mb8",
  "PulseSequenceDetails": "%CustomerSeq%\\cmrr_mbep2d_bold",
  "ReceiveCoilActiveElements": "HEA;HEP",
  "ReceiveCoilName": "Head_32",
  "ReconMatrixPE": 82,
  "RepetitionTime": 0.46,
  "SAR": 0.0712836,
  "ScanOptions": "FS",
  "ScanningSequence": "EP",
  "SequenceName": "epfid2d1_82",
  "SequenceVariant": "SK\\SS",
  "SeriesDescription": "func_run-03_task-social_acq-ap-mb8_SBRef",
  "SeriesNumber": 15,
  "ShimSetting": [4156, -7784, -7285, 498, -89, -320, 40, 71],
  "SliceThickness": 2.7,
  "SliceTiming": [0, 0.0625, 0.1275, 0.19, 0.2525, 0.315, 0.3775, 0.44, 0.5025, 0.5675, 0.63, 0.6925, 0.755, 0.8175, 0.88, 0.9425, 1.0075, 1.07, 1.1325, 1.195, 1.2575, 1.32, 1.3825, 1.4475, 1.51, 1.5725, 1.635, 1.6975, 1.76, 1.8225, 1.8875, 1.95, 2.0125, 2.075, 2.1375, 2.2, 2.2625, 2.3275, 2.39, 2.4525, 2.515, 2.5775, 2.64, 2.7025, 2.765, 2.83, 2.8925, 2.955, 3.0175, 3.08, 3.1425, 3.205, 3.27, 3.3325, 3.395, 3.4575],
  "SoftwareVersions": "syngo MR E11",
  "SpacingBetweenSlices": 2.7,
  "StationName": "AWP66112",
  "TaskName": "social",
  "TotalReadoutTime": 0.03969,
  "TxRefAmp": 233.707,
  "WipMemBlock": "e6ac3758-07a3-4009-b221-a97c8d4016de||Sequence: R016 ve11c/master r/e634e98; Dec 19 2017 11:00:25 by eja",
  "dcmmeta_affine": [
    [-2.6703343391418457, 0.0265662744641304, 0.2599179148674011, 109.67444610595703],
    [0.08625806123018265, 2.6080291271209717, 0.6275385618209839, -108.73139190673828],
    [0.24488967657089233, -0.6289473176002502, 2.613166332244873, -43.26124572753906],
    [0.0, 0.0, 0.0, 1.0]
],
  "dcmmeta_reorient_transform": [
    [0.0, -1.0, 0.0, 81.0],
    [1.0, 0.0, 0.0, 0.0],
    [0.0, 0.0, 1.0, 0.0],
    [0.0, 0.0, 0.0, 1.0]
],
  "dcmmeta_shape": [82, 82, 56],
  "dcmmeta_slice_dim": 2,
  "dcmmeta_version": 0.6,
  "global": {
    "const": {
      "AccessionNumber": "A003466",
      "AcquisitionMatrix": [82, 0, 0, 82],
      "AcquisitionNumber": 1,
      "AcquisitionTime": "100706.002500",
      "AngioFlag": "N",
      "BitsAllocated": 16,
      "BitsStored": 16,
      "BodyPartExamined": "BRAIN",
      "Columns": 656,
      "ContentTime": "100729.252000",
      "EchoNumbers": 1,
      "EchoTime": 27.2,
      "EchoTrainLength": 82,
      "FlipAngle": 44.0,
      "HighBit": 15,
      "ImageOrientationPatient": [0.99530639934538, -0.0321507309751, 0.09127706130184, 0.00990197474341, 0.97208358236329, 0.23442580872408],
      "ImagePositionPatient": [-885.83678060044, -826.26728459019, -344.9971945657],
      "ImageType": [
        "ORIGINAL",
        "PRIMARY",
        "M",
        "ND",
        "NORM",
        "MOSAIC"
],
      "ImagedNucleus": "1H",
      "ImagingFrequency": 123.252132,
      "InPlanePhaseEncodingDirection": "COL",
      "InstanceCreationTime": "100729.252000",
      "InstanceNumber": 1,
      "LargestImagePixelValue": 25065,
      "MRAcquisitionType": "2D",
      "MagneticFieldStrength": 3.0,
      "Manufacturer": "SIEMENS",
      "ManufacturerModelName": "Prisma",
      "Modality": "MR",
      "NumberOfAverages": 1.0,
      "NumberOfPhaseEncodingSteps": 82,
      "PercentPhaseFieldOfView": 100.0,
      "PercentSampling": 100.0,
      "PerformedProcedureStepStartTime": "085422.745000",
      "PhotometricInterpretation": "MONOCHROME2",
      "PixelBandwidth": 3050.0,
      "PixelRepresentation": 0,
      "PixelSpacing": [2.6829268932343, 2.6829268932343],
      "ProtocolName": "func_run-03_task-social_acq-ap-mb8",
      "RepetitionTime": 460.0,
      "Rows": 656,
      "SAR": 0.07128360078537,
      "SamplesPerPixel": 1,
      "ScanOptions": "FS",
      "ScanningSequence": "EP",
      "SequenceName": "epfid2d1_82",
      "SequenceVariant": [
        "SK",
        "SS"
],
      "SeriesDescription": "func_run-03_task-social_acq-ap-mb8_SBRef",
      "SeriesNumber": 15,
      "SeriesTime": "100729.248000",
      "SliceLocation": -56.583562474136,
      "SliceThickness": 2.7000000476837,
      "SmallestImagePixelValue": 0,
      "SoftwareVersions": "syngo MR E11",
      "SpacingBetweenSlices": 2.6999999700596,
      "SpecificCharacterSet": "ISO_IR 100",
      "StudyID": "1",
      "StudyTime": "085422.620000",
      "TransmitCoilName": "Body",
      "VariableFlipAngleFlag": "N",
      "WindowCenter": 6705.0,
      "WindowCenterWidthExplanation": "Algo1",
      "WindowWidth": 14283.0,
      "dBdt": 0.0},
    "slices": {}
  }
}