{
  "AcquisitionMatrixPE": 82,
  "AcquisitionNumber": 1,
  "AcquisitionTime": "21:09:41.245000",
  "BandwidthPerPixelPhaseEncode": 24.888,
  "BaseResolution": 82,
  "BodyPartExamined": "BRAIN",
  "ConsistencyInfo": "N4_VE11E_LATEST_20181129",
  "ConversionSoftware": "dcm2niix",
  "ConversionSoftwareVersion": "v1.0.20201102",
  "DerivedVendorReportedEchoSpacing": 0.00049,
  "DeviceSerialNumber": "66112",
  "DwellTime": 2e-06,
  "EchoTime": 0.0272,
  "EchoTrainLength": 82,
  "EffectiveEchoSpacing": 0.00049,
  "FlipAngle": 44,
  "ImageComments": "Single-band reference",
  "ImageOrientationPatientDICOM": [0.999796, 0.0162727, -0.011966, -0.017277, 0.995858, -0.0892672],
  "ImageType": [
    "ORIGINAL",
    "PRIMARY",
    "M",
    "ND",
    "NORM",
    "MOSAIC"
],
  "ImagingFrequency": 123.259,
  "InPlanePhaseEncodingDirectionDICOM": "COL",
  "InstitutionAddress": "Maynard 3,Hanover,NH,US,03755",
  "InstitutionName": "Dartmouth College - PBS",
  "InstitutionalDepartmentName": "Department",
  "MRAcquisitionType": "2D",
  "MagneticFieldStrength": 3,
  "Manufacturer": "Siemens",
  "ManufacturersModelName": "Prisma",
  "Modality": "MR",
  "PartialFourier": 1,
  "PatientPosition": "HFS",
  "PercentPhaseFOV": 100,
  "PercentSampling": 100,
  "PhaseEncodingDirection": "j-",
  "PhaseEncodingSteps": 82,
  "PhaseResolution": 1,
  "PixelBandwidth": 3050,
  "ProcedureStepDescription": "Wager_Wager^1076_spacetop",
  "ProtocolName": "func_run-03_task-faces_acq-ap-mb8",
  "PulseSequenceDetails": "%CustomerSeq%\\cmrr_mbep2d_bold",
  "ReceiveCoilActiveElements": "HEA;HEP",
  "ReceiveCoilName": "Head_32",
  "ReconMatrixPE": 82,
  "RepetitionTime": 0.46,
  "SAR": 0.0980151,
  "ScanOptions": "FS",
  "ScanningSequence": "EP",
  "SequenceName": "epfid2d1_82",
  "SequenceVariant": "SK\\SS",
  "SeriesDescription": "func_run-03_task-faces_acq-ap-mb8_SBRef",
  "SeriesNumber": 23,
  "ShimSetting": [4222, -7760, -7253, 117, -143, -142, -138, 61],
  "SliceThickness": 2.7,
  "SliceTiming": [0, 0.0625, 0.125, 0.1875, 0.25, 0.3125, 0.3775, 0.44, 0.5025, 0.565, 0.6275, 0.69, 0.7525, 0.8175, 0.88, 0.9425, 1.005, 1.0675, 1.13, 1.1925, 1.2575, 1.32, 1.3825, 1.445, 1.5075, 1.57, 1.6325, 1.6975, 1.76, 1.8225, 1.885, 1.9475, 2.01, 2.0725, 2.1375, 2.2, 2.2625, 2.325, 2.3875, 2.45, 2.5125, 2.5775, 2.64, 2.7025, 2.765, 2.8275, 2.89, 2.9525, 3.0175, 3.08, 3.1425, 3.205, 3.2675, 3.33, 3.3925, 3.455],
  "SoftwareVersions": "syngo MR E11",
  "SpacingBetweenSlices": 2.7,
  "StationName": "AWP66112",
  "TaskName": "faces",
  "TotalReadoutTime": 0.03969,
  "TxRefAmp": 294.696,
  "WipMemBlock": "1997adfd-660f-47f3-83d8-aec78d256844||Sequence: R016 ve11e/master r/434b28f1; Aug  7 2019 18:53:46 by eja",
  "dcmmeta_affine": [
    [-2.6823794841766357, -0.04635284096002579, -0.028252320364117622, 112.27888488769531],
    [-0.04365839809179306, 2.671813726425171, -0.24153044819831848, -85.49154663085938],
    [-0.03210391104221344, 0.2394973635673523, 2.6890265941619873, -108.26502990722656],
    [0.0, 0.0, 0.0, 1.0]
],
  "dcmmeta_reorient_transform": [
    [0.0, -1.0, 0.0, 81.0],
    [1.0, 0.0, 0.0, 0.0],
    [0.0, 0.0, 1.0, 0.0],
    [0.0, 0.0, 0.0, 1.0]
],
  "dcmmeta_shape": [82, 82, 56],
  "dcmmeta_slice_dim": 2,
  "dcmmeta_version": 0.6,
  "global": {
    "const": {
      "AccessionNumber": "A004803",
      "AcquisitionMatrix": [82, 0, 0, 82],
      "AcquisitionNumber": 1,
      "AcquisitionTime": "210941.245000",
      "AngioFlag": "N",
      "BitsAllocated": 16,
      "BitsStored": 16,
      "BodyPartExamined": "BRAIN",
      "Columns": 656,
      "ContentTime": "211014.407000",
      "EchoNumbers": 1,
      "EchoTime": 27.2,
      "EchoTrainLength": 82,
      "FlipAngle": 44.0,
      "HighBit": 15,
      "ImageOrientationPatient": [0.99979598659292, 0.01627267501415, -0.0119660035339, -0.0172769676424, 0.99585785807087, -0.0892671995057],
      "ImagePositionPatient": [-865.06396652949, -910.26589949017, -10.916175380469],
      "ImageType": [
        "ORIGINAL",
        "PRIMARY",
        "M",
        "ND",
        "NORM",
        "MOSAIC"
],
      "ImagedNucleus": "1H",
      "ImagingFrequency": 123.259097,
      "InPlanePhaseEncodingDirection": "COL",
      "InstanceCreationTime": "211014.407000",
      "InstanceNumber": 1,
      "LargestImagePixelValue": 18186,
      "MRAcquisitionType": "2D",
      "MagneticFieldStrength": 3.0,
      "Manufacturer": "SIEMENS",
      "ManufacturerModelName": "Prisma",
      "Modality": "MR",
      "NumberOfAverages": 1.0,
      "NumberOfPhaseEncodingSteps": 82,
      "PercentPhaseFieldOfView": 100.0,
      "PercentSampling": 100.0,
      "PerformedProcedureStepStartTime": "194143.364000",
      "PhotometricInterpretation": "MONOCHROME2",
      "PixelBandwidth": 3050.0,
      "PixelRepresentation": 0,
      "PixelSpacing": [2.6829268932343, 2.6829268932343],
      "ProtocolName": "func_run-03_task-faces_acq-ap-mb8",
      "RepetitionTime": 460.0,
      "Rows": 656,
      "SAR": 0.09801513775153,
      "SamplesPerPixel": 1,
      "ScanOptions": "FS",
      "ScanningSequence": "EP",
      "SequenceName": "epfid2d1_82",
      "SequenceVariant": [
        "SK",
        "SS"
],
      "SeriesDescription": "func_run-03_task-faces_acq-ap-mb8_SBRef",
      "SeriesNumber": 23,
      "SeriesTime": "211014.404000",
      "SliceLocation": -101.3521811502,
      "SliceThickness": 2.7000000476837,
      "SmallestImagePixelValue": 0,
      "SoftwareVersions": "syngo MR E11",
      "SpacingBetweenSlices": 2.699999965884,
      "SpecificCharacterSet": "ISO_IR 100",
      "StudyID": "1",
      "StudyTime": "194143.304000",
      "TransmitCoilName": "Body",
      "VariableFlipAngleFlag": "N",
      "WindowCenter": 6208.0,
      "WindowCenterWidthExplanation": "Algo1",
      "WindowWidth": 13417.0},
    "slices": {}
  }
}