{
  "AcquisitionMatrixPE": 82,
  "AcquisitionNumber": 1,
  "AcquisitionTime": "17:45:6.532500",
  "BandwidthPerPixelPhaseEncode": 24.888,
  "BaseResolution": 82,
  "BodyPartExamined": "BRAIN",
  "ConsistencyInfo": "N4_VE11E_LATEST_20181129",
  "ConversionSoftware": "dcm2niix",
  "ConversionSoftwareVersion": "v1.0.20201102",
  "DerivedVendorReportedEchoSpacing": 0.00049,
  "DeviceSerialNumber": "66112",
  "DwellTime": 2e-06,
  "EchoTime": 0.0272,
  "EchoTrainLength": 82,
  "EffectiveEchoSpacing": 0.00049,
  "FlipAngle": 44,
  "ImageComments": "Single-band reference",
  "ImageOrientationPatientDICOM": [0.998441, 0.0260561, 0.0493565, -0.0184738, 0.988773, -0.148281],
  "ImageType": [
    "ORIGINAL",
    "PRIMARY",
    "M",
    "ND",
    "NORM",
    "MOSAIC"
],
  "ImagingFrequency": 123.259,
  "InPlanePhaseEncodingDirectionDICOM": "COL",
  "InstitutionAddress": "Maynard 3,Hanover,NH,US,03755",
  "InstitutionName": "Dartmouth College - PBS",
  "InstitutionalDepartmentName": "Department",
  "MRAcquisitionType": "2D",
  "MagneticFieldStrength": 3,
  "Manufacturer": "Siemens",
  "ManufacturersModelName": "Prisma",
  "Modality": "MR",
  "PartialFourier": 1,
  "PatientPosition": "HFS",
  "PercentPhaseFOV": 100,
  "PercentSampling": 100,
  "PhaseEncodingDirection": "j-",
  "PhaseEncodingSteps": 82,
  "PhaseResolution": 1,
  "PixelBandwidth": 3050,
  "ProcedureStepDescription": "Wager_Wager^1076_spacetop",
  "ProtocolName": "func_run-01_task-alignvideo_acq-ap-mb8",
  "PulseSequenceDetails": "%CustomerSeq%\\cmrr_mbep2d_bold",
  "ReceiveCoilActiveElements": "HEA;HEP",
  "ReceiveCoilName": "Head_32",
  "ReconMatrixPE": 82,
  "RepetitionTime": 0.46,
  "SAR": 0.102441,
  "ScanOptions": "FS",
  "ScanningSequence": "EP",
  "SequenceName": "epfid2d1_82",
  "SequenceVariant": "SK\\SS",
  "SeriesDescription": "func_run-01_task-alignvideo_acq-ap-mb8_SBRef",
  "SeriesNumber": 29,
  "ShimSetting": [4214, -7783, -7151, 453, -155, -112, 70, 53],
  "SliceThickness": 2.7,
  "SliceTiming": [0, 0.0625, 0.125, 0.1875, 0.25, 0.3125, 0.3775, 0.44, 0.5025, 0.565, 0.6275, 0.69, 0.7525, 0.8175, 0.88, 0.9425, 1.005, 1.0675, 1.13, 1.1925, 1.2575, 1.32, 1.3825, 1.445, 1.5075, 1.57, 1.6325, 1.695, 1.76, 1.8225, 1.885, 1.9475, 2.01, 2.0725, 2.135, 2.2, 2.2625, 2.325, 2.3875, 2.45, 2.5125, 2.575, 2.64, 2.7025, 2.765, 2.8275, 2.89, 2.9525, 3.015, 3.08, 3.1425, 3.205, 3.2675, 3.33, 3.3925, 3.455],
  "SoftwareVersions": "syngo MR E11",
  "SpacingBetweenSlices": 2.7,
  "StationName": "AWP66112",
  "TaskName": "alignvideo",
  "TotalReadoutTime": 0.03969,
  "TxRefAmp": 249.882,
  "WipMemBlock": "145a9a00-3299-4f40-98f2-84bb82188381||Sequence: R016 ve11e/master r/434b28f1; Aug  7 2019 18:53:46 by eja",
  "dcmmeta_affine": [
    [-2.6787450313568115, -0.04956374689936638, 0.14219820499420166, 110.46066284179688],
    [-0.06990665197372437, 2.6528050899505615, -0.39727163314819336, -89.05139923095703],
    [0.13241994380950928, 0.3978259265422821, 2.6668248176574707, -73.25406646728516],
    [0.0, 0.0, 0.0, 1.0]
],
  "dcmmeta_reorient_transform": [
    [0.0, -1.0, 0.0, 81.0],
    [1.0, 0.0, 0.0, 0.0],
    [0.0, 0.0, 1.0, 0.0],
    [0.0, 0.0, 0.0, 1.0]
],
  "dcmmeta_shape": [82, 82, 56],
  "dcmmeta_slice_dim": 2,
  "dcmmeta_version": 0.6,
  "global": {
    "const": {
      "AccessionNumber": "A004796",
      "AcquisitionMatrix": [82, 0, 0, 82],
      "AcquisitionNumber": 1,
      "AcquisitionTime": "174506.532500",
      "AngioFlag": "N",
      "BitsAllocated": 16,
      "BitsStored": 16,
      "BodyPartExamined": "BRAIN",
      "Columns": 656,
      "ContentTime": "174538.806000",
      "EchoNumbers": 1,
      "EchoTime": 27.2,
      "EchoTrainLength": 82,
      "FlipAngle": 44.0,
      "HighBit": 15,
      "ImageOrientationPatient": [0.99844129131795, 0.02605611564091, 0.04935652569871, -0.0184737593433, 0.98877277170906, -0.1482805656265],
      "ImagePositionPatient": [-861.02101403728, -907.24407469014, 35.141345383339],
      "ImageType": [
        "ORIGINAL",
        "PRIMARY",
        "M",
        "ND",
        "NORM",
        "MOSAIC"
],
      "ImagedNucleus": "1H",
      "ImagingFrequency": 123.259047,
      "InPlanePhaseEncodingDirection": "COL",
      "InstanceCreationTime": "174538.806000",
      "InstanceNumber": 1,
      "LargestImagePixelValue": 21843,
      "MRAcquisitionType": "2D",
      "MagneticFieldStrength": 3.0,
      "Manufacturer": "SIEMENS",
      "ManufacturerModelName": "Prisma",
      "Modality": "MR",
      "NumberOfAverages": 1.0,
      "NumberOfPhaseEncodingSteps": 82,
      "PercentPhaseFieldOfView": 100.0,
      "PercentSampling": 100.0,
      "PerformedProcedureStepStartTime": "161103.935000",
      "PhotometricInterpretation": "MONOCHROME2",
      "PixelBandwidth": 3050.0,
      "PixelRepresentation": 0,
      "PixelSpacing": [2.6829268932343, 2.6829268932343],
      "ProtocolName": "func_run-01_task-alignvideo_acq-ap-mb8",
      "RepetitionTime": 460.0,
      "Rows": 656,
      "SAR": 0.10244070200897,
      "SamplesPerPixel": 1,
      "ScanOptions": "FS",
      "ScanningSequence": "EP",
      "SequenceName": "epfid2d1_82",
      "SequenceVariant": [
        "SK",
        "SS"
],
      "SeriesDescription": "func_run-01_task-alignvideo_acq-ap-mb8_SBRef",
      "SeriesNumber": 29,
      "SeriesTime": "174538.803000",
      "SliceLocation": -53.433653821922,
      "SliceThickness": 2.7000000476837,
      "SmallestImagePixelValue": 0,
      "SoftwareVersions": "syngo MR E11",
      "SpacingBetweenSlices": 2.7000000162986,
      "SpecificCharacterSet": "ISO_IR 100",
      "StudyID": "1",
      "StudyTime": "161103.865000",
      "TransmitCoilName": "Body",
      "VariableFlipAngleFlag": "N",
      "WindowCenter": 6399.0,
      "WindowCenterWidthExplanation": "Algo1",
      "WindowWidth": 13658.0},
    "slices": {}
  }
}