{
  "AcquisitionMatrixPE": 82,
  "AcquisitionNumber": 1,
  "AcquisitionTime": "10:19:41.342500",
  "BandwidthPerPixelPhaseEncode": 24.888,
  "BaseResolution": 82,
  "BodyPartExamined": "BRAIN",
  "ConsistencyInfo": "N4_VE11E_LATEST_20181129",
  "ConversionSoftware": "dcm2niix",
  "ConversionSoftwareVersion": "v1.0.20201102",
  "DerivedVendorReportedEchoSpacing": 0.00049,
  "DeviceSerialNumber": "66112",
  "DwellTime": 2e-06,
  "EchoTime": 0.073,
  "EchoTrainLength": 82,
  "EffectiveEchoSpacing": 0.00049,
  "FlipAngle": 90,
  "ImageOrientationPatientDICOM": [0.999071, 0.0309688, 0.0299609, -0.0266851, 0.990609, -0.134098],
  "ImageType": [
    "ORIGINAL",
    "PRIMARY",
    "M",
    "ND",
    "NORM",
    "MOSAIC"
],
  "ImagingFrequency": 123.259,
  "InPlanePhaseEncodingDirectionDICOM": "COL",
  "InstitutionAddress": "Maynard 3,Hanover,NH,US,03755",
  "InstitutionName": "Dartmouth College - PBS",
  "InstitutionalDepartmentName": "Department",
  "IntendedFor": [
    "ses-01/func/sub-0107_ses-01_task-alignvideo_acq-mb8_run-01_bold.nii.gz",
    "ses-01/func/sub-0107_ses-01_task-alignvideo_acq-mb8_run-02_bold.nii.gz",
    "ses-01/func/sub-0107_ses-01_task-alignvideo_acq-mb8_run-03_bold.nii.gz",
    "ses-01/func/sub-0107_ses-01_task-alignvideo_acq-mb8_run-04_bold.nii.gz"
],
  "MRAcquisitionType": "2D",
  "MagneticFieldStrength": 3,
  "Manufacturer": "Siemens",
  "ManufacturersModelName": "Prisma",
  "Modality": "MR",
  "PartialFourier": 1,
  "PatientPosition": "HFS",
  "PercentPhaseFOV": 100,
  "PercentSampling": 100,
  "PhaseEncodingDirection": "j",
  "PhaseEncodingSteps": 82,
  "PhaseResolution": 1,
  "PixelBandwidth": 3050,
  "ProcedureStepDescription": "Wager_Wager^1076_spacetop",
  "ProtocolName": "fmap-epi_dir-pa_acq-mb8_run-02",
  "PulseSequenceDetails": "%CustomerSeq%\\cmrr_mbep2d_se",
  "ReceiveCoilActiveElements": "HEA;HEP",
  "ReceiveCoilName": "Head_32",
  "ReconMatrixPE": 82,
  "RepetitionTime": 7.22,
  "SAR": 0.125239,
  "ScanOptions": "FS",
  "ScanningSequence": "EP",
  "SequenceName": "epse2d1_82",
  "SequenceVariant": "SK",
  "SeriesDescription": "fmap-epi_dir-pa_acq-mb8_run-02",
  "SeriesNumber": 30,
  "ShimSetting": [4221, -7752, -7287, 399, -131, -199, 38, 89],
  "SliceThickness": 2.7,
  "SliceTiming": [3.6, 0, 3.7275, 0.1275, 3.8575, 0.2575, 3.985, 0.385, 4.1125, 0.515, 4.2425, 0.6425, 4.37, 0.77, 4.5, 0.9, 4.6275, 1.0275, 4.7575, 1.1575, 4.885, 1.285, 5.0125, 1.415, 5.1425, 1.5425, 5.27, 1.67, 5.4, 1.8, 5.5275, 1.9275, 5.6575, 2.0575, 5.785, 2.185, 5.9125, 2.315, 6.0425, 2.4425, 6.17, 2.57, 6.3, 2.7, 6.4275, 2.8275, 6.5575, 2.9575, 6.685, 3.085, 6.8125, 3.215, 6.9425, 3.3425, 7.07, 3.47],
  "SoftwareVersions": "syngo MR E11",
  "SpacingBetweenSlices": 2.7,
  "StationName": "AWP66112",
  "TotalReadoutTime": 0.03969,
  "TxRefAmp": 234.918,
  "WipMemBlock": "616dc2fb-67c4-41fa-a8d6-852315004131||Sequence: R016 ve11e/master r/434b28f1; Aug  7 2019 19:20:16 by eja",
  "dcmmeta_affine": [
    [-2.6804349422454834, -0.07159408181905746, 0.09134746342897415, 115.61528778076172],
    [-0.08308708667755127, 2.6577305793762207, -0.35957029461860657, -90.09952545166016],
    [0.08038290590047836, 0.35977575182914734, 2.6743905544281006, -107.87345123291016],
    [0.0, 0.0, 0.0, 1.0]
],
  "dcmmeta_reorient_transform": [
    [0.0, -1.0, 0.0, 81.0],
    [1.0, 0.0, 0.0, 0.0],
    [0.0, 0.0, 1.0, 0.0],
    [0.0, 0.0, 0.0, 1.0]
],
  "dcmmeta_shape": [82, 82, 56, 2],
  "dcmmeta_slice_dim": 2,
  "dcmmeta_version": 0.6,
  "global": {
    "const": {
      "AccessionNumber": "A004511",
      "AcquisitionMatrix": [82, 0, 0, 82],
      "AngioFlag": "N",
      "BitsAllocated": 16,
      "BitsStored": 16,
      "BodyPartExamined": "BRAIN",
      "Columns": 656,
      "EchoNumbers": 1,
      "EchoTime": 73.0,
      "EchoTrainLength": 82,
      "FlipAngle": 90.0,
      "HighBit": 15,
      "ImageOrientationPatient": [0.99907120685508, 0.03096882313495, 0.02996090163489, -0.0266850661153, 0.99060868698963, -0.1340982345414],
      "ImagePositionPatient": [-858.55351273095, -911.7913614467, 1.4541333408125],
      "ImageType": [
        "ORIGINAL",
        "PRIMARY",
        "M",
        "ND",
        "NORM",
        "MOSAIC"
],
      "ImagedNucleus": "1H",
      "ImagingFrequency": 123.259124,
      "InPlanePhaseEncodingDirection": "COL",
      "MRAcquisitionType": "2D",
      "MagneticFieldStrength": 3.0,
      "Manufacturer": "SIEMENS",
      "ManufacturerModelName": "Prisma",
      "Modality": "MR",
      "NumberOfAverages": 1.0,
      "NumberOfPhaseEncodingSteps": 82,
      "PercentPhaseFieldOfView": 100.0,
      "PercentSampling": 100.0,
      "PerformedProcedureStepStartTime": "085829.463000",
      "PhotometricInterpretation": "MONOCHROME2",
      "PixelBandwidth": 3050.0,
      "PixelRepresentation": 0,
      "PixelSpacing": [2.6829268932343, 2.6829268932343],
      "ProtocolName": "fmap-epi_dir-pa_acq-mb8_run-02",
      "RepetitionTime": 7220.0,
      "Rows": 656,
      "SAR": 0.12523857929892,
      "SamplesPerPixel": 1,
      "ScanOptions": "FS",
      "ScanningSequence": "EP",
      "SequenceName": "epse2d1_82",
      "SequenceVariant": "SK",
      "SeriesDescription": "fmap-epi_dir-pa_acq-mb8_run-02",
      "SeriesNumber": 30,
      "SeriesTime": "101952.879000",
      "SliceLocation": -90.93980201372,
      "SliceThickness": 2.7000000476837,
      "SmallestImagePixelValue": 0,
      "SoftwareVersions": "syngo MR E11",
      "SpacingBetweenSlices": 2.7000000636024,
      "SpecificCharacterSet": "ISO_IR 100",
      "StudyID": "1",
      "StudyTime": "085829.306000",
      "TransmitCoilName": "Body",
      "VariableFlipAngleFlag": "N",
      "WindowCenterWidthExplanation": "Algo1"
    },
    "slices": {}
  },
  "time": {
    "samples": {
      "AcquisitionNumber": [1, 2],
      "AcquisitionTime": ["101941.342500", "101948.562500"],
      "ContentTime": ["101952.884000", "101952.887000"],
      "InstanceCreationTime": ["101952.884000", "101952.887000"],
      "InstanceNumber": [1, 2],
      "LargestImagePixelValue": [50064, 46961],
      "WindowCenter": [6398.0, 6390.0],
      "WindowWidth": [13946.0, 13949.0]
    },
    "slices": {}
  }
}