{
  "AcquisitionMatrixPE": 140,
  "AcquisitionNumber": 1,
  "AcquisitionTime": "13:37:45.215000",
  "BandwidthPerPixelPhaseEncode": 10.352,
  "BaseResolution": 140,
  "BodyPartExamined": "BRAIN",
  "ConsistencyInfo": "N4_VE11C_LATEST_20160120",
  "ConversionSoftware": "dcm2niix",
  "ConversionSoftwareVersion": "v1.0.20201102",
  "DerivedVendorReportedEchoSpacing": 0.000689998,
  "DeviceSerialNumber": "66112",
  "DiffusionScheme": "Monopolar",
  "DwellTime": 2.1e-06,
  "EchoTime": 0.088,
  "EchoTrainLength": 105,
  "EffectiveEchoSpacing": 0.000689998,
  "FlipAngle": 90,
  "ImageComments": "Unaliased MB3/PE3",
  "ImageOrientationPatientDICOM": [0.999229, -0.034574, -0.0185751, 0.0373386, 0.983231, 0.178499],
  "ImageType": [
    "ORIGINAL",
    "PRIMARY",
    "DIFFUSION",
    "NONE",
    "MB",
    "ND"
],
  "ImagingFrequency": 123.252,
  "InPlanePhaseEncodingDirectionDICOM": "COL",
  "InstitutionAddress": "Maynard 3,Hanover,NH,US,03755",
  "InstitutionName": "Dartmouth College - PBS",
  "InstitutionalDepartmentName": "Department",
  "IntendedFor": [
    "ses-01/dwi/sub-0044_ses-01_acq-96dirX6b0Xmb_dwi.nii.gz"
],
  "MRAcquisitionType": "2D",
  "MagneticFieldStrength": 3,
  "Manufacturer": "Siemens",
  "ManufacturersModelName": "Prisma",
  "Modality": "MR",
  "MultibandAccelerationFactor": 3,
  "PartialFourier": 0.75,
  "PatientPosition": "HFS",
  "PercentPhaseFOV": 100,
  "PercentSampling": 100,
  "PhaseEncodingDirection": "j",
  "PhaseEncodingSteps": 105,
  "PhaseResolution": 1,
  "PixelBandwidth": 1700,
  "ProcedureStepDescription": "Wager_Wager^1076_spacetop",
  "ProtocolName": "dwi_acq-discorr-PA",
  "PulseSequenceDetails": "%CustomerSeq%\\cmrr_mbep2d_diff",
  "ReceiveCoilActiveElements": "HEA;HEP",
  "ReceiveCoilName": "Head_32",
  "ReconMatrixPE": 140,
  "RepetitionTime": 4.1,
  "SAR": 0.158732,
  "ScanOptions": "PFP\\FS",
  "ScanningSequence": "EP",
  "SequenceName": "ep_b0",
  "SequenceVariant": "SK\\SS",
  "SeriesDescription": "dwi_acq-discorr-PA",
  "SeriesNumber": 6,
  "ShimSetting": [4145, -7704, -7260, 399, -32, -2, 63, 83],
  "SliceThickness": 1.7,
  "SliceTiming": [0, 2.10938, 0.15625, 2.26562, 0.29688, 2.40625, 0.45312, 2.5625, 0.59375, 2.71875, 0.75, 2.875, 0.90625, 3.01562, 1.04688, 3.17188, 1.20312, 3.32812, 1.35938, 3.46875, 1.51562, 3.625, 1.65625, 3.78125, 1.8125, 3.92188, 1.96875, 0, 2.10938, 0.15625, 2.26562, 0.29688, 2.40625, 0.45312, 2.5625, 0.59375, 2.71875, 0.75, 2.875, 0.90625, 3.01562, 1.04688, 3.17188, 1.20312, 3.32812, 1.35938, 3.46875, 1.51562, 3.625, 1.65625, 3.78125, 1.8125, 3.92188, 1.96875, 0, 2.10938, 0.15625, 2.26562, 0.29688, 2.40625, 0.45312, 2.5625, 0.59375, 2.71875, 0.75, 2.875, 0.90625, 3.01562, 1.04688, 3.17188, 1.20312, 3.32812, 1.35938, 3.46875, 1.51562, 3.625, 1.65625, 3.78125, 1.8125, 3.92188, 1.96875],
  "SoftwareVersions": "syngo MR E11",
  "SpacingBetweenSlices": 1.7,
  "StationName": "AWP66112",
  "TotalReadoutTime": 0.0959097,
  "TxRefAmp": 228.908,
  "WipMemBlock": "620b7092-10e8-430e-b3e8-68affe4fd6d2||Sequence: R016 ve11c/master r/e634e98; Dec 19 2017 11:11:25 by eja",
  "dcmmeta_affine": [
    [-1.7129648923873901, 0.06400905549526215, -0.02055668830871582, 119.63475036621094],
    [0.059269655495882034, 1.6855396032333374, 0.3043937683105469, -102.87293243408203],
    [-0.03184308111667633, -0.3059977889060974, 1.6724014282226562, -30.512781143188477],
    [0.0, 0.0, 0.0, 1.0]
],
  "dcmmeta_reorient_transform": [
    [0.0, -1.0, 0.0, 139.0],
    [1.0, 0.0, 0.0, 0.0],
    [0.0, 0.0, -1.0, 80.0],
    [0.0, 0.0, 0.0, 1.0]
],
  "dcmmeta_shape": [140, 140, 81],
  "dcmmeta_slice_dim": 2,
  "dcmmeta_version": 0.6,
  "global": {
    "const": {
      "AccessionNumber": "A003817",
      "AcquisitionMatrix": [140, 0, 0, 140],
      "AcquisitionNumber": 1,
      "AngioFlag": "N",
      "BitsAllocated": 16,
      "BitsStored": 16,
      "BodyPartExamined": "BRAIN",
      "Columns": 140,
      "EchoNumbers": 1,
      "EchoTime": 88.0,
      "EchoTrainLength": 105,
      "FlipAngle": 90.0,
      "HighBit": 15,
      "ImageOrientationPatient": [0.99922950586048, -0.0345739662328, -0.0185751305984, 0.0373386161844, 0.98323142650534, 0.17849871056594],
      "ImageType": [
        "ORIGINAL",
        "PRIMARY",
        "DIFFUSION",
        "NONE",
        "MB",
        "ND"
],
      "ImagedNucleus": "1H",
      "ImagingFrequency": 123.252226,
      "InPlanePhaseEncodingDirection": "COL",
      "MRAcquisitionType": "2D",
      "MagneticFieldStrength": 3.0,
      "Manufacturer": "SIEMENS",
      "ManufacturerModelName": "Prisma",
      "Modality": "MR",
      "NumberOfAverages": 1.0,
      "NumberOfPhaseEncodingSteps": 105,
      "PercentPhaseFieldOfView": 100.0,
      "PercentSampling": 100.0,
      "PerformedProcedureStepStartTime": "131335.708000",
      "PhotometricInterpretation": "MONOCHROME2",
      "PixelBandwidth": 1700.0,
      "PixelRepresentation": 0,
      "PixelSpacing": [1.7142857313156, 1.7142857313156],
      "ProtocolName": "dwi_acq-discorr-PA",
      "RepetitionTime": 4100.0,
      "Rows": 140,
      "SAR": 0.15873247686134,
      "SamplesPerPixel": 1,
      "ScanOptions": [
        "PFP",
        "FS"
],
      "ScanningSequence": "EP",
      "SequenceName": "ep_b0",
      "SequenceVariant": [
        "SK",
        "SS"
],
      "SeriesDescription": "dwi_acq-discorr-PA",
      "SeriesNumber": 6,
      "SeriesTime": "133750.282000",
      "SliceThickness": 1.7000000476837,
      "SmallestImagePixelValue": 0,
      "SoftwareVersions": "syngo MR E11",
      "SpacingBetweenSlices": 1.7,
      "SpecificCharacterSet": "ISO_IR 100",
      "StudyID": "1",
      "StudyTime": "131335.643000",
      "TransmitCoilName": "Body",
      "VariableFlipAngleFlag": "N",
      "WindowCenterWidthExplanation": "Algo1",
      "dBdt": 0.0},
